GIT
  remote: https://github.com/dryruby/ebnf
  revision: 80a11d12a4184e16c31fc388e10639106d2ec88f
  branch: develop
  specs:
    ebnf (2.1.1)
      htmlentities (~> 4.3)
      rdf (~> 3.1)
      scanf (~> 1.0)
      sxp (~> 1.1)

GIT
  remote: https://github.com/dryruby/sxp.rb
  revision: 25f5d813233a106404604fd392dae90524740a27
  branch: develop
  specs:
    sxp (1.1.0)
      rdf (~> 3.1)

GIT
  remote: https://github.com/ruby-rdf/json-ld
  revision: f62940d9d1d1a99fc20351d9179c379ffd53494a
  branch: develop
  specs:
    json-ld (3.1.4)
      htmlentities (~> 4.3)
      json-canonicalization (~> 0.2)
      link_header (~> 0.0, >= 0.0.8)
      multi_json (~> 1.14)
      rack (~> 2.0)
      rdf (~> 3.1)

GIT
  remote: https://github.com/ruby-rdf/json-ld-preloaded
  revision: 7cc3c023158a36b808073da5ba9695d0b70a20af
  branch: develop
  specs:
    json-ld-preloaded (3.1.3)
      json-ld (~> 3.1)
      rdf (~> 3.1)

GIT
  remote: https://github.com/ruby-rdf/ld-patch
  revision: b49d21170c60665db1c606d524faec0c73b8cf43
  branch: develop
  specs:
    ld-patch (3.1.1)
      ebnf (~> 2.0)
      rdf (~> 3.1)
      rdf-xsd (~> 3.1)
      sparql (~> 3.1)
      sxp (~> 1.1)

GIT
  remote: https://github.com/ruby-rdf/linkeddata
  revision: eaf6be8df7a308db0a1a3293c73cd612fdb78c3b
  branch: develop
  specs:
    linkeddata (3.1.2)
      equivalent-xml (~> 0.6)
      json-ld (~> 3.1, >= 3.1.1)
      json-ld-preloaded (~> 3.1, >= 3.1.1)
      ld-patch (~> 3.1)
      nokogiri (~> 1.10)
      nokogumbo (~> 2.0)
      rdf (~> 3.1, >= 3.1.2)
      rdf-aggregate-repo (~> 3.1)
      rdf-isomorphic (~> 3.1)
      rdf-json (~> 3.1)
      rdf-microdata (~> 3.1)
      rdf-n3 (~> 3.1)
      rdf-normalize (~> 0.4)
      rdf-rdfa (~> 3.1, >= 3.1.1)
      rdf-rdfxml (~> 3.1)
      rdf-reasoner (~> 0.6, >= 0.6.1)
      rdf-tabular (~> 3.1)
      rdf-trig (~> 3.1)
      rdf-trix (~> 3.1)
      rdf-turtle (~> 3.1, >= 3.1.1)
      rdf-vocab (~> 3.1, >= 3.1.2)
      rdf-xsd (~> 3.1)
      shex (~> 0.6)
      sparql (~> 3.1, >= 3.1.1)
      sparql-client (~> 3.1)

GIT
  remote: https://github.com/ruby-rdf/rack-linkeddata
  revision: 84c56ac3d25edc447803111a505a31a3218bb243
  branch: develop
  specs:
    rack-linkeddata (3.1.1)
      linkeddata (~> 3.1, >= 3.1.2)
      rack (~> 2.1)
      rack-rdf (~> 3.1)

GIT
  remote: https://github.com/ruby-rdf/rdf
  revision: 20753206c0ef85e897ac717d8623804204dffe61
  branch: develop
  specs:
    rdf (3.1.5)
      hamster (~> 3.0)
      link_header (~> 0.0, >= 0.0.8)

GIT
  remote: https://github.com/ruby-rdf/rdf-aggregate-repo
  revision: ce7b79da474a8d0bf108557ac328a2a337b28b64
  branch: develop
  specs:
    rdf-aggregate-repo (3.1.0)
      rdf (~> 3.1)

GIT
  remote: https://github.com/ruby-rdf/rdf-do
  revision: b7fbdcb7bb70fedec6489c3bda5a06f726ea6add
  branch: develop
  specs:
    rdf-do (3.1.0)
      data_objects (~> 0.10)
      rdf (~> 3.1)

GIT
  remote: https://github.com/ruby-rdf/rdf-isomorphic
  revision: 74a1f243fd62000b4ba47a9dea2fac70d2822400
  branch: develop
  specs:
    rdf-isomorphic (3.1.0)
      rdf (~> 3.1)

GIT
  remote: https://github.com/ruby-rdf/rdf-json
  revision: fbb5576b9d6385c53ce4b72326cffc2396537ab3
  branch: develop
  specs:
    rdf-json (3.1.0)
      rdf (~> 3.1)

GIT
  remote: https://github.com/ruby-rdf/rdf-microdata
  revision: dc74bc4243a9dd73ad4539613891269cfecee9e1
  branch: develop
  specs:
    rdf-microdata (3.1.1)
      htmlentities (~> 4.3)
      nokogiri (~> 1.10)
      rdf (~> 3.1)
      rdf-xsd (~> 3.1)

GIT
  remote: https://github.com/ruby-rdf/rdf-n3
  revision: e2d2e7cdb0c6cb3f1efa353d93666e618b75d536
  branch: develop
  specs:
    rdf-n3 (3.1.1)
      ebnf (~> 2.1)
      rdf (~> 3.1)
      sparql (~> 3.1)
      sxp (~> 1.1)

GIT
  remote: https://github.com/ruby-rdf/rdf-normalize
  revision: 7d7a1153b18f566e33bbc772a8581f302f110871
  branch: develop
  specs:
    rdf-normalize (0.4.0)
      rdf (~> 3.1)

GIT
  remote: https://github.com/ruby-rdf/rdf-rdfa
  revision: 2a44cc21d5f3372e630655f75ff539c9c2ba39ef
  branch: develop
  specs:
    rdf-rdfa (3.1.2)
      haml (~> 5.1)
      htmlentities (~> 4.3)
      rdf (~> 3.1, >= 3.1.2)
      rdf-aggregate-repo (~> 3.1)
      rdf-vocab (~> 3.1, >= 3.1.5)
      rdf-xsd (~> 3.1)

GIT
  remote: https://github.com/ruby-rdf/rdf-rdfxml
  revision: 40cd73cb5aba87d6918a5ce387cb9e92d90e92cd
  branch: develop
  specs:
    rdf-rdfxml (3.1.0)
      htmlentities (~> 4.3)
      rdf (~> 3.1)
      rdf-rdfa (~> 3.1)
      rdf-xsd (~> 3.1)

GIT
  remote: https://github.com/ruby-rdf/rdf-reasoner
  revision: f318f605cd749ac6ca082f24d1be12ebc1275b6a
  branch: develop
  specs:
    rdf-reasoner (0.6.2)
      rdf (~> 3.1, >= 3.1.2)
      rdf-vocab (~> 3.1, >= 3.1.5)
      rdf-xsd (~> 3.1)

GIT
  remote: https://github.com/ruby-rdf/rdf-spec
  revision: d168eb5a0031d3e7bf8edaf4d52d0226fd49d986
  branch: develop
  specs:
    rdf-spec (3.1.1)
      awesome_print (~> 1.8)
      rdf (~> 3.1)
      rdf-isomorphic (~> 3.1)
      rspec (~> 3.9)
      rspec-its (~> 1.3)
      webmock (~> 3.7)

GIT
  remote: https://github.com/ruby-rdf/rdf-tabular
  revision: 72b42a9bb7961145abe4bd8bf9b7d1c03bb08d63
  branch: develop
  specs:
    rdf-tabular (3.1.0)
      addressable (~> 2.3)
      bcp47 (~> 0.3, >= 0.3.3)
      json-ld (~> 3.1)
      rdf (~> 3.1)
      rdf-vocab (~> 3.1)
      rdf-xsd (~> 3.1)

GIT
  remote: https://github.com/ruby-rdf/rdf-trig
  revision: 241fa8cfafda8d807f55deb9de9e88fdc2513e86
  branch: develop
  specs:
    rdf-trig (3.1.1)
      ebnf (~> 2.0)
      rdf (~> 3.1)
      rdf-turtle (~> 3.1)

GIT
  remote: https://github.com/ruby-rdf/rdf-trix
  revision: e6e03b50fb023e8c5df68b3386844c1a4c4e1a7b
  branch: develop
  specs:
    rdf-trix (3.1.0)
      rdf (~> 3.1)

GIT
  remote: https://github.com/ruby-rdf/rdf-turtle
  revision: 249efd68b0aa9167826324f503fa791962dad4eb
  branch: develop
  specs:
    rdf-turtle (3.1.2)
      ebnf (~> 2.0)
      rdf (~> 3.1, >= 3.1.2)

GIT
  remote: https://github.com/ruby-rdf/rdf-vocab
  revision: 513baa0ebeb2f0ce7284147e451d41ce79dce01b
  branch: develop
  specs:
    rdf-vocab (3.1.7)
      rdf (~> 3.1, >= 3.1.2)

GIT
  remote: https://github.com/ruby-rdf/rdf-xsd
  revision: 5db1bec0a9b8db300fd52b63172ce6a51128ea95
  branch: develop
  specs:
    rdf-xsd (3.1.0)
      rdf (~> 3.1)

GIT
  remote: https://github.com/ruby-rdf/shex
  revision: fd1467e966fc0fe21b339b74ebe2457aa9647f64
  branch: develop
  specs:
    shex (0.6.1)
      ebnf (~> 2.0)
      json-ld (~> 3.1)
      json-ld-preloaded (~> 3.1)
      rdf (~> 3.1)
      rdf-xsd (~> 3.1)
      sparql (~> 3.1)
      sxp (~> 1.1)

GIT
  remote: https://github.com/ruby-rdf/sinatra-linkeddata
  revision: 303eb97cdb306212610cbf5b3baeb8f3d2cecee3
  branch: develop
  specs:
    sinatra-linkeddata (3.1.1)
      rack-linkeddata (~> 3.1, >= 3.1.1)
      sinatra (~> 2.0)

GIT
  remote: https://github.com/ruby-rdf/sparql
  revision: 051079f9fe4c79d597f88a3010c43714a5468403
  branch: develop
  specs:
    sparql (3.1.2)
      builder (~> 3.2)
      ebnf (>= 1.1)
      rdf (~> 3.1, >= 3.1.2)
      rdf-aggregate-repo (~> 3.1)
      rdf-xsd (~> 3.1)
      sparql-client (~> 3.1)
      sxp (~> 1.1)

GIT
  remote: https://github.com/ruby-rdf/sparql-client
  revision: 622ad17a89b49ecc810438dbf19f157aeee9d8c8
  branch: develop
  specs:
    sparql-client (3.1.0)
      net-http-persistent (~> 3.1)
      rdf (~> 3.1)

PATH
  remote: .
  specs:
    rdf-distiller (3.1.6)
      equivalent-xml (~> 0.6)
      erubis (~> 2.7)
      haml (~> 5.1)
      json-compare (~> 0.1)
      json-ld-preloaded (~> 3.1)
      maruku (~> 0.7)
      nokogiri (~> 1.10)
      nokogumbo (~> 2.0)
      puma (~> 4.3)
      rack (~> 2.1)
      rack-cache (~> 1.11)
      redcarpet (~> 3.5)
      rest-client (~> 2.1)
      rest-client-components (~> 1.5)
      sass (~> 3.7)
      sinatra (~> 2.0)
      sinatra-asset-pipeline (~> 2.2)
      sinatra-linkeddata (~> 3.1, >= 3.1.1)
      sprockets (~> 3.7)
      sprockets-helpers (~> 1.2)
      uglifier (~> 4.2)
      yard (~> 0.9, >= 0.9.24)

GEM
  remote: https://rubygems.org/
  specs:
    addressable (2.7.0)
      public_suffix (>= 2.0.2, < 5.0)
    awesome_print (1.8.0)
    bcp47 (0.3.3)
      i18n
    better_errors (2.7.1)
      coderay (>= 1.0.0)
      erubi (>= 1.0.0)
      rack (>= 0.9.0)
    binding_of_caller (0.8.0)
      debug_inspector (>= 0.0.1)
    builder (3.2.4)
    byebug (11.1.3)
    coderay (1.1.3)
    coffee-script (2.4.1)
      coffee-script-source
      execjs
    coffee-script-source (1.12.2)
    concurrent-ruby (1.1.7)
    connection_pool (2.2.3)
    crack (0.4.3)
      safe_yaml (~> 1.0.0)
    data_objects (0.10.17)
      addressable (~> 2.1)
    debug_inspector (0.0.3)
    diff-lcs (1.4.4)
    domain_name (0.5.20190701)
      unf (>= 0.0.5, < 1.0.0)
    equivalent-xml (0.6.0)
      nokogiri (>= 1.4.3)
    erubi (1.9.0)
    erubis (2.7.0)
    execjs (2.7.0)
    ffi (1.13.1)
    foreman (0.87.2)
    haml (5.1.2)
      temple (>= 0.8.0)
      tilt
    hamster (3.0.0)
      concurrent-ruby (~> 1.0)
    hashdiff (1.0.1)
    htmlentities (4.3.4)
    http-accept (1.7.0)
    http-cookie (1.0.3)
      domain_name (~> 0.5)
    i18n (1.8.5)
      concurrent-ruby (~> 1.0)
    json-canonicalization (0.2.0)
    json-compare (0.1.8)
    jsonpath (1.0.5)
      multi_json
      to_regexp (~> 0.2.1)
    link_header (0.0.8)
    maruku (0.7.3)
    mime-types (3.3.1)
      mime-types-data (~> 3.2015)
    mime-types-data (3.2020.0512)
    mini_portile2 (2.4.0)
    multi_json (1.15.0)
    mustermann (1.1.1)
      ruby2_keywords (~> 0.0.1)
    net-http-persistent (3.1.0)
      connection_pool (~> 2.2)
    netrc (0.11.0)
    nio4r (2.5.2)
    nokogiri (1.10.10)
      mini_portile2 (~> 2.4.0)
    nokogumbo (2.0.2)
      nokogiri (~> 1.8, >= 1.8.4)
    public_suffix (4.0.5)
    puma (4.3.5)
      nio4r (~> 2.0)
    rack (2.2.3)
    rack-cache (1.12.0)
      rack (>= 0.4)
    rack-protection (2.0.8.1)
      rack
    rack-rdf (3.1.0)
      rack (~> 2.1)
      rdf (~> 3.1)
    rack-test (1.1.0)
      rack (>= 1.0, < 3)
    rake (12.3.3)
    rb-fsevent (0.10.4)
    rb-inotify (0.10.1)
      ffi (~> 1.0)
    redcarpet (3.5.0)
    rest-client (2.1.0)
      http-accept (>= 1.7.0, < 2.0)
      http-cookie (>= 1.0.2, < 2.0)
      mime-types (>= 1.16, < 4.0)
      netrc (~> 0.8)
    rest-client-components (1.5.0)
      rack (>= 1.0.1)
      rest-client (>= 1.6.0)
    rspec (3.9.0)
      rspec-core (~> 3.9.0)
      rspec-expectations (~> 3.9.0)
      rspec-mocks (~> 3.9.0)
    rspec-core (3.9.2)
      rspec-support (~> 3.9.3)
    rspec-expectations (3.9.2)
      diff-lcs (>= 1.2.0, < 2.0)
      rspec-support (~> 3.9.0)
    rspec-its (1.3.0)
      rspec-core (>= 3.0.0)
      rspec-expectations (>= 3.0.0)
    rspec-mocks (3.9.1)
      diff-lcs (>= 1.2.0, < 2.0)
      rspec-support (~> 3.9.0)
    rspec-support (3.9.3)
    ruby2_keywords (0.0.2)
    safe_yaml (1.0.5)
    sass (3.7.4)
      sass-listen (~> 4.0.0)
    sass-listen (4.0.0)
      rb-fsevent (~> 0.9, >= 0.9.4)
      rb-inotify (~> 0.9, >= 0.9.7)
    scanf (1.0.0)
    shotgun (0.9.2)
      rack (>= 1.0)
    sinatra (2.0.8.1)
      mustermann (~> 1.0)
      rack (~> 2.0)
      rack-protection (= 2.0.8.1)
      tilt (~> 2.0)
    sinatra-asset-pipeline (2.2.0)
      coffee-script (~> 2.4)
      rake (~> 12.3)
      sass (~> 3.5)
      sinatra (~> 2.0)
      sprockets (~> 3.7)
      sprockets-helpers (~> 1.2)
    sprockets (3.7.2)
      concurrent-ruby (~> 1.0)
      rack (> 1, < 3)
    sprockets-helpers (1.3.0)
      sprockets (>= 2.2)
    syntax (1.2.2)
    temple (0.8.2)
    tilt (2.0.10)
    to_regexp (0.2.1)
    uglifier (4.2.0)
      execjs (>= 0.3.0, < 3)
    unf (0.1.4)
      unf_ext
    unf_ext (0.0.7.7)
    webmock (3.8.3)
      addressable (>= 2.3.6)
      crack (>= 0.3.2)
      hashdiff (>= 0.4.0, < 2.0.0)
    yard (0.9.25)

PLATFORMS
  ruby

DEPENDENCIES
  better_errors
  binding_of_caller
  byebug
  ebnf!
  foreman
  json-ld!
  json-ld-preloaded!
  jsonpath (~> 1.0)
  ld-patch!
  linkeddata!
  rack-linkeddata!
  rack-test (~> 1.1)
  rake
  rdf!
  rdf-aggregate-repo!
  rdf-distiller!
  rdf-do!
  rdf-isomorphic!
  rdf-json!
  rdf-microdata!
  rdf-n3!
  rdf-normalize!
  rdf-rdfa!
  rdf-rdfxml!
  rdf-reasoner!
  rdf-spec!
  rdf-tabular!
  rdf-trig!
  rdf-trix!
  rdf-turtle!
  rdf-vocab!
  rdf-xsd!
  rspec (~> 3.9)
  rspec-its (~> 1.3)
  shex!
  shotgun
  sinatra-linkeddata!
  sparql!
  sparql-client!
  sxp!
  syntax
  webmock (~> 3.8)

RUBY VERSION
   ruby 2.7.1p83

BUNDLED WITH
   2.1.4
