GIT
  remote: git://github.com/amatriain/rest-client-components.git
  revision: 236ac31ed1a061d479332ff179bf78fcb11edb74
  branch: rest-client-2-compatibility
  specs:
    rest-client-components (1.4.0)
      rack (>= 1.0.1)
      rest-client (>= 1.6.0)

GIT
  remote: git://github.com/dryruby/sxp.rb.git
  revision: 0e9ee9d40b94025577999599bb61e1c5d0e1080f
  branch: develop
  specs:
    sxp (1.0.0)
      rdf (~> 2.0)

GIT
  remote: git://github.com/gkellogg/sinatra-asset-pipeline.git
  revision: da2aed305a7f2591566926801f54f6cb3e3b4124
  branch: sinatra-2
  specs:
    sinatra-asset-pipeline (1.0.2)
      coffee-script (~> 2.4)
      rake (~> 12.0)
      sass (~> 3.4)
      sinatra (~> 2.0)
      sprockets (~> 3.7)
      sprockets-helpers (~> 1.2)

GIT
  remote: git://github.com/rtomayko/tilt.git
  revision: abe77eaf1b5f8da0a7e46135f2966fd294526b7a
  specs:
    tilt (2.0.8)

GIT
  remote: git://github.com/ruby-rdf/json-ld-preloaded.git
  revision: 459de8afb6af108be7f714bf5bee7929a821f400
  branch: develop
  specs:
    json-ld-preloaded (2.2.0)
      json-ld (~> 2.1, >= 2.1.5)
      multi_json (~> 1.11)
      rdf (~> 2.2)

GIT
  remote: git://github.com/ruby-rdf/json-ld.git
  revision: a1a01db875afbb8759b0cac10b7d1aa73034a3d8
  branch: develop
  specs:
    json-ld (2.1.5)
      multi_json (~> 1.12)
      rdf (~> 2.2, >= 2.2.8)

GIT
  remote: git://github.com/ruby-rdf/ld-patch.git
  revision: 846085095a9622e542670f78510b1123b35b6cc0
  branch: develop
  specs:
    ld-patch (0.3.1)
      ebnf (~> 1.0, >= 1.0.1)
      rdf (~> 2.0)
      rdf-xsd (~> 2.0)
      sparql (~> 2.0)
      sxp (~> 1.0)

GIT
  remote: git://github.com/ruby-rdf/linkeddata.git
  revision: 9e229e17109b4a9d51f52af814831c843a3e0167
  branch: develop
  specs:
    linkeddata (2.2.2)
      equivalent-xml (~> 0.6)
      json-ld (~> 2.1)
      ld-patch (~> 0.3)
      nokogiri (~> 1.7)
      rdf (~> 2.2)
      rdf-aggregate-repo (~> 2.1)
      rdf-isomorphic (~> 2.0)
      rdf-json (~> 2.0)
      rdf-microdata (~> 2.1)
      rdf-n3 (~> 2.1)
      rdf-normalize (~> 0.3)
      rdf-rdfa (~> 2.1)
      rdf-rdfxml (~> 2.0)
      rdf-reasoner (~> 0.4)
      rdf-tabular (~> 2.2)
      rdf-trig (~> 2.0)
      rdf-trix (~> 2.0)
      rdf-turtle (~> 2.2)
      rdf-vocab (~> 2.1)
      rdf-xsd (~> 2.1)
      sparql (~> 2.1)
      sparql-client (~> 2.1)

GIT
  remote: git://github.com/ruby-rdf/rack-linkeddata.git
  revision: b114dd6ca6fdf1de3341a39164d64fdaa7791645
  branch: develop
  specs:
    rack-linkeddata (2.2.2)
      linkeddata (~> 2.2)
      rack (>= 1.6, < 3.0)

GIT
  remote: git://github.com/ruby-rdf/rdf-aggregate-repo.git
  revision: 45fafd584c7538ee0403d645e9ebcd8bc244293c
  branch: develop
  specs:
    rdf-aggregate-repo (2.2.0)
      rdf (~> 2.0)

GIT
  remote: git://github.com/ruby-rdf/rdf-do.git
  revision: 4159ad0e4bef2ff5695064191cd6b504efb4247f
  branch: develop
  specs:
    rdf-do (2.0.0)
      data_objects (~> 0.10)
      rdf (~> 2.0)

GIT
  remote: git://github.com/ruby-rdf/rdf-isomorphic.git
  revision: 65fb6d31edacb3d821ffee5e1e4b60ad476373b1
  branch: develop
  specs:
    rdf-isomorphic (2.0.0)
      rdf (~> 2.0)

GIT
  remote: git://github.com/ruby-rdf/rdf-json.git
  revision: 3f36e90af14fd8af62dbb0b87f51be5dc925637b
  branch: develop
  specs:
    rdf-json (2.0.0)
      rdf (~> 2.0)

GIT
  remote: git://github.com/ruby-rdf/rdf-microdata.git
  revision: 735ed0245b16d4625172ea9470903f0c3009c4fd
  branch: develop
  specs:
    rdf-microdata (2.2.1)
      htmlentities (~> 4.3)
      nokogiri (~> 1.7)
      rdf (~> 2.2, >= 2.2.8)
      rdf-xsd (~> 2.1)

GIT
  remote: git://github.com/ruby-rdf/rdf-n3.git
  revision: 8c8998830ecdd4371d8bf9b71e2bab8f0bf2c694
  branch: develop
  specs:
    rdf-n3 (2.1.0)
      rdf (~> 2.0)

GIT
  remote: git://github.com/ruby-rdf/rdf-normalize.git
  revision: e113452533ce0e5642e689eb2ed042118caf8e18
  branch: develop
  specs:
    rdf-normalize (0.3.2)
      rdf (~> 2.0)

GIT
  remote: git://github.com/ruby-rdf/rdf-rdfa.git
  revision: 477a5bc9b9755db98c6d98c8e05074c182e875b0
  branch: develop
  specs:
    rdf-rdfa (2.2.3)
      haml (~> 5.0)
      htmlentities (~> 4.3)
      rdf (~> 2.2)
      rdf-aggregate-repo (~> 2.2)
      rdf-xsd (~> 2.1)

GIT
  remote: git://github.com/ruby-rdf/rdf-rdfxml.git
  revision: 5324e00a23df44822a9882a36a6f0f546a7b9e4c
  branch: develop
  specs:
    rdf-rdfxml (2.2.0)
      htmlentities (~> 4.3)
      rdf (~> 2.0)
      rdf-rdfa (~> 2.0)
      rdf-xsd (~> 2.0)

GIT
  remote: git://github.com/ruby-rdf/rdf-reasoner.git
  revision: 17c965b5c3d442271c4ef981e217ba9208f61ec5
  branch: develop
  specs:
    rdf-reasoner (0.4.3)
      rdf (~> 2.2, >= 2.2.8)
      rdf-vocab (~> 2.2)
      rdf-xsd (~> 2.1)

GIT
  remote: git://github.com/ruby-rdf/rdf-spec.git
  revision: 7e186ad0cd774a5a819c2bc1351c43f92a7b6a8c
  branch: develop
  specs:
    rdf-spec (2.2.0)
      rdf (~> 2.2)
      rdf-isomorphic (~> 2.0)
      rspec (~> 3.5)
      rspec-its (~> 1.0)
      webmock (~> 2.3)

GIT
  remote: git://github.com/ruby-rdf/rdf-tabular.git
  revision: 49a60e0be3ee644b1feb70342b0527657816c91d
  branch: develop
  specs:
    rdf-tabular (2.2.0)
      addressable (~> 2.3)
      bcp47 (~> 0.3, >= 0.3.3)
      json-ld (~> 2.0)
      rdf (~> 2.2, >= 2.2.8)
      rdf-vocab (~> 2.0)
      rdf-xsd (~> 2.0)

GIT
  remote: git://github.com/ruby-rdf/rdf-trig.git
  revision: d2d7b59405db7060061649dea95bcbb174983e96
  branch: develop
  specs:
    rdf-trig (2.0.0)
      ebnf (~> 1.0, >= 1.0.1)
      rdf (~> 2.0)
      rdf-turtle (~> 2.0)

GIT
  remote: git://github.com/ruby-rdf/rdf-trix.git
  revision: a9b9857ad478c15ecd1e98595e80de6c0cd7acce
  branch: develop
  specs:
    rdf-trix (2.0.0)
      rdf (~> 2.0)

GIT
  remote: git://github.com/ruby-rdf/rdf-turtle.git
  revision: 20c7892544a677add032ac1930b2d0512a625e88
  branch: develop
  specs:
    rdf-turtle (2.2.0)
      ebnf (~> 1.1)
      rdf (~> 2.2)

GIT
  remote: git://github.com/ruby-rdf/rdf-vocab.git
  revision: b3eb6a659d03c26b7b67c53925ada855d8f15d2b
  branch: develop
  specs:
    rdf-vocab (2.2.6)
      rdf (~> 2.2)

GIT
  remote: git://github.com/ruby-rdf/rdf-xsd.git
  revision: 550d52e5d9c9b8e7bb224aedc66c2e28ee404185
  branch: develop
  specs:
    rdf-xsd (2.1.0)
      rdf (~> 2.1)

GIT
  remote: git://github.com/ruby-rdf/rdf.git
  revision: e2c6c72ac627b942e3993897568d69601042bc70
  branch: develop
  specs:
    rdf (2.2.8)
      hamster (~> 3.0)
      link_header (~> 0.0, >= 0.0.8)

GIT
  remote: git://github.com/ruby-rdf/sinatra-linkeddata.git
  revision: d6d67fac50766431695b5be4daae1955958322b5
  branch: develop
  specs:
    sinatra-linkeddata (2.0.0)
      rack-linkeddata (~> 2.2)
      sinatra (>= 1.4, < 3.0)

GIT
  remote: git://github.com/ruby-rdf/sparql-client.git
  revision: 546482a850c8643cff4c76417a91f58e082026c7
  branch: develop
  specs:
    sparql-client (2.1.0)
      net-http-persistent (>= 2.9, < 4)
      rdf (~> 2.0)

GIT
  remote: git://github.com/ruby-rdf/sparql.git
  revision: e0a915196943b76f9d6a56018b4de6fc6f24ed88
  branch: develop
  specs:
    sparql (2.2.1)
      builder (~> 3.2)
      ebnf (~> 1.1)
      rdf (~> 2.2)
      rdf-aggregate-repo (~> 2.2)
      rdf-xsd (~> 2.1)
      sparql-client (~> 2.1)
      sxp (~> 1.0)

PATH
  remote: .
  specs:
    rdf-distiller (2.2.10)
      equivalent-xml (~> 0.6)
      erubis (~> 2.7)
      haml (~> 5.0)
      json-compare (~> 0.1)
      json-ld-preloaded (~> 2.0)
      linkeddata (~> 2.2)
      maruku (~> 0.7)
      nokogiri (~> 1.7)
      nokogumbo (= 1.4.11)
      puma (~> 3.7)
      rack (~> 2.0)
      rack-cache (~> 1.6)
      redcarpet (~> 3.3)
      rest-client (~> 2.0)
      rest-client-components (~> 1.4)
      sass (~> 3.4)
      sinatra (~> 2.0)
      sinatra-asset-pipeline (~> 1.0)
      sprockets-helpers (~> 1.2)
      uglifier (~> 3.2)
      yard (~> 0.9)

GEM
  remote: http://rubygems.org/
  specs:
    addressable (2.5.1)
      public_suffix (~> 2.0, >= 2.0.2)
    bcp47 (0.3.3)
      i18n
    better_errors (2.3.0)
      coderay (>= 1.0.0)
      erubi (>= 1.0.0)
      rack (>= 0.9.0)
    binding_of_caller (0.7.2)
      debug_inspector (>= 0.0.1)
    builder (3.2.3)
    byebug (9.0.6)
    coderay (1.1.1)
    coffee-script (2.4.1)
      coffee-script-source
      execjs
    coffee-script-source (1.12.2)
    concurrent-ruby (1.0.5)
    connection_pool (2.2.1)
    crack (0.4.3)
      safe_yaml (~> 1.0.0)
    data_objects (0.10.17)
      addressable (~> 2.1)
    debug_inspector (0.0.3)
    diff-lcs (1.3)
    domain_name (0.5.20170404)
      unf (>= 0.0.5, < 1.0.0)
    ebnf (1.1.1)
      rdf (~> 2.2)
      sxp (~> 1.0)
    equivalent-xml (0.6.0)
      nokogiri (>= 1.4.3)
    erubi (1.6.1)
    erubis (2.7.0)
    execjs (2.7.0)
    ffi (1.9.18)
    foreman (0.84.0)
      thor (~> 0.19.1)
    haml (5.0.2)
      temple (>= 0.8.0)
      tilt
    hamster (3.0.0)
      concurrent-ruby (~> 1.0)
    hashdiff (0.3.5)
    htmlentities (4.3.4)
    http-cookie (1.0.3)
      domain_name (~> 0.5)
    i18n (0.8.6)
    json-compare (0.1.8)
    jsonpath (0.8.7)
      multi_json
    link_header (0.0.8)
    maruku (0.7.3)
    mime-types (3.1)
      mime-types-data (~> 3.2015)
    mime-types-data (3.2016.0521)
    mini_portile2 (2.2.0)
    multi_json (1.12.1)
    mustermann (1.0.0)
    net-http-persistent (3.0.0)
      connection_pool (~> 2.2)
    netrc (0.11.0)
    nokogiri (1.8.0)
      mini_portile2 (~> 2.2.0)
    nokogumbo (1.4.11)
      nokogiri
    public_suffix (2.0.5)
    puma (3.10.0)
    rack (2.0.3)
    rack-cache (1.7.0)
      rack (>= 0.4)
    rack-protection (2.0.0)
      rack
    rack-test (0.7.0)
      rack (>= 1.0, < 3)
    rake (12.0.0)
    rb-fsevent (0.10.2)
    rb-inotify (0.9.10)
      ffi (>= 0.5.0, < 2)
    redcarpet (3.4.0)
    rest-client (2.0.2)
      http-cookie (>= 1.0.2, < 2.0)
      mime-types (>= 1.16, < 4.0)
      netrc (~> 0.8)
    rspec (3.6.0)
      rspec-core (~> 3.6.0)
      rspec-expectations (~> 3.6.0)
      rspec-mocks (~> 3.6.0)
    rspec-core (3.6.0)
      rspec-support (~> 3.6.0)
    rspec-expectations (3.6.0)
      diff-lcs (>= 1.2.0, < 2.0)
      rspec-support (~> 3.6.0)
    rspec-its (1.2.0)
      rspec-core (>= 3.0.0)
      rspec-expectations (>= 3.0.0)
    rspec-mocks (3.6.0)
      diff-lcs (>= 1.2.0, < 2.0)
      rspec-support (~> 3.6.0)
    rspec-support (3.6.0)
    safe_yaml (1.0.4)
    sass (3.5.1)
      sass-listen (~> 4.0.0)
    sass-listen (4.0.0)
      rb-fsevent (~> 0.9, >= 0.9.4)
      rb-inotify (~> 0.9, >= 0.9.7)
    shotgun (0.9.2)
      rack (>= 1.0)
    sinatra (2.0.0)
      mustermann (~> 1.0)
      rack (~> 2.0)
      rack-protection (= 2.0.0)
      tilt (~> 2.0)
    sprockets (3.7.1)
      concurrent-ruby (~> 1.0)
      rack (> 1, < 3)
    sprockets-helpers (1.2.1)
      sprockets (>= 2.2)
    syntax (1.2.2)
    temple (0.8.0)
    thor (0.19.4)
    uglifier (3.2.0)
      execjs (>= 0.3.0, < 3)
    unf (0.1.4)
      unf_ext
    unf_ext (0.0.7.4)
    webmock (2.3.2)
      addressable (>= 2.3.6)
      crack (>= 0.3.2)
      hashdiff
    yard (0.9.9)

PLATFORMS
  ruby

DEPENDENCIES
  better_errors
  binding_of_caller
  byebug
  foreman
  json-ld!
  json-ld-preloaded!
  jsonpath (~> 0.5)
  ld-patch!
  linkeddata!
  rack-linkeddata!
  rack-test (~> 0.6)
  rake
  rdf!
  rdf-aggregate-repo!
  rdf-distiller!
  rdf-do!
  rdf-isomorphic!
  rdf-json!
  rdf-microdata!
  rdf-n3!
  rdf-normalize!
  rdf-rdfa!
  rdf-rdfxml!
  rdf-reasoner!
  rdf-spec!
  rdf-tabular!
  rdf-trig!
  rdf-trix!
  rdf-turtle!
  rdf-vocab!
  rdf-xsd!
  rest-client-components!
  rspec (~> 3.5)
  rspec-its (~> 1.2)
  shotgun
  sinatra-asset-pipeline!
  sinatra-linkeddata!
  sparql!
  sparql-client!
  sxp!
  syntax
  tilt!
  webmock (~> 2.3)

RUBY VERSION
   ruby 2.4.1p111

BUNDLED WITH
   1.15.4
