GIT
  remote: git://github.com/gkellogg/sxp-ruby.git
  revision: e907740fed93d31fe9897611f7bff643dbb83a58
  specs:
    sxp (1.0.0)
      rdf (~> 2.0)

GIT
  remote: git://github.com/ruby-rdf/json-ld.git
  revision: 8a4eee0d54545dbb038a3fb7e4aaf500469e5c2a
  branch: develop
  specs:
    json-ld (2.0.0.1)
      multi_json (~> 1.11)
      rdf (~> 2.0)

GIT
  remote: git://github.com/ruby-rdf/ld-patch.git
  revision: c374588ff0fba31d6f4cb76fc94ef8cf3061303a
  branch: develop
  specs:
    ld-patch (0.3.0)
      ebnf (~> 1.0, >= 1.0.1)
      rdf (~> 2.0)
      rdf-xsd (~> 2.0)
      sparql (~> 2.0)
      sxp (~> 1.0)

GIT
  remote: git://github.com/ruby-rdf/linkeddata.git
  revision: 8790bc4ee84eb26feafa1e086d3eee5295f9206b
  branch: develop
  specs:
    linkeddata (2.0.0)
      equivalent-xml (~> 0.6)
      json-ld (~> 2.0)
      ld-patch (~> 0.3)
      nokogiri (~> 1.6)
      rdf (~> 2.0)
      rdf-aggregate-repo (~> 2.0)
      rdf-isomorphic (~> 2.0)
      rdf-json (~> 2.0)
      rdf-microdata (~> 2.0)
      rdf-n3 (~> 2.0)
      rdf-rdfa (~> 2.0)
      rdf-rdfxml (~> 2.0)
      rdf-reasoner (~> 0.4)
      rdf-tabular (~> 0.4)
      rdf-trig (~> 2.0)
      rdf-trix (~> 2.0)
      rdf-turtle (~> 2.0)
      rdf-vocab (~> 2.0)
      rdf-xsd (~> 2.0)
      sparql (~> 2.0)
      sparql-client (~> 2.0)

GIT
  remote: git://github.com/ruby-rdf/rack-linkeddata.git
  revision: c9fc3a60ce2338715c8d293fcdd88f27a9fe4bb1
  branch: develop
  specs:
    rack-linkeddata (2.0.0)
      linkeddata (~> 2.0)
      rack (~> 1.6)

GIT
  remote: git://github.com/ruby-rdf/rdf-aggregate-repo.git
  revision: 46ed70375bb28280599e4a0109fa4dc418ca5b32
  branch: develop
  specs:
    rdf-aggregate-repo (2.0.0)
      rdf (~> 2.0)

GIT
  remote: git://github.com/ruby-rdf/rdf-do.git
  revision: 15559bcfb1191f9d7a6738b69fccbb363eab5d59
  branch: develop
  specs:
    rdf-do (2.0.0)
      data_objects (~> 0.10)
      rdf (~> 2.0)

GIT
  remote: git://github.com/ruby-rdf/rdf-isomorphic.git
  revision: dd079f045fdddf857a90a6378633d55aeded364b
  branch: develop
  specs:
    rdf-isomorphic (2.0.0)
      rdf (~> 2.0)

GIT
  remote: git://github.com/ruby-rdf/rdf-json.git
  revision: fedc55f74eae09019f15b0636d1b58a150b6bd61
  branch: develop
  specs:
    rdf-json (2.0.0)
      rdf (~> 2.0)

GIT
  remote: git://github.com/ruby-rdf/rdf-microdata.git
  revision: a946c8fa4a526d82f303d9e8ed51c4a14ac3b2b5
  branch: develop
  specs:
    rdf-microdata (2.0.3)
      htmlentities (~> 4.3)
      nokogiri (~> 1.6)
      rdf (~> 2.0)
      rdf-xsd (~> 2.0)

GIT
  remote: git://github.com/ruby-rdf/rdf-n3.git
  revision: d9611df8f5ffc60f64607c4ce82c81b31d00afc9
  branch: develop
  specs:
    rdf-n3 (2.0.0)
      rdf (~> 2.0)

GIT
  remote: git://github.com/ruby-rdf/rdf-rdfa.git
  revision: adbdcbc5a22a3e4e1bc04f9d56e77440d28b7d54
  branch: develop
  specs:
    rdf-rdfa (2.0.1)
      haml (~> 4.0)
      htmlentities (~> 4.3)
      rdf (~> 2.0)
      rdf-aggregate-repo (~> 2.0)
      rdf-xsd (~> 2.0)

GIT
  remote: git://github.com/ruby-rdf/rdf-rdfxml.git
  revision: 3e66e21bae3fb55f9bf80cac25c78a9f69b0d383
  branch: develop
  specs:
    rdf-rdfxml (2.0.0)
      htmlentities (~> 4.3)
      rdf (~> 2.0)
      rdf-rdfa (~> 2.0)
      rdf-xsd (~> 2.0)

GIT
  remote: git://github.com/ruby-rdf/rdf-reasoner.git
  revision: 5b53c73e3e2188f9704a32ab6e89cbb21245e8c5
  branch: develop
  specs:
    rdf-reasoner (0.4.0)
      rdf (~> 2.0)
      rdf-spec (~> 2.0)
      rdf-vocab (~> 2.0)
      rdf-xsd (~> 2.0)

GIT
  remote: git://github.com/ruby-rdf/rdf-spec.git
  revision: fcc6e8f8d4d4442d277852f601d27a700ecfec74
  branch: develop
  specs:
    rdf-spec (2.0.0)
      rdf (~> 2.0)
      rdf-isomorphic (~> 2.0)
      rspec (~> 3.0)
      rspec-its (~> 1.0)
      webmock (~> 1.17)

GIT
  remote: git://github.com/ruby-rdf/rdf-tabular.git
  revision: cdab71a4cc04fd61afe227b1bfba9e0118b51e80
  branch: develop
  specs:
    rdf-tabular (0.4.0)
      addressable (~> 2.3)
      bcp47 (~> 0.3, >= 0.3.3)
      json-ld (~> 2.0)
      rdf (~> 2.0)
      rdf-vocab (~> 2.0)
      rdf-xsd (~> 2.0)

GIT
  remote: git://github.com/ruby-rdf/rdf-trig.git
  revision: 899ba32f7e3b117d04addf541eb553e3d030f519
  branch: develop
  specs:
    rdf-trig (2.0.0)
      ebnf (~> 1.0, >= 1.0.1)
      rdf (~> 2.0)
      rdf-turtle (~> 2.0)

GIT
  remote: git://github.com/ruby-rdf/rdf-trix.git
  revision: 29ca289b58276cc32ff170e9dace8738bc88e360
  branch: develop
  specs:
    rdf-trix (2.0.0)
      rdf (~> 2.0)

GIT
  remote: git://github.com/ruby-rdf/rdf-turtle.git
  revision: 7f542a3d435fd3abc6b9e27cfab7961b542436cf
  branch: develop
  specs:
    rdf-turtle (2.0.0)
      ebnf (~> 1.0, >= 1.0.1)
      rdf (~> 2.0)

GIT
  remote: git://github.com/ruby-rdf/rdf-vocab.git
  revision: c070a006404807cc4f74358e2b726e714474f2ca
  branch: develop
  specs:
    rdf-vocab (2.0.2)
      rdf (~> 2.0)

GIT
  remote: git://github.com/ruby-rdf/rdf-xsd.git
  revision: 35bcdadcd7d635f2cd498c2f7a7feee9c4834b0c
  branch: develop
  specs:
    rdf-xsd (2.0.0)
      rdf (~> 2.0)

GIT
  remote: git://github.com/ruby-rdf/rdf.git
  revision: e990dedbe6e56334dc162337834497aef8c5e156
  branch: develop
  specs:
    rdf (2.0.1)
      hamster (~> 3.0)
      link_header (~> 0.0, >= 0.0.8)

GIT
  remote: git://github.com/ruby-rdf/sinatra-linkeddata.git
  revision: 9285b4687b2e5bea138260d69e1ff61f6acd3aa0
  branch: develop
  specs:
    sinatra-linkeddata (2.0.0)
      rack-linkeddata (~> 2.0.0)
      sinatra (~> 1.4)

GIT
  remote: git://github.com/ruby-rdf/sparql-client.git
  revision: 0338c808c70119fe90526e6d1602c94da6e883fa
  branch: develop
  specs:
    sparql-client (2.0.1)
      net-http-persistent (~> 2.9)
      rdf (~> 2.0)

GIT
  remote: git://github.com/ruby-rdf/sparql.git
  revision: b1ee635246e17aadc1217275ac15cb8a09e77f62
  branch: develop
  specs:
    sparql (2.0.0)
      builder (~> 3.2)
      ebnf (~> 1.0, >= 1.0.1)
      rdf (~> 2.0)
      rdf-aggregate-repo (~> 2.0)
      rdf-xsd (~> 2.0)
      sparql-client (~> 2.0)
      sxp (~> 1.0)

PATH
  remote: .
  specs:
    rdf-distiller (2.0.1)
      equivalent-xml (~> 0.4)
      erubis (~> 2.7)
      haml
      json-compare
      linkeddata (~> 2.0)
      maruku
      rack (~> 1.6)
      rack-cache (~> 1.2)
      rest-client (~> 1.8)
      rest-client-components (~> 1.4)
      sinatra (~> 1.4)
      sinatra-assetpack (~> 0.3.3)

GEM
  remote: http://rubygems.org/
  specs:
    addressable (2.4.0)
    bcp47 (0.3.3)
      i18n
    better_errors (2.1.1)
      coderay (>= 1.0.0)
      erubis (>= 2.6.6)
      rack (>= 0.9.0)
    binding_of_caller (0.7.2)
      debug_inspector (>= 0.0.1)
    builder (3.2.2)
    byebug (9.0.5)
    coderay (1.1.1)
    concurrent-ruby (1.0.2)
    crack (0.4.3)
      safe_yaml (~> 1.0.0)
    data_objects (0.10.17)
      addressable (~> 2.1)
    debug_inspector (0.0.2)
    diff-lcs (1.2.5)
    domain_name (0.5.20160615)
      unf (>= 0.0.5, < 1.0.0)
    ebnf (1.0.1)
      rdf (~> 2.0)
      sxp (~> 1.0)
    equivalent-xml (0.6.0)
      nokogiri (>= 1.4.3)
    erubis (2.7.0)
    haml (4.0.7)
      tilt
    hamster (3.0.0)
      concurrent-ruby (~> 1.0)
    hashdiff (0.3.0)
    htmlentities (4.3.4)
    http-cookie (1.0.2)
      domain_name (~> 0.5)
    i18n (0.7.0)
    jsmin (1.0.1)
    json-compare (0.1.8)
    jsonpath (0.5.8)
      multi_json
    kgio (2.10.0)
    link_header (0.0.8)
    maruku (0.7.2)
    mime-types (2.99.2)
    mini_portile2 (2.1.0)
    multi_json (1.12.1)
    net-http-persistent (2.9.4)
    netrc (0.11.0)
    nokogiri (1.6.8)
      mini_portile2 (~> 2.1.0)
      pkg-config (~> 1.1.7)
    pkg-config (1.1.7)
    rack (1.6.4)
    rack-cache (1.6.1)
      rack (>= 0.4)
    rack-protection (1.5.3)
      rack
    rack-test (0.6.3)
      rack (>= 1.0)
    raindrops (0.16.0)
    rake (11.2.2)
    redcarpet (3.3.4)
    rest-client (1.8.0)
      http-cookie (>= 1.0.2, < 2.0)
      mime-types (>= 1.16, < 3.0)
      netrc (~> 0.7)
    rest-client-components (1.4.0)
      rack (>= 1.0.1)
      rest-client (>= 1.6.0)
    rspec (3.4.0)
      rspec-core (~> 3.4.0)
      rspec-expectations (~> 3.4.0)
      rspec-mocks (~> 3.4.0)
    rspec-core (3.4.4)
      rspec-support (~> 3.4.0)
    rspec-expectations (3.4.0)
      diff-lcs (>= 1.2.0, < 2.0)
      rspec-support (~> 3.4.0)
    rspec-its (1.2.0)
      rspec-core (>= 3.0.0)
      rspec-expectations (>= 3.0.0)
    rspec-mocks (3.4.1)
      diff-lcs (>= 1.2.0, < 2.0)
      rspec-support (~> 3.4.0)
    rspec-support (3.4.1)
    safe_yaml (1.0.4)
    shotgun (0.9.1)
      rack (>= 1.0)
    sinatra (1.4.7)
      rack (~> 1.5)
      rack-protection (~> 1.4)
      tilt (>= 1.3, < 3)
    sinatra-assetpack (0.3.5)
      jsmin
      rack-test
      sinatra
      tilt (>= 1.3.0, < 2.0)
    syntax (1.2.1)
    tilt (1.4.1)
    unf (0.1.4)
      unf_ext
    unf_ext (0.0.7.2)
    unicorn (5.1.0)
      kgio (~> 2.6)
      raindrops (~> 0.7)
    webmock (1.24.6)
      addressable (>= 2.3.6)
      crack (>= 0.3.2)
      hashdiff
    wirble (0.1.3)
    yard (0.8.7.6)

PLATFORMS
  ruby

DEPENDENCIES
  better_errors
  binding_of_caller
  bundler
  byebug
  equivalent-xml
  erubis (~> 2.7)
  haml (~> 4.0)
  json-ld!
  jsonpath (~> 0.5.6)
  ld-patch!
  linkeddata!
  maruku
  nokogiri (~> 1.6)
  rack (~> 1.5)
  rack-cache (~> 1.2)
  rack-linkeddata!
  rack-test (~> 0.6)
  rake
  rdf!
  rdf-aggregate-repo!
  rdf-distiller!
  rdf-do!
  rdf-isomorphic!
  rdf-json!
  rdf-microdata!
  rdf-n3!
  rdf-rdfa!
  rdf-rdfxml!
  rdf-reasoner!
  rdf-spec!
  rdf-tabular!
  rdf-trig!
  rdf-trix!
  rdf-turtle!
  rdf-vocab!
  rdf-xsd!
  redcarpet
  rest-client (~> 1.8)
  rest-client-components (~> 1.4)
  rspec (~> 3.0)
  rspec-its (~> 1.0)
  shotgun
  sinatra (~> 1.4)
  sinatra-assetpack (~> 0.3.3)
  sinatra-linkeddata!
  sparql!
  sparql-client!
  sxp!
  syntax
  unicorn
  webmock
  wirble
  yard

RUBY VERSION
   ruby 2.3.1p112

BUNDLED WITH
   1.12.5
