GIT
  remote: https://github.com/dryruby/ebnf
  revision: 425d81b33fa4a47050a9120270f8e38928f4c741
  branch: develop
  specs:
    ebnf (2.3.5)
      htmlentities (~> 4.3)
      rdf (~> 3.2)
      scanf (~> 1.0)
      sxp (~> 1.2)
      unicode-types (~> 1.8)

GIT
  remote: https://github.com/dryruby/sxp.rb
  revision: 453ac1fa43cdfbdca1e2b9305f6fab19cfab8d85
  branch: develop
  specs:
    sxp (1.2.4)
      matrix (~> 0.4)
      rdf (~> 3.2)

GIT
  remote: https://github.com/ruby-rdf/json-ld
  revision: 4a13da952b2fcd713bce4d0eb5123ca6c7fd3bbe
  branch: develop
  specs:
    json-ld (3.2.5)
      htmlentities (~> 4.3)
      json-canonicalization (~> 0.3, >= 0.3.2)
      link_header (~> 0.0, >= 0.0.8)
      multi_json (~> 1.15)
      rack (>= 2.2, < 4)
      rdf (~> 3.2, >= 3.2.10)

GIT
  remote: https://github.com/ruby-rdf/json-ld-preloaded
  revision: 4280d42074a059d000476dad55cd764d8e6759f2
  branch: develop
  specs:
    json-ld-preloaded (3.2.2)
      json-ld (~> 3.2)
      rdf (~> 3.2)

GIT
  remote: https://github.com/ruby-rdf/ld-patch
  revision: 363ecc202480818365529416da2573cd643ad66d
  branch: develop
  specs:
    ld-patch (3.2.2)
      ebnf (~> 2.3)
      rdf (~> 3.2)
      rdf-xsd (~> 3.2)
      sparql (~> 3.2)
      sxp (~> 1.2)

GIT
  remote: https://github.com/ruby-rdf/linkeddata
  revision: f2104752afe8d6cc9e10397bd2eeaed5a4212db3
  branch: develop
  specs:
    linkeddata (3.2.2)
      json-ld (~> 3.2, >= 3.2.5)
      json-ld-preloaded (~> 3.2, >= 3.2.2)
      ld-patch (~> 3.2, >= 3.2.2)
      nokogiri (~> 1.13, >= 1.13.8)
      rdf (~> 3.2, >= 3.2.1)
      rdf-aggregate-repo (~> 3.2, >= 3.2.1)
      rdf-hamster-repo (~> 3.2, >= 3.2.1)
      rdf-isomorphic (~> 3.2, >= 3.2.1)
      rdf-json (~> 3.2)
      rdf-microdata (~> 3.2, >= 3.2.1)
      rdf-n3 (~> 3.2, >= 3.2.1)
      rdf-normalize (~> 0.6, >= 0.6.1)
      rdf-ordered-repo (~> 3.2, >= 3.2.1)
      rdf-rdfa (~> 3.2, >= 3.2.3)
      rdf-rdfxml (~> 3.2, >= 3.2.2)
      rdf-reasoner (~> 0.8)
      rdf-tabular (~> 3.2, >= 3.2.1)
      rdf-trig (~> 3.2)
      rdf-trix (~> 3.2)
      rdf-turtle (~> 3.2, >= 3.2.1)
      rdf-vocab (~> 3.2, >= 3.2.7)
      rdf-xsd (~> 3.2, >= 3.2.1)
      shacl (~> 0.3)
      shex (~> 0.7, >= 0.7.1)
      sparql (~> 3.2, >= 3.2.6)
      sparql-client (~> 3.2, >= 3.2.2)
      yaml-ld (~> 0.0)

GIT
  remote: https://github.com/ruby-rdf/rack-linkeddata
  revision: ec33995731fb41e4a02cc95eafe8b7018263c53b
  branch: develop
  specs:
    rack-linkeddata (3.2.3)
      linkeddata (~> 3.2, >= 3.2.2)
      rack (>= 2.2, < 4)
      rack-rdf (~> 3.2, >= 3.2.3)

GIT
  remote: https://github.com/ruby-rdf/rdf
  revision: 8898065f7ec31584d0d54953fdac693c547e56d8
  branch: develop
  specs:
    rdf (3.2.11)
      bcp47_spec (~> 0.2)
      link_header (~> 0.0, >= 0.0.8)

GIT
  remote: https://github.com/ruby-rdf/rdf-aggregate-repo
  revision: 207fa1ca3887997ae3b4fbfc94d62be3da899e6f
  branch: develop
  specs:
    rdf-aggregate-repo (3.2.1)
      rdf (~> 3.2)

GIT
  remote: https://github.com/ruby-rdf/rdf-do
  revision: a92b866a7db762cc3670ba0b410deaab762371f4
  branch: develop
  specs:
    rdf-do (3.1.0)
      data_objects (~> 0.10)
      rdf (~> 3.1)

GIT
  remote: https://github.com/ruby-rdf/rdf-isomorphic
  revision: abdbc18608042bbb0a93540d7be5a2a5deff60dd
  branch: develop
  specs:
    rdf-isomorphic (3.2.1)
      rdf (~> 3.2)

GIT
  remote: https://github.com/ruby-rdf/rdf-json
  revision: 6d076de1c0c7499b6d63432b6a85da58c8b5cf03
  branch: develop
  specs:
    rdf-json (3.2.0)
      rdf (~> 3.2)

GIT
  remote: https://github.com/ruby-rdf/rdf-microdata
  revision: 63c57df729d4a185e1bc6d4da188fb9bac5e43b2
  branch: develop
  specs:
    rdf-microdata (3.2.1)
      htmlentities (~> 4.3)
      nokogiri (~> 1.13, >= 1.13.8)
      rdf (~> 3.2)
      rdf-rdfa (~> 3.2, >= 3.2.3)
      rdf-xsd (~> 3.2, >= 3.2.1)

GIT
  remote: https://github.com/ruby-rdf/rdf-n3
  revision: 82ad7d4d6d8cd352b0bc76ff842c398e13f47829
  branch: develop
  specs:
    rdf-n3 (3.2.1)
      ebnf (~> 2.2)
      rdf (~> 3.2, >= 3.2.5)
      sparql (~> 3.2)
      sxp (~> 1.2)

GIT
  remote: https://github.com/ruby-rdf/rdf-normalize
  revision: 272a8568edac5657b86dea3e25282b218ffdcf87
  branch: develop
  specs:
    rdf-normalize (0.6.1)
      rdf (~> 3.2)

GIT
  remote: https://github.com/ruby-rdf/rdf-rdfa
  revision: a05b0affc71d86162da16a928aff9eed2ce30c23
  branch: develop
  specs:
    rdf-rdfa (3.2.3)
      haml (>= 5.2, < 7)
      htmlentities (~> 4.3)
      rdf (~> 3.2)
      rdf-aggregate-repo (~> 3.2)
      rdf-vocab (~> 3.2)
      rdf-xsd (~> 3.2)

GIT
  remote: https://github.com/ruby-rdf/rdf-rdfxml
  revision: 1c16a18da8cd1b212990cb273203398973dc2663
  branch: develop
  specs:
    rdf-rdfxml (3.2.2)
      builder (~> 3.2)
      htmlentities (~> 4.3)
      rdf (~> 3.2)
      rdf-xsd (~> 3.2)

GIT
  remote: https://github.com/ruby-rdf/rdf-reasoner
  revision: 5069fb85d999856de05f51d7253e98cb9c4022a6
  branch: develop
  specs:
    rdf-reasoner (0.8.0)
      rdf (~> 3.2)
      rdf-xsd (~> 3.2)

GIT
  remote: https://github.com/ruby-rdf/rdf-spec
  revision: 0f0b5514b3356e92172bbac2a93997880ff1085a
  branch: develop
  specs:
    rdf-spec (3.2.0)
      amazing_print (~> 1.4)
      rdf (~> 3.2)
      rdf-isomorphic (~> 3.2)
      rexml (~> 3.2)
      rspec (~> 3.10)
      rspec-its (~> 1.3)
      webmock (~> 3.14)

GIT
  remote: https://github.com/ruby-rdf/rdf-tabular
  revision: 541f702ebbd26ff45838587ab91c3ca21eb4093b
  branch: develop
  specs:
    rdf-tabular (3.2.1)
      addressable (~> 2.8)
      bcp47_spec (~> 0.2)
      json-ld (~> 3.2)
      rdf (~> 3.2, >= 3.2.7)
      rdf-vocab (~> 3.2)
      rdf-xsd (~> 3.2)

GIT
  remote: https://github.com/ruby-rdf/rdf-trig
  revision: faa35dbf333085b08b94ed2eeda10ff56b7aefa2
  branch: develop
  specs:
    rdf-trig (3.2.0)
      ebnf (~> 2.3)
      rdf (~> 3.2)
      rdf-turtle (~> 3.2)

GIT
  remote: https://github.com/ruby-rdf/rdf-trix
  revision: d4a56600e081815554a9e51ccf5cf248266cf14f
  branch: develop
  specs:
    rdf-trix (3.2.0)
      rdf (~> 3.2)
      rdf-xsd (~> 3.2)

GIT
  remote: https://github.com/ruby-rdf/rdf-turtle
  revision: b005c590dc7a74314f304b19277f4e1be3b6d412
  branch: develop
  specs:
    rdf-turtle (3.2.1)
      ebnf (~> 2.3)
      rdf (~> 3.2)

GIT
  remote: https://github.com/ruby-rdf/rdf-vocab
  revision: b2fdbb759c61974efdb0f174f3a25b14c0abb325
  branch: develop
  specs:
    rdf-vocab (3.2.7)
      rdf (~> 3.2, >= 3.2.4)

GIT
  remote: https://github.com/ruby-rdf/rdf-xsd
  revision: 877c2e7ed4c27eb2c2b5e2ace6d3f47be75546d0
  branch: develop
  specs:
    rdf-xsd (3.2.1)
      rdf (~> 3.2)
      rexml (~> 3.2)

GIT
  remote: https://github.com/ruby-rdf/shacl
  revision: 6c50ed1f1fefbc1d7c5ab985b80f9d178d8a29a9
  branch: develop
  specs:
    shacl (0.3.0)
      json-ld (~> 3.2)
      rdf (~> 3.2, >= 3.2.8)
      sparql (~> 3.2, >= 3.2.4)
      sxp (~> 1.2)

GIT
  remote: https://github.com/ruby-rdf/shex
  revision: c16c73cc27df537e54cdf046c6a9b43cbb55d0ca
  branch: develop
  specs:
    shex (0.7.1)
      ebnf (~> 2.2)
      htmlentities (~> 4.3)
      json-ld (~> 3.2)
      json-ld-preloaded (~> 3.2)
      rdf (~> 3.2)
      rdf-xsd (~> 3.2)
      sparql (~> 3.2)
      sxp (~> 1.2)

GIT
  remote: https://github.com/ruby-rdf/sinatra-linkeddata
  revision: 861759518a113b2ffcb6d668b83de3775d8690f5
  branch: develop
  specs:
    sinatra-linkeddata (3.2.1)
      rack-linkeddata (~> 3.2, >= 3.2.3)
      sinatra (~> 3.0)

GIT
  remote: https://github.com/ruby-rdf/sparql
  revision: 91e4ef213e7561d72dfd8f8a60b2edf9feba5946
  branch: develop
  specs:
    sparql (3.2.6)
      builder (~> 3.2, >= 3.2.4)
      ebnf (~> 2.3, >= 2.3.5)
      logger (~> 1.5)
      rdf (~> 3.2, >= 3.2.11)
      rdf-aggregate-repo (~> 3.2, >= 3.2.1)
      rdf-xsd (~> 3.2)
      sparql-client (~> 3.2, >= 3.2.2)
      sxp (~> 1.2, >= 1.2.4)

GIT
  remote: https://github.com/ruby-rdf/sparql-client
  revision: d4b44c00bca19029f0a3388083da06a03adcf749
  branch: develop
  specs:
    sparql-client (3.2.2)
      net-http-persistent (~> 4.0, >= 4.0.2)
      rdf (~> 3.2, >= 3.2.11)

GIT
  remote: https://github.com/ruby-rdf/yaml-ld
  revision: 3ed3ab5619d88c62f3a0892f4271c9f02cc9f916
  branch: develop
  specs:
    yaml-ld (0.0.2)
      json-ld (~> 3.2, >= 3.2.3)
      psych (>= 3.3)
      rdf (~> 3.2, >= 3.2.9)
      rdf-xsd (~> 3.2)

PATH
  remote: .
  specs:
    rdf-distiller (3.2.6)
      equivalent-xml (~> 0.6)
      erubis (~> 2.7)
      haml (~> 5.2)
      json-ld-preloaded (~> 3.2)
      nokogiri (~> 1.14)
      puma (~> 6.3, >= 6.3.1)
      rack (~> 2.2)
      rack-cache (~> 1.13)
      redcarpet (~> 3.6)
      rest-client (~> 2.1)
      rest-client-components (~> 1.5)
      sass (~> 3.7)
      sinatra (~> 3.0)
      sinatra-linkeddata (~> 3.2)
      sprockets (~> 4.2)
      sprockets-helpers (~> 1.4)
      uglifier (~> 4.2)
      yard (~> 0.9, >= 0.9.28)

GEM
  remote: https://rubygems.org/
  specs:
    addressable (2.8.5)
      public_suffix (>= 2.0.2, < 6.0)
    amazing_print (1.5.0)
    bcp47_spec (0.2.1)
    better_errors (2.10.1)
      erubi (>= 1.0.0)
      rack (>= 0.9.0)
      rouge (>= 1.0.0)
    binding_of_caller (1.0.0)
      debug_inspector (>= 0.0.1)
    builder (3.2.4)
    byebug (11.1.3)
    concurrent-ruby (1.2.2)
    connection_pool (2.4.1)
    crack (0.4.5)
      rexml
    data_objects (0.10.17)
      addressable (~> 2.1)
    debug_inspector (1.1.0)
    diff-lcs (1.5.0)
    domain_name (0.5.20190701)
      unf (>= 0.0.5, < 1.0.0)
    equivalent-xml (0.6.0)
      nokogiri (>= 1.4.3)
    erubi (1.12.0)
    erubis (2.7.0)
    execjs (2.8.1)
    ffi (1.15.5)
    haml (5.2.2)
      temple (>= 0.8.0)
      tilt
    hamster (3.0.0)
      concurrent-ruby (~> 1.0)
    hashdiff (1.0.1)
    htmlentities (4.3.4)
    http-accept (1.7.0)
    http-cookie (1.0.5)
      domain_name (~> 0.5)
    json-canonicalization (0.3.2)
    jsonpath (1.1.3)
      multi_json
    link_header (0.0.8)
    logger (1.5.3)
    matrix (0.4.2)
    mime-types (3.5.0)
      mime-types-data (~> 3.2015)
    mime-types-data (3.2023.0808)
    multi_json (1.15.0)
    mustermann (3.0.0)
      ruby2_keywords (~> 0.0.1)
    net-http-persistent (4.0.2)
      connection_pool (~> 2.2)
    netrc (0.11.0)
    nio4r (2.5.9)
    nokogiri (1.15.4-arm64-darwin)
      racc (~> 1.4)
    nokogiri (1.15.4-x86_64-darwin)
      racc (~> 1.4)
    nokogiri (1.15.4-x86_64-linux)
      racc (~> 1.4)
    psych (5.1.0)
      stringio
    public_suffix (5.0.3)
    puma (6.3.1)
      nio4r (~> 2.0)
    racc (1.7.1)
    rack (2.2.8)
    rack-cache (1.14.0)
      rack (>= 0.4)
    rack-protection (3.1.0)
      rack (~> 2.2, >= 2.2.4)
    rack-rdf (3.2.3)
      rack (>= 2.2, < 4)
      rdf (~> 3.2)
    rack-test (2.1.0)
      rack (>= 1.3)
    rake (13.0.6)
    rb-fsevent (0.11.2)
    rb-inotify (0.10.1)
      ffi (~> 1.0)
    rdf-hamster-repo (3.2.1)
      hamster (~> 3.0)
      rdf (~> 3.2, >= 3.2.1)
    rdf-ordered-repo (3.2.1)
      rdf (~> 3.2, >= 3.2.1)
    redcarpet (3.6.0)
    rest-client (2.1.0)
      http-accept (>= 1.7.0, < 2.0)
      http-cookie (>= 1.0.2, < 2.0)
      mime-types (>= 1.16, < 4.0)
      netrc (~> 0.8)
    rest-client-components (1.5.0)
      rack (>= 1.0.1)
      rest-client (>= 1.6.0)
    rexml (3.2.6)
    rouge (4.1.3)
    rspec (3.12.0)
      rspec-core (~> 3.12.0)
      rspec-expectations (~> 3.12.0)
      rspec-mocks (~> 3.12.0)
    rspec-core (3.12.2)
      rspec-support (~> 3.12.0)
    rspec-expectations (3.12.3)
      diff-lcs (>= 1.2.0, < 2.0)
      rspec-support (~> 3.12.0)
    rspec-its (1.3.0)
      rspec-core (>= 3.0.0)
      rspec-expectations (>= 3.0.0)
    rspec-mocks (3.12.6)
      diff-lcs (>= 1.2.0, < 2.0)
      rspec-support (~> 3.12.0)
    rspec-support (3.12.1)
    ruby2_keywords (0.0.5)
    sass (3.7.4)
      sass-listen (~> 4.0.0)
    sass-listen (4.0.0)
      rb-fsevent (~> 0.9, >= 0.9.4)
      rb-inotify (~> 0.9, >= 0.9.7)
    scanf (1.0.0)
    shotgun (0.9.2)
      rack (>= 1.0)
    sinatra (3.1.0)
      mustermann (~> 3.0)
      rack (~> 2.2, >= 2.2.4)
      rack-protection (= 3.1.0)
      tilt (~> 2.0)
    sprockets (4.2.0)
      concurrent-ruby (~> 1.0)
      rack (>= 2.2.4, < 4)
    sprockets-helpers (1.4.0)
      sprockets (>= 2.2)
    stringio (3.0.8)
    syntax (1.2.2)
    temple (0.10.2)
    tilt (2.2.0)
    uglifier (4.2.0)
      execjs (>= 0.3.0, < 3)
    unf (0.1.4)
      unf_ext
    unf_ext (0.0.8.2)
    unicode-types (1.8.0)
    webmock (3.18.1)
      addressable (>= 2.8.0)
      crack (>= 0.3.2)
      hashdiff (>= 0.4.0, < 2.0.0)
    yard (0.9.34)

PLATFORMS
  arm64-darwin-20
  arm64-darwin-21
  arm64-darwin-22
  x86_64-darwin-20
  x86_64-linux

DEPENDENCIES
  better_errors (>= 2.9.1)
  binding_of_caller
  byebug
  ebnf!
  json-ld!
  json-ld-preloaded!
  jsonpath (~> 1.1)
  ld-patch!
  linkeddata!
  rack-linkeddata!
  rack-test (~> 2.1)
  rake
  rdf!
  rdf-aggregate-repo!
  rdf-distiller!
  rdf-do!
  rdf-isomorphic!
  rdf-json!
  rdf-microdata!
  rdf-n3!
  rdf-normalize!
  rdf-rdfa!
  rdf-rdfxml!
  rdf-reasoner!
  rdf-spec!
  rdf-tabular!
  rdf-trig!
  rdf-trix!
  rdf-turtle!
  rdf-vocab!
  rdf-xsd!
  rspec (~> 3.12)
  rspec-its (~> 1.3)
  shacl!
  shex!
  shotgun (>= 0.9.2)
  sinatra-linkeddata!
  sparql!
  sparql-client!
  sxp!
  syntax
  webmock (~> 3.18)
  yaml-ld!

RUBY VERSION
   ruby 3.2.2p53

BUNDLED WITH
   2.4.17
