GIT
  remote: https://github.com/dryruby/ebnf
  revision: d3495fb540989f2ff57b04fbd867bab485a0ec20
  branch: develop
  specs:
    ebnf (2.2.1)
      amazing_print (~> 1.2)
      htmlentities (~> 4.3)
      rdf (~> 3.1)
      scanf (~> 1.0)
      sxp (~> 1.1)
      unicode-types (~> 1.6)

GIT
  remote: https://github.com/dryruby/sxp.rb
  revision: 86e8f8e76d0cde4ff0f6aeba28f7cdfcac5684cc
  branch: develop
  specs:
    sxp (1.1.0)
      rdf (~> 3.1)

GIT
  remote: https://github.com/ruby-rdf/json-ld
  revision: f7daf36de697a4654c73d7bc81445e93a5d0a3aa
  branch: develop
  specs:
    json-ld (3.1.10)
      htmlentities (~> 4.3)
      json-canonicalization (~> 0.2)
      link_header (~> 0.0, >= 0.0.8)
      multi_json (~> 1.14)
      rack (~> 2.0)
      rdf (~> 3.1)

GIT
  remote: https://github.com/ruby-rdf/json-ld-preloaded
  revision: 241b763afb158c59b7b4440d868fe5744bba167e
  branch: develop
  specs:
    json-ld-preloaded (3.1.6)
      json-ld (~> 3.1)
      rdf (~> 3.1)

GIT
  remote: https://github.com/ruby-rdf/ld-patch
  revision: d6beaede4c85d567e27d83d35600b0017db8dad0
  branch: develop
  specs:
    ld-patch (3.1.3)
      ebnf (~> 2.1)
      rdf (~> 3.1)
      rdf-xsd (~> 3.1)
      sparql (~> 3.1)
      sxp (~> 1.1)

GIT
  remote: https://github.com/ruby-rdf/linkeddata
  revision: d5eaab77c2c133bb7db70bd38561a194d3dc969d
  branch: develop
  specs:
    linkeddata (3.1.5)
      equivalent-xml (~> 0.6)
      json-ld (~> 3.1, >= 3.1.9)
      json-ld-preloaded (~> 3.1, >= 3.1.5)
      ld-patch (~> 3.1, >= 3.1.3)
      nokogiri (~> 1.10)
      nokogumbo (~> 2.0)
      rdf (~> 3.1, >= 3.1.13)
      rdf-aggregate-repo (~> 3.1)
      rdf-isomorphic (~> 3.1, >= 3.1.1)
      rdf-json (~> 3.1)
      rdf-microdata (~> 3.1, >= 3.1.2)
      rdf-n3 (~> 3.1, >= 3.1.2)
      rdf-normalize (~> 0.4)
      rdf-ordered-repo (~> 3.1, >= 3.1.1)
      rdf-rdfa (~> 3.1, >= 3.1.3)
      rdf-rdfxml (~> 3.1, >= 3.1.1)
      rdf-reasoner (~> 0.7, >= 0.7.2)
      rdf-tabular (~> 3.1, >= 3.1.1)
      rdf-trig (~> 3.1, >= 3.1.2)
      rdf-trix (~> 3.1)
      rdf-turtle (~> 3.1, >= 3.1.3)
      rdf-vocab (~> 3.1, >= 3.1.12)
      rdf-xsd (~> 3.1)
      shacl (~> 0.1, >= 0.1.1)
      shex (~> 0.6, >= 0.6.1)
      sparql (~> 3.1, >= 3.1.5)
      sparql-client (~> 3.1, >= 3.1.2)

GIT
  remote: https://github.com/ruby-rdf/rack-linkeddata
  revision: eff68ca4a9cc33eddc7014ad698af14d67b6eac4
  branch: develop
  specs:
    rack-linkeddata (3.1.2)
      linkeddata (~> 3.1, >= 3.1.3)
      rack (~> 2.1)
      rack-rdf (~> 3.1, >= 3.1.1)

GIT
  remote: https://github.com/ruby-rdf/rdf
  revision: e4be611d9ee4ef009ce67f82dbe30dd99ecb6f29
  branch: develop
  specs:
    rdf (3.1.15)
      hamster (~> 3.0)
      link_header (~> 0.0, >= 0.0.8)

GIT
  remote: https://github.com/ruby-rdf/rdf-aggregate-repo
  revision: c6d4813a19d04452eeba8e3466036b4eaafb954e
  branch: develop
  specs:
    rdf-aggregate-repo (3.1.0)
      rdf (~> 3.1)

GIT
  remote: https://github.com/ruby-rdf/rdf-do
  revision: a92b866a7db762cc3670ba0b410deaab762371f4
  branch: develop
  specs:
    rdf-do (3.1.0)
      data_objects (~> 0.10)
      rdf (~> 3.1)

GIT
  remote: https://github.com/ruby-rdf/rdf-isomorphic
  revision: d3d3e78f7dfaf0c602856aa1272200d2efba7aaf
  branch: develop
  specs:
    rdf-isomorphic (3.1.1)
      rdf (~> 3.1)

GIT
  remote: https://github.com/ruby-rdf/rdf-json
  revision: f3ee59f897775781d9d0cd96f8ce20f9d1942187
  branch: develop
  specs:
    rdf-json (3.1.0)
      rdf (~> 3.1)

GIT
  remote: https://github.com/ruby-rdf/rdf-microdata
  revision: 60eb619bd4f9197adf3895e06d855542c4e9f788
  branch: develop
  specs:
    rdf-microdata (3.1.3)
      htmlentities (~> 4.3)
      nokogiri (~> 1.10)
      rdf (~> 3.1, >= 3.1.13)
      rdf-rdfa (~> 3.1, >= 3.1.3)
      rdf-xsd (~> 3.1)

GIT
  remote: https://github.com/ruby-rdf/rdf-n3
  revision: f26ee480b37fb6e12c3688386f9c8c849ee3435b
  branch: develop
  specs:
    rdf-n3 (3.1.2)
      ebnf (~> 2.1)
      rdf (~> 3.1, >= 3.1.12)
      sparql (~> 3.1, >= 3.1.4)
      sxp (~> 1.1)

GIT
  remote: https://github.com/ruby-rdf/rdf-normalize
  revision: d373b7e46b974da61cbac14229ba96e4925a8c72
  branch: develop
  specs:
    rdf-normalize (0.4.0)
      rdf (~> 3.1, >= 3.1.12)

GIT
  remote: https://github.com/ruby-rdf/rdf-ordered-repo
  revision: e363c2e8475cbb689e13ed5ae560f736a3a0aea8
  branch: develop
  specs:
    rdf-ordered-repo (3.1.1)
      rdf (~> 3.1)

GIT
  remote: https://github.com/ruby-rdf/rdf-rdfa
  revision: f30555a36c764e3b189ee9da48b34410c5cf86e5
  branch: develop
  specs:
    rdf-rdfa (3.1.3)
      haml (~> 5.2)
      htmlentities (~> 4.3)
      rdf (~> 3.1, >= 3.1.13)
      rdf-aggregate-repo (~> 3.1)
      rdf-vocab (~> 3.1, >= 3.1.11)
      rdf-xsd (~> 3.1)

GIT
  remote: https://github.com/ruby-rdf/rdf-rdfxml
  revision: 37c6a104a5f88ad18ca0f31965e6a94cfd307154
  branch: develop
  specs:
    rdf-rdfxml (3.1.1)
      htmlentities (~> 4.3)
      rdf (~> 3.1, >= 3.1.12)
      rdf-rdfa (~> 3.1, >= 3.1.2)
      rdf-xsd (~> 3.1)

GIT
  remote: https://github.com/ruby-rdf/rdf-reasoner
  revision: ef53ba0e229e32f0a39c6820ee73e264afbd67d5
  branch: develop
  specs:
    rdf-reasoner (0.7.2)
      rdf (~> 3.1, >= 3.1.12)
      rdf-xsd (~> 3.1)

GIT
  remote: https://github.com/ruby-rdf/rdf-spec
  revision: 8fc8a1f1fdd54ffbcf459a36bbebbe870635d328
  branch: develop
  specs:
    rdf-spec (3.1.2)
      amazing_print (~> 1.2)
      rdf (~> 3.1, >= 3.1.8)
      rdf-isomorphic (~> 3.1)
      rexml (~> 3.2)
      rspec (~> 3.9)
      rspec-its (~> 1.3)
      webmock (~> 3.7)

GIT
  remote: https://github.com/ruby-rdf/rdf-tabular
  revision: 068d4e8c6507100b83ab5bbf113c0c989ecdf2de
  branch: develop
  specs:
    rdf-tabular (3.1.1)
      addressable (~> 2.7)
      bcp47 (~> 0.3, >= 0.3.3)
      json-ld (~> 3.1)
      rdf (~> 3.1)
      rdf-vocab (~> 3.1)
      rdf-xsd (~> 3.1)

GIT
  remote: https://github.com/ruby-rdf/rdf-trig
  revision: aa6bb9f7ace479e04aadac866f1bb541df3aded8
  branch: develop
  specs:
    rdf-trig (3.1.2)
      ebnf (~> 2.1)
      rdf (~> 3.1)
      rdf-turtle (~> 3.1)

GIT
  remote: https://github.com/ruby-rdf/rdf-trix
  revision: 8bd2f68f2c6a303c5ebd6021d3eee971e9262c31
  branch: develop
  specs:
    rdf-trix (3.1.1)
      rdf (~> 3.1)
      rdf-xsd (~> 3.1)

GIT
  remote: https://github.com/ruby-rdf/rdf-turtle
  revision: 01375389d2ce1d39259689e74ff3198a393e7b05
  branch: develop
  specs:
    rdf-turtle (3.1.3)
      ebnf (~> 2.1)
      rdf (~> 3.1, >= 3.1.8)

GIT
  remote: https://github.com/ruby-rdf/rdf-vocab
  revision: 19764d54f513a11a394d3ba70507b9f2116208ab
  branch: develop
  specs:
    rdf-vocab (3.1.14)
      rdf (~> 3.1, >= 3.1.12)

GIT
  remote: https://github.com/ruby-rdf/rdf-xsd
  revision: e1038022de9eb017e1f219864cc13031a44c2440
  branch: develop
  specs:
    rdf-xsd (3.1.1)
      rdf (~> 3.1)
      rexml (~> 3.2)

GIT
  remote: https://github.com/ruby-rdf/shacl
  revision: 0f66a7be178d4521c69802acb9cb1671d0381f33
  branch: develop
  specs:
    shacl (0.1.1)
      json-ld (~> 3.1, >= 3.1.7)
      rdf (~> 3.1, >= 3.1.8)
      sparql (~> 3.1)
      sxp (~> 1.1)

GIT
  remote: https://github.com/ruby-rdf/shex
  revision: 7cdbd57ce725d556e7ef614fff0440b8cb2a557a
  branch: develop
  specs:
    shex (0.6.4)
      ebnf (~> 2.1, >= 2.2)
      htmlentities (~> 4.3)
      json-ld (~> 3.1)
      json-ld-preloaded (~> 3.1)
      rdf (~> 3.1)
      rdf-xsd (~> 3.1)
      sparql (~> 3.1)
      sxp (~> 1.1)

GIT
  remote: https://github.com/ruby-rdf/sinatra-linkeddata
  revision: 9773990281e4e759e20e9328031faba194130ff2
  branch: develop
  specs:
    sinatra-linkeddata (3.1.2)
      rack-linkeddata (~> 3.1, >= 3.1.2)
      sinatra (~> 2.1)

GIT
  remote: https://github.com/ruby-rdf/sparql
  revision: 97b22a054ad484c7dc0bc7185f4185c4a0c211cb
  branch: develop
  specs:
    sparql (3.1.8)
      builder (~> 3.2)
      ebnf (~> 2.1)
      logger (~> 1.4)
      rdf (~> 3.1, >= 3.1.14)
      rdf-aggregate-repo (~> 3.1)
      rdf-xsd (~> 3.1)
      sparql-client (~> 3.1, >= 3.1.2)
      sxp (~> 1.1)

GIT
  remote: https://github.com/ruby-rdf/sparql-client
  revision: 84adf30962098991fcdfc1044b7432cda4017e70
  branch: develop
  specs:
    sparql-client (3.1.2)
      net-http-persistent (~> 4.0, >= 4.0.1)
      rdf (~> 3.1)

PATH
  remote: .
  specs:
    rdf-distiller (3.1.18)
      equivalent-xml (~> 0.6)
      erubis (~> 2.7)
      haml (~> 5.2)
      json-compare (~> 0.1)
      json-ld-preloaded (~> 3.1)
      maruku (~> 0.7)
      nokogiri (~> 1.12)
      puma (>= 4.3, < 6.0)
      rack (~> 2.2)
      rack-cache (~> 1.12)
      redcarpet (~> 3.5)
      rest-client (~> 2.1)
      rest-client-components (~> 1.5)
      sassc (~> 2.4)
      sinatra (~> 2.1)
      sinatra-asset-pipeline (~> 2.2)
      sinatra-linkeddata (~> 3.1, >= 3.1.2)
      sprockets (~> 3.7)
      sprockets-helpers (~> 1.4)
      uglifier (~> 4.2)
      yard (~> 0.9, >= 0.9.25)

GEM
  remote: https://rubygems.org/
  specs:
    addressable (2.8.0)
      public_suffix (>= 2.0.2, < 5.0)
    amazing_print (1.3.0)
    bcp47 (0.3.3)
      i18n
    better_errors (2.9.1)
      coderay (>= 1.0.0)
      erubi (>= 1.0.0)
      rack (>= 0.9.0)
    binding_of_caller (1.0.0)
      debug_inspector (>= 0.0.1)
    builder (3.2.4)
    byebug (11.1.3)
    coderay (1.1.3)
    coffee-script (2.4.1)
      coffee-script-source
      execjs
    coffee-script-source (1.12.2)
    concurrent-ruby (1.1.9)
    connection_pool (2.2.5)
    crack (0.4.5)
      rexml
    data_objects (0.10.17)
      addressable (~> 2.1)
    debug_inspector (1.1.0)
    diff-lcs (1.4.4)
    domain_name (0.5.20190701)
      unf (>= 0.0.5, < 1.0.0)
    equivalent-xml (0.6.0)
      nokogiri (>= 1.4.3)
    erubi (1.10.0)
    erubis (2.7.0)
    execjs (2.8.1)
    ffi (1.15.4)
    foreman (0.87.2)
    haml (5.2.2)
      temple (>= 0.8.0)
      tilt
    hamster (3.0.0)
      concurrent-ruby (~> 1.0)
    hashdiff (1.0.1)
    htmlentities (4.3.4)
    http-accept (1.7.0)
    http-cookie (1.0.4)
      domain_name (~> 0.5)
    i18n (1.8.10)
      concurrent-ruby (~> 1.0)
    json-canonicalization (0.2.1)
    json-compare (0.1.8)
    jsonpath (1.1.0)
      multi_json
    link_header (0.0.8)
    logger (1.4.3)
    maruku (0.7.3)
    mime-types (3.3.1)
      mime-types-data (~> 3.2015)
    mime-types-data (3.2021.0901)
    multi_json (1.15.0)
    mustermann (1.1.1)
      ruby2_keywords (~> 0.0.1)
    net-http-persistent (4.0.1)
      connection_pool (~> 2.2)
    netrc (0.11.0)
    nio4r (2.5.8)
    nokogiri (1.12.5-arm64-darwin)
      racc (~> 1.4)
    nokogiri (1.12.5-x86_64-darwin)
      racc (~> 1.4)
    nokogiri (1.12.5-x86_64-linux)
      racc (~> 1.4)
    nokogumbo (2.0.5)
      nokogiri (~> 1.8, >= 1.8.4)
    public_suffix (4.0.6)
    puma (5.5.1)
      nio4r (~> 2.0)
    racc (1.5.2)
    rack (2.2.3)
    rack-cache (1.13.0)
      rack (>= 0.4)
    rack-protection (2.1.0)
      rack
    rack-rdf (3.1.1)
      rack (~> 2.1)
      rdf (~> 3.1, >= 3.1.8)
    rack-test (1.1.0)
      rack (>= 1.0, < 3)
    rake (12.3.3)
    rb-fsevent (0.11.0)
    rb-inotify (0.10.1)
      ffi (~> 1.0)
    redcarpet (3.5.1)
    rest-client (2.1.0)
      http-accept (>= 1.7.0, < 2.0)
      http-cookie (>= 1.0.2, < 2.0)
      mime-types (>= 1.16, < 4.0)
      netrc (~> 0.8)
    rest-client-components (1.5.0)
      rack (>= 1.0.1)
      rest-client (>= 1.6.0)
    rexml (3.2.5)
    rspec (3.10.0)
      rspec-core (~> 3.10.0)
      rspec-expectations (~> 3.10.0)
      rspec-mocks (~> 3.10.0)
    rspec-core (3.10.1)
      rspec-support (~> 3.10.0)
    rspec-expectations (3.10.1)
      diff-lcs (>= 1.2.0, < 2.0)
      rspec-support (~> 3.10.0)
    rspec-its (1.3.0)
      rspec-core (>= 3.0.0)
      rspec-expectations (>= 3.0.0)
    rspec-mocks (3.10.2)
      diff-lcs (>= 1.2.0, < 2.0)
      rspec-support (~> 3.10.0)
    rspec-support (3.10.2)
    ruby2_keywords (0.0.5)
    sass (3.7.4)
      sass-listen (~> 4.0.0)
    sass-listen (4.0.0)
      rb-fsevent (~> 0.9, >= 0.9.4)
      rb-inotify (~> 0.9, >= 0.9.7)
    sassc (2.4.0)
      ffi (~> 1.9)
    scanf (1.0.0)
    shotgun (0.9.2)
      rack (>= 1.0)
    sinatra (2.1.0)
      mustermann (~> 1.0)
      rack (~> 2.2)
      rack-protection (= 2.1.0)
      tilt (~> 2.0)
    sinatra-asset-pipeline (2.2.1)
      coffee-script (~> 2.4)
      rake (~> 12.3)
      sass (~> 3.5)
      sinatra (~> 2.0)
      sprockets (~> 3.7)
      sprockets-helpers (~> 1.2)
    sprockets (3.7.2)
      concurrent-ruby (~> 1.0)
      rack (> 1, < 3)
    sprockets-helpers (1.4.0)
      sprockets (>= 2.2)
    syntax (1.2.2)
    temple (0.8.2)
    tilt (2.0.10)
    uglifier (4.2.0)
      execjs (>= 0.3.0, < 3)
    unf (0.1.4)
      unf_ext
    unf_ext (0.0.8)
    unicode-types (1.7.0)
    webmock (3.14.0)
      addressable (>= 2.8.0)
      crack (>= 0.3.2)
      hashdiff (>= 0.4.0, < 2.0.0)
    yard (0.9.26)

PLATFORMS
  arm64-darwin-20
  x86_64-darwin-20
  x86_64-linux

DEPENDENCIES
  better_errors (>= 2.7.1)
  binding_of_caller
  byebug
  ebnf!
  foreman
  json-ld!
  json-ld-preloaded!
  jsonpath (~> 1.0)
  ld-patch!
  linkeddata!
  rack-linkeddata!
  rack-test (~> 1.1)
  rake
  rdf!
  rdf-aggregate-repo!
  rdf-distiller!
  rdf-do!
  rdf-isomorphic!
  rdf-json!
  rdf-microdata!
  rdf-n3!
  rdf-normalize!
  rdf-ordered-repo!
  rdf-rdfa!
  rdf-rdfxml!
  rdf-reasoner!
  rdf-spec!
  rdf-tabular!
  rdf-trig!
  rdf-trix!
  rdf-turtle!
  rdf-vocab!
  rdf-xsd!
  rspec (~> 3.10)
  rspec-its (~> 1.3)
  shacl!
  shex!
  shotgun (>= 0.9.2)
  sinatra-linkeddata!
  sparql!
  sparql-client!
  sxp!
  syntax
  webmock (~> 3.11)

RUBY VERSION
   ruby 3.0.2p107

BUNDLED WITH
   2.2.26
