GIT
  remote: https://github.com/dryruby/sxp.rb
  revision: aceb05020d8730bdd6e0b4fa3875d7b5e72ad0d2
  branch: develop
  specs:
    sxp (1.0.1)
      rdf (~> 3.0)

GIT
  remote: https://github.com/ruby-rdf/json-ld
  revision: 917f5bbf14b92c50b4a58515e2fe82664649246c
  branch: develop
  specs:
    json-ld (3.0.2)
      multi_json (~> 1.13)
      rack (>= 1.6, < 3.0)

GIT
  remote: https://github.com/ruby-rdf/json-ld-preloaded
  revision: 2d24955b400df0cf1db6ad99699238f1e5b2474c
  branch: develop
  specs:
    json-ld-preloaded (3.0.2)
      json-ld (~> 3.0)
      multi_json (~> 1.12)
      rdf (~> 3.0)

GIT
  remote: https://github.com/ruby-rdf/ld-patch
  revision: 554433777b11d4ea427ae789ab0cb7fbce180e32
  branch: develop
  specs:
    ld-patch (0.3.3)
      ebnf (~> 1.1)
      rdf (~> 3.0)
      rdf-xsd (~> 3.0)
      sparql (~> 3.0)
      sxp (~> 1.0)

GIT
  remote: https://github.com/ruby-rdf/linkeddata
  revision: 967194a849a8f3721e66006dcb3e79134461b506
  branch: develop
  specs:
    linkeddata (3.0.1)
      equivalent-xml (~> 0.6)
      json-ld (>= 2.2.1, < 4.0)
      ld-patch (~> 0.3, >= 0.3.3)
      nokogiri (~> 1.8)
      nokogumbo (~> 1.5)
      rdf (~> 3.0)
      rdf-aggregate-repo (>= 2.2.1, < 4.0)
      rdf-isomorphic (~> 3.0)
      rdf-json (>= 2.2, < 4.0)
      rdf-microdata (>= 2.2.3, < 4.0)
      rdf-n3 (~> 3.0)
      rdf-normalize (~> 0.3, >= 0.3.3)
      rdf-rdfa (~> 3.0)
      rdf-rdfxml (>= 2.2.1, < 4.0)
      rdf-reasoner (~> 0.5.0)
      rdf-tabular (>= 2.2.1, < 4.0)
      rdf-trig (>= 2.2, < 4.0)
      rdf-trix (>= 2.2.1, < 4.0)
      rdf-turtle (~> 3.0, >= 3.0.1)
      rdf-vocab (~> 3.0)
      rdf-xsd (~> 3.0)
      shex (~> 0.5, >= 0.5.2)
      sparql (~> 3.0)
      sparql-client (~> 3.0)

GIT
  remote: https://github.com/ruby-rdf/rack-linkeddata
  revision: 97ade709dd34a25d878b139809471866f636140f
  branch: develop
  specs:
    rack-linkeddata (3.0.0)
      linkeddata (~> 3.0)
      rack (~> 2.0)
      rdf (~> 3.0, >= 3.0.8)

GIT
  remote: https://github.com/ruby-rdf/rdf
  revision: 130bcc95a304a8da93a6804474632aab5def784a
  branch: develop
  specs:
    rdf (3.0.8)
      hamster (~> 3.0)
      link_header (~> 0.0, >= 0.0.8)

GIT
  remote: https://github.com/ruby-rdf/rdf-aggregate-repo
  revision: d235d0cc4de04de2494cfa1a97d26c081d823f4d
  branch: develop
  specs:
    rdf-aggregate-repo (2.2.1)
      rdf (~> 3.0)

GIT
  remote: https://github.com/ruby-rdf/rdf-do
  revision: 842ddf66593af01ac74be624d88a429cbdc8355d
  branch: develop
  specs:
    rdf-do (2.2.0)
      data_objects (~> 0.10)
      rdf (~> 3.0)

GIT
  remote: https://github.com/ruby-rdf/rdf-isomorphic
  revision: 51e9893172c8e20da7ac136d8269bd069f2cb9d9
  branch: develop
  specs:
    rdf-isomorphic (3.0.0)
      rdf (~> 3.0)

GIT
  remote: https://github.com/ruby-rdf/rdf-json
  revision: 077a0126b17ed423d805b20c620e8522a8754419
  branch: develop
  specs:
    rdf-json (2.2.0)
      rdf (~> 3.0)

GIT
  remote: https://github.com/ruby-rdf/rdf-microdata
  revision: 8abed9b9757a1de0b9d9f2f5043b701ab4c41b51
  branch: develop
  specs:
    rdf-microdata (2.2.3)
      htmlentities (~> 4.3)
      nokogiri (~> 1.8)
      rdf (~> 3.0)
      rdf-xsd (~> 3.0)

GIT
  remote: https://github.com/ruby-rdf/rdf-n3
  revision: 8fbbffab2bf21ce24121397a3c059f2db49c4dc2
  branch: develop
  specs:
    rdf-n3 (3.0.1)
      rdf (~> 3.0)

GIT
  remote: https://github.com/ruby-rdf/rdf-normalize
  revision: 3d31c79ba2edc4bd373f06028c4fca957c0a6a00
  branch: develop
  specs:
    rdf-normalize (0.3.3)
      rdf (~> 3.0)

GIT
  remote: https://github.com/ruby-rdf/rdf-rdfa
  revision: c8f8ceaa0f8c8649ebd653363317af21bb91ccf9
  branch: develop
  specs:
    rdf-rdfa (3.0.1)
      haml (~> 5.0)
      htmlentities (~> 4.3)
      rdf (~> 3.0)
      rdf-aggregate-repo (>= 2.2, < 4.0)
      rdf-xsd (~> 3.0)

GIT
  remote: https://github.com/ruby-rdf/rdf-rdfxml
  revision: 188a05c2a9d1b491b29808b5055badf7cf74ac2a
  branch: develop
  specs:
    rdf-rdfxml (2.2.1)
      htmlentities (~> 4.3)
      rdf (~> 3.0)
      rdf-rdfa (~> 3.0)
      rdf-xsd (~> 3.0)

GIT
  remote: https://github.com/ruby-rdf/rdf-reasoner
  revision: 083b2c923c7191771a0bd5b004709631737d34e0
  branch: develop
  specs:
    rdf-reasoner (0.5.1)
      rdf (~> 3.0)
      rdf-vocab (~> 3.0)
      rdf-xsd (~> 3.0)

GIT
  remote: https://github.com/ruby-rdf/rdf-spec
  revision: 18df1859275219a1b11d19115e0c559505a18b6a
  branch: develop
  specs:
    rdf-spec (3.0.0)
      rdf (~> 3.0)
      rdf-isomorphic (~> 3.0)
      rspec (~> 3.7)
      rspec-its (~> 1.2)
      webmock (~> 3.1)

GIT
  remote: https://github.com/ruby-rdf/rdf-tabular
  revision: 0892626da9fd843309cd6885c42e675685c3f67e
  branch: develop
  specs:
    rdf-tabular (2.2.1)
      addressable (~> 2.3)
      bcp47 (~> 0.3, >= 0.3.3)
      json-ld (>= 2.1, < 4.0)
      rdf (~> 3.0)
      rdf-vocab (~> 3.0)
      rdf-xsd (~> 3.0)

GIT
  remote: https://github.com/ruby-rdf/rdf-trig
  revision: 968335f303a53d096be91e66c32f8ec3940b1b19
  branch: develop
  specs:
    rdf-trig (3.0.1)
      ebnf (~> 1.1)
      rdf (~> 3.0)
      rdf-turtle (~> 3.0, >= 3.0.3)

GIT
  remote: https://github.com/ruby-rdf/rdf-trix
  revision: 3368a57591c1a6f60800890f085fa84981bc9f9b
  branch: develop
  specs:
    rdf-trix (2.2.1)
      rdf (~> 3.0)

GIT
  remote: https://github.com/ruby-rdf/rdf-turtle
  revision: a6d3cc5de259bded0fd2bee48a3a40b19e553749
  branch: develop
  specs:
    rdf-turtle (3.0.3)
      ebnf (~> 1.1)
      rdf (~> 3.0)

GIT
  remote: https://github.com/ruby-rdf/rdf-vocab
  revision: 961cc6e81ccd491a2d712c04dedd64441ab63415
  branch: develop
  specs:
    rdf-vocab (3.0.4)
      rdf (~> 3.0)

GIT
  remote: https://github.com/ruby-rdf/rdf-xsd
  revision: 26809a24a0ade92e27c6dce2b27e61443c34aab4
  branch: develop
  specs:
    rdf-xsd (3.0.1)
      rdf (~> 3.0)

GIT
  remote: https://github.com/ruby-rdf/shex
  revision: d1a67461a724fbea0f8258864bcce709d62f1d3e
  branch: develop
  specs:
    shex (0.5.2)
      ebnf (~> 1.1)
      json-ld (>= 2.2, < 4.0)
      json-ld-preloaded (~> 3.0)
      rdf (~> 3.0)
      rdf-xsd (~> 3.0)
      sparql (~> 3.0)
      sxp (~> 1.0)

GIT
  remote: https://github.com/ruby-rdf/sinatra-linkeddata
  revision: 767c29b9b1eb743678da2dc9029a284731e71944
  branch: develop
  specs:
    sinatra-linkeddata (3.0.0)
      rack-linkeddata (~> 3.0)
      sinatra (~> 2.0)

GIT
  remote: https://github.com/ruby-rdf/sparql
  revision: c538fb1e9994e031348595b7f701051f1283b9a7
  branch: develop
  specs:
    sparql (3.0.2)
      builder (~> 3.2)
      ebnf (~> 1.1)
      rdf (~> 3.0)
      rdf-aggregate-repo (>= 2.2, < 4.0)
      rdf-xsd (~> 3.0)
      sparql-client (~> 3.0)
      sxp (~> 1.0)

GIT
  remote: https://github.com/ruby-rdf/sparql-client
  revision: 26e0e1ab72f7a18d7e2d7d3ffe71ad5427a9cf82
  branch: develop
  specs:
    sparql-client (3.0.1)
      net-http-persistent (>= 2.9, < 4)
      rdf (~> 3.0)

PATH
  remote: .
  specs:
    rdf-distiller (3.0.5)
      equivalent-xml (~> 0.6)
      erubis (~> 2.7)
      haml (~> 5.0)
      json-compare (~> 0.1)
      json-ld-preloaded (~> 3.0)
      linkeddata (~> 3.0)
      maruku (~> 0.7)
      nokogiri (~> 1.8)
      nokogumbo (~> 1.5)
      puma (~> 3.11)
      rack (~> 2.0)
      rack-cache (~> 1.7)
      redcarpet (~> 3.4)
      rest-client (~> 2.0)
      rest-client-components (~> 1.5)
      sass (~> 3.5)
      sinatra (~> 2.0)
      sinatra-asset-pipeline (~> 2.0)
      sprockets (~> 3.7.2)
      sprockets-helpers (~> 1.2)
      uglifier (~> 3.2)
      yard (~> 0.9.12)

GEM
  remote: http://rubygems.org/
  specs:
    addressable (2.5.2)
      public_suffix (>= 2.0.2, < 4.0)
    bcp47 (0.3.3)
      i18n
    better_errors (2.5.0)
      coderay (>= 1.0.0)
      erubi (>= 1.0.0)
      rack (>= 0.9.0)
    binding_of_caller (0.8.0)
      debug_inspector (>= 0.0.1)
    builder (3.2.3)
    byebug (10.0.2)
    coderay (1.1.2)
    coffee-script (2.4.1)
      coffee-script-source
      execjs
    coffee-script-source (1.12.2)
    concurrent-ruby (1.1.4)
    connection_pool (2.2.2)
    crack (0.4.3)
      safe_yaml (~> 1.0.0)
    data_objects (0.10.17)
      addressable (~> 2.1)
    debug_inspector (0.0.3)
    diff-lcs (1.3)
    domain_name (0.5.20180417)
      unf (>= 0.0.5, < 1.0.0)
    ebnf (1.1.3)
      rdf (~> 3.0)
      sxp (~> 1.0)
    equivalent-xml (0.6.0)
      nokogiri (>= 1.4.3)
    erubi (1.8.0)
    erubis (2.7.0)
    execjs (2.7.0)
    ffi (1.9.25)
    foreman (0.85.0)
      thor (~> 0.19.1)
    haml (5.0.4)
      temple (>= 0.8.0)
      tilt
    hamster (3.0.0)
      concurrent-ruby (~> 1.0)
    hashdiff (0.3.7)
    htmlentities (4.3.4)
    http-cookie (1.0.3)
      domain_name (~> 0.5)
    i18n (1.3.0)
      concurrent-ruby (~> 1.0)
    json-compare (0.1.8)
    jsonpath (0.9.8)
      multi_json
      to_regexp (~> 0.2.1)
    link_header (0.0.8)
    maruku (0.7.3)
    mime-types (3.2.2)
      mime-types-data (~> 3.2015)
    mime-types-data (3.2018.0812)
    mini_portile2 (2.4.0)
    multi_json (1.13.1)
    mustermann (1.0.3)
    net-http-persistent (3.0.0)
      connection_pool (~> 2.2)
    netrc (0.11.0)
    nokogiri (1.9.1)
      mini_portile2 (~> 2.4.0)
    nokogumbo (1.5.0)
      nokogiri
    public_suffix (3.0.3)
    puma (3.12.0)
    rack (2.0.6)
    rack-cache (1.8.0)
      rack (>= 0.4)
    rack-protection (2.0.5)
      rack
    rack-test (0.8.3)
      rack (>= 1.0, < 3)
    rake (12.3.2)
    rb-fsevent (0.10.3)
    rb-inotify (0.10.0)
      ffi (~> 1.0)
    redcarpet (3.4.0)
    rest-client (2.0.2)
      http-cookie (>= 1.0.2, < 2.0)
      mime-types (>= 1.16, < 4.0)
      netrc (~> 0.8)
    rest-client-components (1.5.0)
      rack (>= 1.0.1)
      rest-client (>= 1.6.0)
    rspec (3.8.0)
      rspec-core (~> 3.8.0)
      rspec-expectations (~> 3.8.0)
      rspec-mocks (~> 3.8.0)
    rspec-core (3.8.0)
      rspec-support (~> 3.8.0)
    rspec-expectations (3.8.2)
      diff-lcs (>= 1.2.0, < 2.0)
      rspec-support (~> 3.8.0)
    rspec-its (1.2.0)
      rspec-core (>= 3.0.0)
      rspec-expectations (>= 3.0.0)
    rspec-mocks (3.8.0)
      diff-lcs (>= 1.2.0, < 2.0)
      rspec-support (~> 3.8.0)
    rspec-support (3.8.0)
    safe_yaml (1.0.4)
    sass (3.7.2)
      sass-listen (~> 4.0.0)
    sass-listen (4.0.0)
      rb-fsevent (~> 0.9, >= 0.9.4)
      rb-inotify (~> 0.9, >= 0.9.7)
    shotgun (0.9.2)
      rack (>= 1.0)
    sinatra (2.0.5)
      mustermann (~> 1.0)
      rack (~> 2.0)
      rack-protection (= 2.0.5)
      tilt (~> 2.0)
    sinatra-asset-pipeline (2.2.0)
      coffee-script (~> 2.4)
      rake (~> 12.3)
      sass (~> 3.5)
      sinatra (~> 2.0)
      sprockets (~> 3.7)
      sprockets-helpers (~> 1.2)
    sprockets (3.7.2)
      concurrent-ruby (~> 1.0)
      rack (> 1, < 3)
    sprockets-helpers (1.2.1)
      sprockets (>= 2.2)
    syntax (1.2.2)
    temple (0.8.0)
    thor (0.19.4)
    tilt (2.0.9)
    to_regexp (0.2.1)
    uglifier (3.2.0)
      execjs (>= 0.3.0, < 3)
    unf (0.1.4)
      unf_ext
    unf_ext (0.0.7.5)
    webmock (3.4.2)
      addressable (>= 2.3.6)
      crack (>= 0.3.2)
      hashdiff
    yard (0.9.16)

PLATFORMS
  ruby

DEPENDENCIES
  better_errors
  binding_of_caller
  byebug
  foreman
  json-ld!
  json-ld-preloaded!
  jsonpath (~> 0.8)
  ld-patch!
  linkeddata!
  rack-linkeddata!
  rack-test (~> 0.8)
  rake
  rdf!
  rdf-aggregate-repo!
  rdf-distiller!
  rdf-do!
  rdf-isomorphic!
  rdf-json!
  rdf-microdata!
  rdf-n3!
  rdf-normalize!
  rdf-rdfa!
  rdf-rdfxml!
  rdf-reasoner!
  rdf-spec!
  rdf-tabular!
  rdf-trig!
  rdf-trix!
  rdf-turtle!
  rdf-vocab!
  rdf-xsd!
  rspec (~> 3.7)
  rspec-its (~> 1.2)
  shex!
  shotgun
  sinatra-linkeddata!
  sparql!
  sparql-client!
  sxp!
  syntax
  webmock (~> 3.1)

RUBY VERSION
   ruby 2.6.0p-1

BUNDLED WITH
   1.17.2
