GIT
  remote: https://github.com/dryruby/ebnf
  revision: 5a6acf90e3e76ecbf899bea959f47a70a85fbd5c
  branch: develop
  specs:
    ebnf (2.1.3)
      amazing_print (~> 1.2)
      htmlentities (~> 4.3)
      rdf (~> 3.1)
      scanf (~> 1.0)
      sxp (~> 1.1)
      unicode-types (~> 1.6)

GIT
  remote: https://github.com/dryruby/sxp.rb
  revision: 3ed4391fdac1b8f634fed576f5aa962f8d96c128
  branch: develop
  specs:
    sxp (1.1.0)
      rdf (~> 3.1)

GIT
  remote: https://github.com/ruby-rdf/json-ld
  revision: 97d0daa4ff8f9497de683bd4cee902f9e5cf2131
  branch: develop
  specs:
    json-ld (3.1.9)
      htmlentities (~> 4.3)
      json-canonicalization (~> 0.2)
      link_header (~> 0.0, >= 0.0.8)
      multi_json (~> 1.14)
      rack (~> 2.0)
      rdf (~> 3.1)

GIT
  remote: https://github.com/ruby-rdf/json-ld-preloaded
  revision: 241b763afb158c59b7b4440d868fe5744bba167e
  branch: develop
  specs:
    json-ld-preloaded (3.1.6)
      json-ld (~> 3.1)
      rdf (~> 3.1)

GIT
  remote: https://github.com/ruby-rdf/ld-patch
  revision: 1e120ae2cd50920e1699f617994fb12d5d817789
  branch: develop
  specs:
    ld-patch (3.1.3)
      ebnf (~> 2.1)
      rdf (~> 3.1)
      rdf-xsd (~> 3.1)
      sparql (~> 3.1)
      sxp (~> 1.1)

GIT
  remote: https://github.com/ruby-rdf/linkeddata
  revision: d5eaab77c2c133bb7db70bd38561a194d3dc969d
  branch: develop
  specs:
    linkeddata (3.1.5)
      equivalent-xml (~> 0.6)
      json-ld (~> 3.1, >= 3.1.9)
      json-ld-preloaded (~> 3.1, >= 3.1.5)
      ld-patch (~> 3.1, >= 3.1.3)
      nokogiri (~> 1.10)
      nokogumbo (~> 2.0)
      rdf (~> 3.1, >= 3.1.13)
      rdf-aggregate-repo (~> 3.1)
      rdf-isomorphic (~> 3.1, >= 3.1.1)
      rdf-json (~> 3.1)
      rdf-microdata (~> 3.1, >= 3.1.2)
      rdf-n3 (~> 3.1, >= 3.1.2)
      rdf-normalize (~> 0.4)
      rdf-ordered-repo (~> 3.1, >= 3.1.1)
      rdf-rdfa (~> 3.1, >= 3.1.3)
      rdf-rdfxml (~> 3.1, >= 3.1.1)
      rdf-reasoner (~> 0.7, >= 0.7.2)
      rdf-tabular (~> 3.1, >= 3.1.1)
      rdf-trig (~> 3.1, >= 3.1.2)
      rdf-trix (~> 3.1)
      rdf-turtle (~> 3.1, >= 3.1.3)
      rdf-vocab (~> 3.1, >= 3.1.12)
      rdf-xsd (~> 3.1)
      shacl (~> 0.1, >= 0.1.1)
      shex (~> 0.6, >= 0.6.1)
      sparql (~> 3.1, >= 3.1.5)
      sparql-client (~> 3.1, >= 3.1.2)

GIT
  remote: https://github.com/ruby-rdf/rack-linkeddata
  revision: eff68ca4a9cc33eddc7014ad698af14d67b6eac4
  branch: develop
  specs:
    rack-linkeddata (3.1.2)
      linkeddata (~> 3.1, >= 3.1.3)
      rack (~> 2.1)
      rack-rdf (~> 3.1, >= 3.1.1)

GIT
  remote: https://github.com/ruby-rdf/rdf
  revision: 8de7b80ab60e4e1225ed1fee73d3fc7f64d50eaa
  branch: develop
  specs:
    rdf (3.1.15)
      hamster (~> 3.0)
      link_header (~> 0.0, >= 0.0.8)

GIT
  remote: https://github.com/ruby-rdf/rdf-aggregate-repo
  revision: c83f4f154c2c345effbe6419ab378e35d33d7798
  branch: develop
  specs:
    rdf-aggregate-repo (3.1.0)
      rdf (~> 3.1)

GIT
  remote: https://github.com/ruby-rdf/rdf-do
  revision: a92b866a7db762cc3670ba0b410deaab762371f4
  branch: develop
  specs:
    rdf-do (3.1.0)
      data_objects (~> 0.10)
      rdf (~> 3.1)

GIT
  remote: https://github.com/ruby-rdf/rdf-isomorphic
  revision: 7565b54588b029c78a3180c9575543c260648b1d
  branch: develop
  specs:
    rdf-isomorphic (3.1.1)
      rdf (~> 3.1)

GIT
  remote: https://github.com/ruby-rdf/rdf-json
  revision: 378566cbfa7d9d16419be11cbb05e619e86f4d7c
  branch: develop
  specs:
    rdf-json (3.1.0)
      rdf (~> 3.1)

GIT
  remote: https://github.com/ruby-rdf/rdf-microdata
  revision: 5fe0cadcda10c7f4d36e9d4247f3fabf47a46175
  branch: develop
  specs:
    rdf-microdata (3.1.3)
      htmlentities (~> 4.3)
      nokogiri (~> 1.10)
      rdf (~> 3.1, >= 3.1.13)
      rdf-rdfa (~> 3.1, >= 3.1.3)
      rdf-xsd (~> 3.1)

GIT
  remote: https://github.com/ruby-rdf/rdf-n3
  revision: 8fd20193c1159b38b75e3e2c1d1355c8b88a88b1
  branch: develop
  specs:
    rdf-n3 (3.1.2)
      ebnf (~> 2.1)
      rdf (~> 3.1, >= 3.1.12)
      sparql (~> 3.1, >= 3.1.4)
      sxp (~> 1.1)

GIT
  remote: https://github.com/ruby-rdf/rdf-normalize
  revision: d2cc2beeeb2cc0a445df951338e649eeb9415d76
  branch: develop
  specs:
    rdf-normalize (0.4.0)
      rdf (~> 3.1, >= 3.1.12)

GIT
  remote: https://github.com/ruby-rdf/rdf-ordered-repo
  revision: 8e81a910c24bdf15860274afff314c5dddc6e401
  branch: develop
  specs:
    rdf-ordered-repo (3.1.1)
      rdf (~> 3.1)

GIT
  remote: https://github.com/ruby-rdf/rdf-rdfa
  revision: 17421be4d4581bdc740166053fcbc5c5323010cb
  branch: develop
  specs:
    rdf-rdfa (3.1.3)
      haml (~> 5.2)
      htmlentities (~> 4.3)
      rdf (~> 3.1, >= 3.1.13)
      rdf-aggregate-repo (~> 3.1)
      rdf-vocab (~> 3.1, >= 3.1.11)
      rdf-xsd (~> 3.1)

GIT
  remote: https://github.com/ruby-rdf/rdf-rdfxml
  revision: f800559d4bc4f1351bf69ac27c688ffc001f97dd
  branch: develop
  specs:
    rdf-rdfxml (3.1.1)
      htmlentities (~> 4.3)
      rdf (~> 3.1, >= 3.1.12)
      rdf-rdfa (~> 3.1, >= 3.1.2)
      rdf-xsd (~> 3.1)

GIT
  remote: https://github.com/ruby-rdf/rdf-reasoner
  revision: bfa7ce11926310414369ef432a33d55f83636ba2
  branch: develop
  specs:
    rdf-reasoner (0.7.2)
      rdf (~> 3.1, >= 3.1.12)
      rdf-xsd (~> 3.1)

GIT
  remote: https://github.com/ruby-rdf/rdf-spec
  revision: 8ec503ea107d100d7bb17f460ccd22152e1b526c
  branch: develop
  specs:
    rdf-spec (3.1.2)
      amazing_print (~> 1.2)
      rdf (~> 3.1, >= 3.1.8)
      rdf-isomorphic (~> 3.1)
      rexml (~> 3.2)
      rspec (~> 3.9)
      rspec-its (~> 1.3)
      webmock (~> 3.7)

GIT
  remote: https://github.com/ruby-rdf/rdf-tabular
  revision: 4e02823094578671ebb6ff542715df49fd2022d4
  branch: develop
  specs:
    rdf-tabular (3.1.1)
      addressable (~> 2.7)
      bcp47 (~> 0.3, >= 0.3.3)
      json-ld (~> 3.1)
      rdf (~> 3.1)
      rdf-vocab (~> 3.1)
      rdf-xsd (~> 3.1)

GIT
  remote: https://github.com/ruby-rdf/rdf-trig
  revision: a0acf1b2acfbeaafe1ec2ec462052fea5bb92181
  branch: develop
  specs:
    rdf-trig (3.1.2)
      ebnf (~> 2.1)
      rdf (~> 3.1)
      rdf-turtle (~> 3.1)

GIT
  remote: https://github.com/ruby-rdf/rdf-trix
  revision: 6881e1fedeb27e311e56c36c1231809d2cb8452b
  branch: develop
  specs:
    rdf-trix (3.1.1)
      rdf (~> 3.1)
      rdf-xsd (~> 3.1)

GIT
  remote: https://github.com/ruby-rdf/rdf-turtle
  revision: 71b3a093728688e90dc2576e786c1fa0070599ad
  branch: develop
  specs:
    rdf-turtle (3.1.3)
      ebnf (~> 2.1)
      rdf (~> 3.1, >= 3.1.8)

GIT
  remote: https://github.com/ruby-rdf/rdf-vocab
  revision: 22de070a4ec61ea650b0e27d23105beb130d72cc
  branch: develop
  specs:
    rdf-vocab (3.1.14)
      rdf (~> 3.1, >= 3.1.12)

GIT
  remote: https://github.com/ruby-rdf/rdf-xsd
  revision: 093c0abb125d812bf08cf5a584c3371065f0bc65
  branch: develop
  specs:
    rdf-xsd (3.1.1)
      rdf (~> 3.1)
      rexml (~> 3.2)

GIT
  remote: https://github.com/ruby-rdf/shacl
  revision: 18f0193d66b5ac454ca0f838578458b061d63651
  branch: develop
  specs:
    shacl (0.1.1)
      json-ld (~> 3.1, >= 3.1.7)
      rdf (~> 3.1, >= 3.1.8)
      sparql (~> 3.1)
      sxp (~> 1.1)

GIT
  remote: https://github.com/ruby-rdf/shex
  revision: 633488d7a0bc4627de37a5b9152dc73d6a0e8856
  branch: develop
  specs:
    shex (0.6.1)
      ebnf (~> 2.1)
      json-ld (~> 3.1)
      json-ld-preloaded (~> 3.1)
      rdf (~> 3.1)
      rdf-xsd (~> 3.1)
      sparql (~> 3.1)
      sxp (~> 1.1)

GIT
  remote: https://github.com/ruby-rdf/sinatra-linkeddata
  revision: 9773990281e4e759e20e9328031faba194130ff2
  branch: develop
  specs:
    sinatra-linkeddata (3.1.2)
      rack-linkeddata (~> 3.1, >= 3.1.2)
      sinatra (~> 2.1)

GIT
  remote: https://github.com/ruby-rdf/sparql
  revision: ae27c235c73fbd1770bdb5e5d96d4769d827bbed
  branch: develop
  specs:
    sparql (3.1.7)
      builder (~> 3.2)
      ebnf (~> 2.1)
      rdf (~> 3.1, >= 3.1.14)
      rdf-aggregate-repo (~> 3.1)
      rdf-xsd (~> 3.1)
      sparql-client (~> 3.1, >= 3.1.2)
      sxp (~> 1.1)

GIT
  remote: https://github.com/ruby-rdf/sparql-client
  revision: 39558059b9a6ae92d0078c2a44fd4b7f0818cd13
  branch: develop
  specs:
    sparql-client (3.1.2)
      net-http-persistent (~> 4.0, >= 4.0.1)
      rdf (~> 3.1)

PATH
  remote: .
  specs:
    rdf-distiller (3.1.17)
      equivalent-xml (~> 0.6)
      erubis (~> 2.7)
      haml (~> 5.2)
      json-compare (~> 0.1)
      json-ld-preloaded (~> 3.1)
      maruku (~> 0.7)
      nokogiri (~> 1.11, >= 1.11.4)
      nokogumbo (~> 2.0)
      puma (~> 4.3)
      rack (~> 2.2)
      rack-cache (~> 1.12)
      redcarpet (~> 3.5)
      rest-client (~> 2.1)
      rest-client-components (~> 1.5)
      sassc (~> 2.4)
      sinatra (~> 2.1)
      sinatra-asset-pipeline (~> 2.2)
      sinatra-linkeddata (~> 3.1, >= 3.1.2)
      sprockets (~> 3.7)
      sprockets-helpers (~> 1.4)
      uglifier (~> 4.2)
      yard (~> 0.9, >= 0.9.25)

GEM
  remote: https://rubygems.org/
  specs:
    addressable (2.8.0)
      public_suffix (>= 2.0.2, < 5.0)
    amazing_print (1.3.0)
    bcp47 (0.3.3)
      i18n
    better_errors (2.9.1)
      coderay (>= 1.0.0)
      erubi (>= 1.0.0)
      rack (>= 0.9.0)
    binding_of_caller (1.0.0)
      debug_inspector (>= 0.0.1)
    builder (3.2.4)
    byebug (11.1.3)
    coderay (1.1.3)
    coffee-script (2.4.1)
      coffee-script-source
      execjs
    coffee-script-source (1.12.2)
    concurrent-ruby (1.1.9)
    connection_pool (2.2.5)
    crack (0.4.5)
      rexml
    data_objects (0.10.17)
      addressable (~> 2.1)
    debug_inspector (1.1.0)
    diff-lcs (1.4.4)
    domain_name (0.5.20190701)
      unf (>= 0.0.5, < 1.0.0)
    equivalent-xml (0.6.0)
      nokogiri (>= 1.4.3)
    erubi (1.10.0)
    erubis (2.7.0)
    execjs (2.8.1)
    ffi (1.15.3)
    foreman (0.87.2)
    haml (5.2.1)
      temple (>= 0.8.0)
      tilt
    hamster (3.0.0)
      concurrent-ruby (~> 1.0)
    hashdiff (1.0.1)
    htmlentities (4.3.4)
    http-accept (1.7.0)
    http-cookie (1.0.4)
      domain_name (~> 0.5)
    i18n (1.8.10)
      concurrent-ruby (~> 1.0)
    json-canonicalization (0.2.1)
    json-compare (0.1.8)
    jsonpath (1.1.0)
      multi_json
    link_header (0.0.8)
    maruku (0.7.3)
    mime-types (3.3.1)
      mime-types-data (~> 3.2015)
    mime-types-data (3.2021.0704)
    multi_json (1.15.0)
    mustermann (1.1.1)
      ruby2_keywords (~> 0.0.1)
    net-http-persistent (4.0.1)
      connection_pool (~> 2.2)
    netrc (0.11.0)
    nio4r (2.5.7)
    nokogiri (1.12.5-x86_64-darwin)
      racc (~> 1.4)
    nokogiri (1.12.5-x86_64-linux)
      racc (~> 1.4)
    nokogumbo (2.0.5)
      nokogiri (~> 1.8, >= 1.8.4)
    public_suffix (4.0.6)
    puma (4.3.8)
      nio4r (~> 2.0)
    racc (1.5.2)
    rack (2.2.3)
    rack-cache (1.12.1)
      rack (>= 0.4)
    rack-protection (2.1.0)
      rack
    rack-rdf (3.1.1)
      rack (~> 2.1)
      rdf (~> 3.1, >= 3.1.8)
    rack-test (1.1.0)
      rack (>= 1.0, < 3)
    rake (12.3.3)
    rb-fsevent (0.11.0)
    rb-inotify (0.10.1)
      ffi (~> 1.0)
    redcarpet (3.5.1)
    rest-client (2.1.0)
      http-accept (>= 1.7.0, < 2.0)
      http-cookie (>= 1.0.2, < 2.0)
      mime-types (>= 1.16, < 4.0)
      netrc (~> 0.8)
    rest-client-components (1.5.0)
      rack (>= 1.0.1)
      rest-client (>= 1.6.0)
    rexml (3.2.5)
    rspec (3.10.0)
      rspec-core (~> 3.10.0)
      rspec-expectations (~> 3.10.0)
      rspec-mocks (~> 3.10.0)
    rspec-core (3.10.1)
      rspec-support (~> 3.10.0)
    rspec-expectations (3.10.1)
      diff-lcs (>= 1.2.0, < 2.0)
      rspec-support (~> 3.10.0)
    rspec-its (1.3.0)
      rspec-core (>= 3.0.0)
      rspec-expectations (>= 3.0.0)
    rspec-mocks (3.10.2)
      diff-lcs (>= 1.2.0, < 2.0)
      rspec-support (~> 3.10.0)
    rspec-support (3.10.2)
    ruby2_keywords (0.0.4)
    sass (3.7.4)
      sass-listen (~> 4.0.0)
    sass-listen (4.0.0)
      rb-fsevent (~> 0.9, >= 0.9.4)
      rb-inotify (~> 0.9, >= 0.9.7)
    sassc (2.4.0)
      ffi (~> 1.9)
    scanf (1.0.0)
    shotgun (0.9.2)
      rack (>= 1.0)
    sinatra (2.1.0)
      mustermann (~> 1.0)
      rack (~> 2.2)
      rack-protection (= 2.1.0)
      tilt (~> 2.0)
    sinatra-asset-pipeline (2.2.1)
      coffee-script (~> 2.4)
      rake (~> 12.3)
      sass (~> 3.5)
      sinatra (~> 2.0)
      sprockets (~> 3.7)
      sprockets-helpers (~> 1.2)
    sprockets (3.7.2)
      concurrent-ruby (~> 1.0)
      rack (> 1, < 3)
    sprockets-helpers (1.4.0)
      sprockets (>= 2.2)
    syntax (1.2.2)
    temple (0.8.2)
    tilt (2.0.10)
    uglifier (4.2.0)
      execjs (>= 0.3.0, < 3)
    unf (0.1.4)
      unf_ext
    unf_ext (0.0.7.7)
    unicode-types (1.6.0)
    webmock (3.13.0)
      addressable (>= 2.3.6)
      crack (>= 0.3.2)
      hashdiff (>= 0.4.0, < 2.0.0)
    yard (0.9.26)

PLATFORMS
  x86_64-darwin-20
  x86_64-linux

DEPENDENCIES
  better_errors (>= 2.7.1)
  binding_of_caller
  byebug
  ebnf!
  foreman
  json-ld!
  json-ld-preloaded!
  jsonpath (~> 1.0)
  ld-patch!
  linkeddata!
  rack-linkeddata!
  rack-test (~> 1.1)
  rake
  rdf!
  rdf-aggregate-repo!
  rdf-distiller!
  rdf-do!
  rdf-isomorphic!
  rdf-json!
  rdf-microdata!
  rdf-n3!
  rdf-normalize!
  rdf-ordered-repo!
  rdf-rdfa!
  rdf-rdfxml!
  rdf-reasoner!
  rdf-spec!
  rdf-tabular!
  rdf-trig!
  rdf-trix!
  rdf-turtle!
  rdf-vocab!
  rdf-xsd!
  rspec (~> 3.10)
  rspec-its (~> 1.3)
  shacl!
  shex!
  shotgun (>= 0.9.2)
  sinatra-linkeddata!
  sparql!
  sparql-client!
  sxp!
  syntax
  webmock (~> 3.11)

RUBY VERSION
   ruby 3.0.1p64

BUNDLED WITH
   2.2.15
