GIT
  remote: https://github.com/dryruby/ebnf
  revision: 8f611920baca0ac64d66a40c1a25686afcd69d89
  branch: develop
  specs:
    ebnf (2.3.1)
      amazing_print (~> 1.4)
      htmlentities (~> 4.3)
      rdf (~> 3.2)
      scanf (~> 1.0)
      sxp (~> 1.2)
      unicode-types (~> 1.7)

GIT
  remote: https://github.com/dryruby/sxp.rb
  revision: 7ba1d3bdff3a108651e9ac67e8a8ef677e652b89
  branch: develop
  specs:
    sxp (1.2.3)
      matrix (~> 0.4)
      rdf (~> 3.2)

GIT
  remote: https://github.com/ruby-rdf/json-ld
  revision: 4e06359c75d10eebbb2f792f3df9cdd13745616c
  branch: develop
  specs:
    json-ld (3.2.3)
      htmlentities (~> 4.3)
      json-canonicalization (~> 0.3)
      link_header (~> 0.0, >= 0.0.8)
      multi_json (~> 1.15)
      rack (~> 2.2)
      rdf (~> 3.2, >= 3.2.9)

GIT
  remote: https://github.com/ruby-rdf/json-ld-preloaded
  revision: c6adf2b523e25c4631e2be6c416df06a4c6a08a6
  branch: develop
  specs:
    json-ld-preloaded (3.2.1)
      json-ld (~> 3.2)
      rdf (~> 3.2)

GIT
  remote: https://github.com/ruby-rdf/ld-patch
  revision: f18828b195e8e52b1c9ab32a8bebd53bc72314a9
  branch: develop
  specs:
    ld-patch (3.2.0)
      ebnf (~> 2.2)
      rdf (~> 3.2)
      rdf-xsd (~> 3.2)
      sparql (~> 3.2)
      sxp (~> 1.2)

GIT
  remote: https://github.com/ruby-rdf/linkeddata
  revision: 69bee239b2fb0774d72db73ed804a7d1a306db7d
  branch: develop
  specs:
    linkeddata (3.2.1)
      json-ld (~> 3.2, >= 3.2.3)
      json-ld-preloaded (~> 3.2)
      ld-patch (~> 3.2)
      nokogiri (~> 1.13, >= 1.13.8)
      rdf (~> 3.2, >= 3.2.9)
      rdf-aggregate-repo (~> 3.2, >= 3.2.1)
      rdf-hamster-repo (~> 3.2)
      rdf-isomorphic (~> 3.2, >= 3.2.1)
      rdf-json (~> 3.2)
      rdf-microdata (~> 3.2, >= 3.2.1)
      rdf-n3 (~> 3.2, >= 3.2.1)
      rdf-normalize (~> 0.5)
      rdf-ordered-repo (~> 3.2, >= 3.2.1)
      rdf-rdfa (~> 3.2)
      rdf-rdfxml (~> 3.2)
      rdf-reasoner (~> 0.8)
      rdf-tabular (~> 3.2, >= 3.2.1)
      rdf-trig (~> 3.2)
      rdf-trix (~> 3.2)
      rdf-turtle (~> 3.2, >= 3.2.1)
      rdf-vocab (~> 3.2, >= 3.2.1)
      rdf-xsd (~> 3.2, >= 3.2.1)
      shacl (~> 0.2, >= 0.2.1)
      shex (~> 0.7, >= 0.7.1)
      sparql (~> 3.2, >= 3.2.4)
      sparql-client (~> 3.2, >= 3.2.1)
      yaml-ld (~> 0.0)

GIT
  remote: https://github.com/ruby-rdf/rack-linkeddata
  revision: bedae6b60a8c5d5146fae13e6033598cc12b62e0
  branch: develop
  specs:
    rack-linkeddata (3.2.1)
      linkeddata (~> 3.2)
      rack (~> 2.1)
      rack-rdf (~> 3.2)

GIT
  remote: https://github.com/ruby-rdf/rdf
  revision: 4f45c0ed29edb71a2f58c3a0d768e5da60b0f1d0
  branch: develop
  specs:
    rdf (3.2.9)
      link_header (~> 0.0, >= 0.0.8)

GIT
  remote: https://github.com/ruby-rdf/rdf-aggregate-repo
  revision: 0c97751ad00cfceaf2e9213f7a2b3f2d7d4df4e9
  branch: develop
  specs:
    rdf-aggregate-repo (3.2.1)
      rdf (~> 3.2)

GIT
  remote: https://github.com/ruby-rdf/rdf-do
  revision: a92b866a7db762cc3670ba0b410deaab762371f4
  branch: develop
  specs:
    rdf-do (3.1.0)
      data_objects (~> 0.10)
      rdf (~> 3.1)

GIT
  remote: https://github.com/ruby-rdf/rdf-isomorphic
  revision: 2f7c8aa9c15d77307e4c61629979b3cfa84eee3e
  branch: develop
  specs:
    rdf-isomorphic (3.2.1)
      rdf (~> 3.2)

GIT
  remote: https://github.com/ruby-rdf/rdf-json
  revision: d6182b649119d9f64237da294d38e2bec8ed03e3
  branch: develop
  specs:
    rdf-json (3.2.0)
      rdf (~> 3.2)

GIT
  remote: https://github.com/ruby-rdf/rdf-microdata
  revision: 634fed26e233ac23a0851060d0bcc76a11097087
  branch: develop
  specs:
    rdf-microdata (3.2.1)
      htmlentities (~> 4.3)
      nokogiri (~> 1.13)
      rdf (~> 3.2)
      rdf-rdfa (~> 3.2)
      rdf-xsd (~> 3.2)

GIT
  remote: https://github.com/ruby-rdf/rdf-n3
  revision: a55d2ffecc58a34c320d3cd523bc11bf953daef7
  branch: develop
  specs:
    rdf-n3 (3.2.1)
      ebnf (~> 2.2)
      rdf (~> 3.2, >= 3.2.5)
      sparql (~> 3.2)
      sxp (~> 1.2)

GIT
  remote: https://github.com/ruby-rdf/rdf-normalize
  revision: 418d364863effad2907ef3d130904ccea330e4a8
  branch: develop
  specs:
    rdf-normalize (0.5.0)
      rdf (~> 3.2)

GIT
  remote: https://github.com/ruby-rdf/rdf-ordered-repo
  revision: 4cdd9ef60bc147e1e127d6df76342cb5ddd49d85
  branch: develop
  specs:
    rdf-ordered-repo (3.2.1)
      rdf (~> 3.2, >= 3.2.1)

GIT
  remote: https://github.com/ruby-rdf/rdf-rdfa
  revision: 9522e3361b98237c7a3c4f09c9e8b5bd335f5597
  branch: develop
  specs:
    rdf-rdfa (3.2.0)
      haml (~> 5.2)
      htmlentities (~> 4.3)
      rdf (~> 3.2)
      rdf-aggregate-repo (~> 3.2)
      rdf-vocab (~> 3.2)
      rdf-xsd (~> 3.2)

GIT
  remote: https://github.com/ruby-rdf/rdf-rdfxml
  revision: 8d0edd3cded92a44daa3279dfe3c249e75b08880
  branch: develop
  specs:
    rdf-rdfxml (3.2.0)
      htmlentities (~> 4.3)
      rdf (~> 3.2)
      rdf-rdfa (~> 3.2)
      rdf-xsd (~> 3.2)

GIT
  remote: https://github.com/ruby-rdf/rdf-reasoner
  revision: be0d84e6547bbfded16fdde0e80239768ff1f68e
  branch: develop
  specs:
    rdf-reasoner (0.8.0)
      rdf (~> 3.2)
      rdf-xsd (~> 3.2)

GIT
  remote: https://github.com/ruby-rdf/rdf-spec
  revision: 829d16a711d85afb136cd48b23e542b533f3e6f1
  branch: develop
  specs:
    rdf-spec (3.2.0)
      amazing_print (~> 1.4)
      rdf (~> 3.2)
      rdf-isomorphic (~> 3.2)
      rexml (~> 3.2)
      rspec (~> 3.10)
      rspec-its (~> 1.3)
      webmock (~> 3.14)

GIT
  remote: https://github.com/ruby-rdf/rdf-tabular
  revision: c40c620313ac297d770461182c229fc7e755cda6
  branch: develop
  specs:
    rdf-tabular (3.2.1)
      addressable (~> 2.8)
      bcp47 (~> 0.3, >= 0.3.3)
      json-ld (~> 3.2)
      rdf (~> 3.2, >= 3.2.7)
      rdf-vocab (~> 3.2)
      rdf-xsd (~> 3.2)

GIT
  remote: https://github.com/ruby-rdf/rdf-trig
  revision: 6bfd4fae2af2997c87ed9879d469701c58f39021
  branch: develop
  specs:
    rdf-trig (3.2.0)
      ebnf (~> 2.3)
      rdf (~> 3.2)
      rdf-turtle (~> 3.2)

GIT
  remote: https://github.com/ruby-rdf/rdf-trix
  revision: c0b90cd195b9961c1f22634646980bc89c9d76ca
  branch: develop
  specs:
    rdf-trix (3.2.0)
      rdf (~> 3.2)
      rdf-xsd (~> 3.2)

GIT
  remote: https://github.com/ruby-rdf/rdf-turtle
  revision: ff90cc2bfdbac9703a2849a80cdfc7b053ac1721
  branch: develop
  specs:
    rdf-turtle (3.2.1)
      ebnf (~> 2.3)
      rdf (~> 3.2)

GIT
  remote: https://github.com/ruby-rdf/rdf-vocab
  revision: eb06254b359d0ef017f97c2238a67e77bf1553c1
  branch: develop
  specs:
    rdf-vocab (3.2.2)
      rdf (~> 3.2, >= 3.2.4)

GIT
  remote: https://github.com/ruby-rdf/rdf-xsd
  revision: 78bac05604631b92d5d4cd053d53fd840d440a89
  branch: develop
  specs:
    rdf-xsd (3.2.1)
      rdf (~> 3.2)
      rexml (~> 3.2)

GIT
  remote: https://github.com/ruby-rdf/shacl
  revision: 4c58f4791b9c45e63d22aba86587f3e66cc1705a
  branch: develop
  specs:
    shacl (0.3.0)
      json-ld (~> 3.2)
      rdf (~> 3.2, >= 3.2.8)
      sparql (~> 3.2, >= 3.2.4)
      sxp (~> 1.2)

GIT
  remote: https://github.com/ruby-rdf/shex
  revision: 18f295cdfddc09819278f0ab9c8d618041a5c50c
  branch: develop
  specs:
    shex (0.7.1)
      ebnf (~> 2.2)
      htmlentities (~> 4.3)
      json-ld (~> 3.2)
      json-ld-preloaded (~> 3.2)
      rdf (~> 3.2)
      rdf-xsd (~> 3.2)
      sparql (~> 3.2)
      sxp (~> 1.2)

GIT
  remote: https://github.com/ruby-rdf/sinatra-linkeddata
  revision: 865d54fdbdfcc8dde496ebc36fcfcc8a73de8f83
  branch: develop
  specs:
    sinatra-linkeddata (3.2.0)
      rack-linkeddata (~> 3.2)
      sinatra (~> 2.1)

GIT
  remote: https://github.com/ruby-rdf/sparql
  revision: 111cba30fecb7ba55eedcfab683b18aac76b191f
  branch: develop
  specs:
    sparql (3.2.4)
      builder (~> 3.2)
      ebnf (~> 2.2, >= 2.3.1)
      logger (~> 1.5)
      rdf (~> 3.2, >= 3.2.8)
      rdf-aggregate-repo (~> 3.2)
      rdf-xsd (~> 3.2)
      sparql-client (~> 3.2, >= 3.2.1)
      sxp (~> 1.2, >= 1.2.2)

GIT
  remote: https://github.com/ruby-rdf/sparql-client
  revision: 9e3f86b0f304db21e37c16749bb2db1e14487683
  branch: develop
  specs:
    sparql-client (3.2.1)
      net-http-persistent (~> 4.0, >= 4.0.1)
      rdf (~> 3.2, >= 3.2.6)

GIT
  remote: https://github.com/ruby-rdf/yaml-ld
  revision: 9df6f8bfed33b38045b7dd3af90dfb4bce52639e
  branch: develop
  specs:
    yaml-ld (0.0.2)
      json-ld (~> 3.2, >= 3.2.3)
      psych (>= 3.3)
      rdf (~> 3.2, >= 3.2.9)
      rdf-xsd (~> 3.2)

PATH
  remote: .
  specs:
    rdf-distiller (3.2.3)
      equivalent-xml (~> 0.6)
      erubis (~> 2.7)
      haml (~> 5.2)
      json-compare (~> 0.1)
      json-ld-preloaded (~> 3.2)
      maruku (~> 0.7)
      nokogiri (~> 1.13, >= 1.13.6)
      puma (~> 5.5)
      rack (>= 2.2, < 4.0)
      rack-cache (~> 1.13)
      redcarpet (~> 3.5)
      rest-client (~> 2.1)
      rest-client-components (~> 1.5)
      sassc (~> 2.4)
      sinatra (~> 2.2)
      sinatra-asset-pipeline (~> 2.2)
      sinatra-linkeddata (~> 3.2)
      sprockets (~> 3.7)
      sprockets-helpers (~> 1.4)
      uglifier (~> 4.2)
      yard (~> 0.9, >= 0.9.27)

GEM
  remote: https://rubygems.org/
  specs:
    addressable (2.8.1)
      public_suffix (>= 2.0.2, < 6.0)
    amazing_print (1.4.0)
    bcp47 (0.3.3)
      i18n
    better_errors (2.9.1)
      coderay (>= 1.0.0)
      erubi (>= 1.0.0)
      rack (>= 0.9.0)
    binding_of_caller (1.0.0)
      debug_inspector (>= 0.0.1)
    builder (3.2.4)
    byebug (11.1.3)
    coderay (1.1.3)
    coffee-script (2.4.1)
      coffee-script-source
      execjs
    coffee-script-source (1.12.2)
    concurrent-ruby (1.1.10)
    connection_pool (2.3.0)
    crack (0.4.5)
      rexml
    data_objects (0.10.17)
      addressable (~> 2.1)
    debug_inspector (1.1.0)
    diff-lcs (1.5.0)
    domain_name (0.5.20190701)
      unf (>= 0.0.5, < 1.0.0)
    equivalent-xml (0.6.0)
      nokogiri (>= 1.4.3)
    erubi (1.11.0)
    erubis (2.7.0)
    execjs (2.8.1)
    ffi (1.15.5)
    foreman (0.87.2)
    haml (5.2.2)
      temple (>= 0.8.0)
      tilt
    hamster (3.0.0)
      concurrent-ruby (~> 1.0)
    hashdiff (1.0.1)
    htmlentities (4.3.4)
    http-accept (1.7.0)
    http-cookie (1.0.5)
      domain_name (~> 0.5)
    i18n (1.12.0)
      concurrent-ruby (~> 1.0)
    json-canonicalization (0.3.0)
    json-compare (0.1.8)
    jsonpath (1.1.2)
      multi_json
    link_header (0.0.8)
    logger (1.5.1)
    maruku (0.7.3)
    matrix (0.4.2)
    mime-types (3.4.1)
      mime-types-data (~> 3.2015)
    mime-types-data (3.2022.0105)
    multi_json (1.15.0)
    mustermann (2.0.2)
      ruby2_keywords (~> 0.0.1)
    net-http-persistent (4.0.1)
      connection_pool (~> 2.2)
    netrc (0.11.0)
    nio4r (2.5.8)
    nokogiri (1.13.10-arm64-darwin)
      racc (~> 1.4)
    nokogiri (1.13.10-x86_64-darwin)
      racc (~> 1.4)
    nokogiri (1.13.10-x86_64-linux)
      racc (~> 1.4)
    psych (4.0.6)
      stringio
    public_suffix (5.0.0)
    puma (5.6.5)
      nio4r (~> 2.0)
    racc (1.6.1)
    rack (2.2.6.2)
    rack-cache (1.13.0)
      rack (>= 0.4)
    rack-protection (2.2.2)
      rack
    rack-rdf (3.2.0)
      rack (~> 2.2)
      rdf (~> 3.2)
    rack-test (1.1.0)
      rack (>= 1.0, < 3)
    rake (12.3.3)
    rb-fsevent (0.11.2)
    rb-inotify (0.10.1)
      ffi (~> 1.0)
    rdf-hamster-repo (3.2.1)
      hamster (~> 3.0)
      rdf (~> 3.2, >= 3.2.1)
    redcarpet (3.5.1)
    rest-client (2.1.0)
      http-accept (>= 1.7.0, < 2.0)
      http-cookie (>= 1.0.2, < 2.0)
      mime-types (>= 1.16, < 4.0)
      netrc (~> 0.8)
    rest-client-components (1.5.0)
      rack (>= 1.0.1)
      rest-client (>= 1.6.0)
    rexml (3.2.5)
    rspec (3.11.0)
      rspec-core (~> 3.11.0)
      rspec-expectations (~> 3.11.0)
      rspec-mocks (~> 3.11.0)
    rspec-core (3.11.0)
      rspec-support (~> 3.11.0)
    rspec-expectations (3.11.1)
      diff-lcs (>= 1.2.0, < 2.0)
      rspec-support (~> 3.11.0)
    rspec-its (1.3.0)
      rspec-core (>= 3.0.0)
      rspec-expectations (>= 3.0.0)
    rspec-mocks (3.11.1)
      diff-lcs (>= 1.2.0, < 2.0)
      rspec-support (~> 3.11.0)
    rspec-support (3.11.1)
    ruby2_keywords (0.0.5)
    sass (3.7.4)
      sass-listen (~> 4.0.0)
    sass-listen (4.0.0)
      rb-fsevent (~> 0.9, >= 0.9.4)
      rb-inotify (~> 0.9, >= 0.9.7)
    sassc (2.4.0)
      ffi (~> 1.9)
    scanf (1.0.0)
    shotgun (0.9.2)
      rack (>= 1.0)
    sinatra (2.2.2)
      mustermann (~> 2.0)
      rack (~> 2.2)
      rack-protection (= 2.2.2)
      tilt (~> 2.0)
    sinatra-asset-pipeline (2.2.1)
      coffee-script (~> 2.4)
      rake (~> 12.3)
      sass (~> 3.5)
      sinatra (~> 2.0)
      sprockets (~> 3.7)
      sprockets-helpers (~> 1.2)
    sprockets (3.7.2)
      concurrent-ruby (~> 1.0)
      rack (> 1, < 3)
    sprockets-helpers (1.4.0)
      sprockets (>= 2.2)
    stringio (3.0.2)
    syntax (1.2.2)
    temple (0.8.2)
    tilt (2.0.11)
    uglifier (4.2.0)
      execjs (>= 0.3.0, < 3)
    unf (0.1.4)
      unf_ext
    unf_ext (0.0.8.2)
    unicode-types (1.8.0)
    webmock (3.18.1)
      addressable (>= 2.8.0)
      crack (>= 0.3.2)
      hashdiff (>= 0.4.0, < 2.0.0)
    webrick (1.7.0)
    yard (0.9.28)
      webrick (~> 1.7.0)

PLATFORMS
  arm64-darwin-20
  arm64-darwin-21
  x86_64-darwin-20
  x86_64-linux

DEPENDENCIES
  better_errors (>= 2.9.1)
  binding_of_caller
  byebug
  ebnf!
  foreman
  json-ld!
  json-ld-preloaded!
  jsonpath (~> 1.1)
  ld-patch!
  linkeddata!
  rack-linkeddata!
  rack-test (~> 1.1)
  rake
  rdf!
  rdf-aggregate-repo!
  rdf-distiller!
  rdf-do!
  rdf-isomorphic!
  rdf-json!
  rdf-microdata!
  rdf-n3!
  rdf-normalize!
  rdf-ordered-repo!
  rdf-rdfa!
  rdf-rdfxml!
  rdf-reasoner!
  rdf-spec!
  rdf-tabular!
  rdf-trig!
  rdf-trix!
  rdf-turtle!
  rdf-vocab!
  rdf-xsd!
  rspec (~> 3.10)
  rspec-its (~> 1.3)
  shacl!
  shex!
  shotgun (>= 0.9.2)
  sinatra-linkeddata!
  sparql!
  sparql-client!
  sxp!
  syntax
  webmock (~> 3.14)
  yaml-ld!

RUBY VERSION
   ruby 3.1.2p20

BUNDLED WITH
   2.3.3
