GIT
  remote: https://github.com/amatriain/rest-client-components
  revision: 236ac31ed1a061d479332ff179bf78fcb11edb74
  branch: rest-client-2-compatibility
  specs:
    rest-client-components (1.4.0)
      rack (>= 1.0.1)
      rest-client (>= 1.6.0)

GIT
  remote: https://github.com/dryruby/sxp.rb
  revision: 14440c472664ec46217a029cebb812426e64f26b
  branch: develop
  specs:
    sxp (1.0.1)
      rdf (>= 2.2, < 4.0)

GIT
  remote: https://github.com/gkellogg/sinatra-asset-pipeline
  revision: da2aed305a7f2591566926801f54f6cb3e3b4124
  branch: sinatra-2
  specs:
    sinatra-asset-pipeline (1.0.2)
      coffee-script (~> 2.4)
      rake (~> 12.0)
      sass (~> 3.4)
      sinatra (~> 2.0)
      sprockets (~> 3.7)
      sprockets-helpers (~> 1.2)

GIT
  remote: https://github.com/ruby-rdf/json-ld
  revision: 02448d43f5302bdfb3edddfa34fd99a5511dd16e
  branch: develop
  specs:
    json-ld (2.2.1)
      multi_json (~> 1.12)
      rdf (>= 2.2.8, < 4.0)

GIT
  remote: https://github.com/ruby-rdf/json-ld-preloaded
  revision: dbe260b53935377981021334f8fad4d9ef3327fa
  branch: develop
  specs:
    json-ld-preloaded (2.2.3)
      json-ld (>= 2.2, < 4.0)
      multi_json (~> 1.12)
      rdf (>= 2.2, < 4.0)

GIT
  remote: https://github.com/ruby-rdf/ld-patch
  revision: 9feafc9ec1a8575612668f69a29ef047264d28f7
  branch: develop
  specs:
    ld-patch (0.3.3)
      ebnf (~> 1.1)
      rdf (>= 2.2, < 4.0)
      rdf-xsd (>= 2.2, < 4.0)
      sparql (>= 2.2, < 4.0)
      sxp (~> 1.0)

GIT
  remote: https://github.com/ruby-rdf/linkeddata
  revision: 4217542588d76c64c27f48e4e1281970d68b90a6
  branch: develop
  specs:
    linkeddata (2.2.4)
      equivalent-xml (~> 0.6)
      json-ld (>= 2.1, < 4.0)
      ld-patch (~> 0.3)
      nokogiri (~> 1.8)
      rdf (>= 2.2, < 4.0)
      rdf-aggregate-repo (>= 2.2, < 4.0)
      rdf-isomorphic (>= 2.0, < 4.0)
      rdf-json (>= 2.0, < 4.0)
      rdf-microdata (>= 2.2, < 4.0)
      rdf-n3 (>= 2.1, < 4.0)
      rdf-normalize (~> 0.3)
      rdf-rdfa (>= 2.2, < 4.0)
      rdf-rdfxml (>= 2.2, < 4.0)
      rdf-reasoner (~> 0.4)
      rdf-tabular (>= 2.2, < 4.0)
      rdf-trig (>= 2.0, < 4.0)
      rdf-trix (>= 2.2, < 4.0)
      rdf-turtle (>= 2.2, < 4.0)
      rdf-vocab (>= 2.2, < 4.0)
      rdf-xsd (>= 2.2, < 4.0)
      shex (~> 0.5)
      sparql (>= 2.2, < 4.0)
      sparql-client (>= 2.1, < 4.0)

GIT
  remote: https://github.com/ruby-rdf/rack-linkeddata
  revision: 1ec2c78baf4e3fb871ed2d4b75f97d08d0bc6a08
  branch: develop
  specs:
    rack-linkeddata (2.2.3)
      linkeddata (>= 2.2, < 4.0)
      rack (>= 1.6, < 3.0)

GIT
  remote: https://github.com/ruby-rdf/rdf
  revision: 4e4432e50d704d3ca3feb0dc71f0e1a3524cb15e
  branch: develop
  specs:
    rdf (3.0.0)
      hamster (~> 3.0)
      link_header (~> 0.0, >= 0.0.8)

GIT
  remote: https://github.com/ruby-rdf/rdf-aggregate-repo
  revision: 1d9c1f2bd6f319b01bae79428744ed6ee035514e
  branch: develop
  specs:
    rdf-aggregate-repo (2.2.1)
      rdf (>= 2.2, < 4.0)

GIT
  remote: https://github.com/ruby-rdf/rdf-do
  revision: df9aadb76a22d03b899765fe5a7c7c2ee5f97801
  branch: develop
  specs:
    rdf-do (2.2.0)
      data_objects (~> 0.10)
      rdf (>= 2.2, < 4.0)

GIT
  remote: https://github.com/ruby-rdf/rdf-isomorphic
  revision: 8ee25834382c927dec1ce45e9208307018c0482c
  branch: develop
  specs:
    rdf-isomorphic (2.2.0)
      rdf (>= 2.0, < 4.0)

GIT
  remote: https://github.com/ruby-rdf/rdf-json
  revision: 90e1fe7d774383a3d448dec47ef9cf65d7dfd1aa
  branch: develop
  specs:
    rdf-json (2.2.0)
      rdf (>= 2.2, < 4.0)

GIT
  remote: https://github.com/ruby-rdf/rdf-microdata
  revision: 911d7583ef895fd378b183c2197322725a149ec5
  branch: develop
  specs:
    rdf-microdata (2.2.3)
      htmlentities (~> 4.3)
      nokogiri (~> 1.8)
      rdf (>= 2.2.8, < 4.0)
      rdf-xsd (>= 2.2, < 4.0)

GIT
  remote: https://github.com/ruby-rdf/rdf-n3
  revision: aa85bd026062e43731a450a6582ba5a7441eddec
  branch: develop
  specs:
    rdf-n3 (2.2.0)
      rdf (>= 2.2, < 4.0)

GIT
  remote: https://github.com/ruby-rdf/rdf-normalize
  revision: 344a666de3b0e2727b098bacdfdea2bb37fc8c6d
  branch: develop
  specs:
    rdf-normalize (0.3.3)
      rdf (>= 2.2, < 4.0)

GIT
  remote: https://github.com/ruby-rdf/rdf-rdfa
  revision: 945e901807948ae374849abca7f40008245f400b
  branch: develop
  specs:
    rdf-rdfa (2.2.4)
      haml (~> 5.0)
      htmlentities (~> 4.3)
      rdf (>= 2.2, < 4.0)
      rdf-aggregate-repo (>= 2.2, < 4.0)
      rdf-xsd (>= 2.2, < 4.0)

GIT
  remote: https://github.com/ruby-rdf/rdf-rdfxml
  revision: e0c9b91288ae85a5f39b44846c7cd6aa5b70e184
  branch: develop
  specs:
    rdf-rdfxml (2.2.1)
      htmlentities (~> 4.3)
      rdf (>= 2.2, < 4.0)
      rdf-rdfa (>= 2.2, < 4.0)
      rdf-xsd (>= 2.2, < 4.0)

GIT
  remote: https://github.com/ruby-rdf/rdf-reasoner
  revision: 1c7312660fafddcc61268749c2b5c30a1bebcd1f
  branch: develop
  specs:
    rdf-reasoner (0.4.4)
      rdf (>= 2.2, < 4.0)
      rdf-vocab (>= 2.2, < 4.0)
      rdf-xsd (>= 2.2, < 4.0)

GIT
  remote: https://github.com/ruby-rdf/rdf-spec
  revision: 7b72c5af58d891756bff0175fc17e816feb72e65
  branch: develop
  specs:
    rdf-spec (3.0.0)
      rdf (~> 3.0)
      rdf-isomorphic (>= 2.0, < 4.0)
      rspec (~> 3.7)
      rspec-its (~> 1.2)
      webmock (~> 3.0)

GIT
  remote: https://github.com/ruby-rdf/rdf-tabular
  revision: 7db15af72d1ea8eb2e7480ad72994a192e1b034d
  branch: develop
  specs:
    rdf-tabular (2.2.1)
      addressable (~> 2.3)
      bcp47 (~> 0.3, >= 0.3.3)
      json-ld (>= 2.1, < 4.0)
      rdf (>= 2.2, < 4.0)
      rdf-vocab (>= 2.2, < 4.0)
      rdf-xsd (>= 2.2, < 4.0)

GIT
  remote: https://github.com/ruby-rdf/rdf-trig
  revision: e9f71f2e34304c0719e51f945376aa7e75d9d055
  branch: develop
  specs:
    rdf-trig (2.2.0)
      ebnf (~> 1.0, >= 1.0.1)
      rdf (>= 2.2, < 4.0)
      rdf-turtle (>= 2.2, < 4.0)

GIT
  remote: https://github.com/ruby-rdf/rdf-trix
  revision: 4ac789a8eb10c94f2b7133fa7dfda900dc0b5c13
  branch: develop
  specs:
    rdf-trix (2.2.1)
      rdf (>= 2.2, < 4.0)

GIT
  remote: https://github.com/ruby-rdf/rdf-turtle
  revision: a0575a209a932421bb59275fdaa09a009ee9c808
  branch: develop
  specs:
    rdf-turtle (2.2.2)
      ebnf (~> 1.1)
      rdf (>= 2.2, < 4.0)

GIT
  remote: https://github.com/ruby-rdf/rdf-vocab
  revision: 1d6e921a2c1b668b10e8d273da0052c4783c2e73
  branch: develop
  specs:
    rdf-vocab (2.2.9)
      rdf (>= 2.2, < 4.0)

GIT
  remote: https://github.com/ruby-rdf/rdf-xsd
  revision: 065af17decf4e1a34e8b90fe1770fea45c461e23
  branch: develop
  specs:
    rdf-xsd (2.2.1)
      rdf (>= 2.2, < 4.0)

GIT
  remote: https://github.com/ruby-rdf/shex
  revision: 325af64c454ec73942d93786a91e364f4f02adc9
  branch: develop
  specs:
    shex (0.5.2)
      ebnf (~> 1.1)
      json-ld (>= 2.2, < 4.0)
      json-ld-preloaded (>= 2.2, < 4.0)
      rdf (>= 2.2, < 4.0)
      rdf-xsd (>= 2.2, < 4.0)
      sparql (>= 2.2, < 4.0)
      sxp (~> 1.0)

GIT
  remote: https://github.com/ruby-rdf/sinatra-linkeddata
  revision: 780aa8aa00180bc19d7fd72c3ea3426333cd2baa
  branch: develop
  specs:
    sinatra-linkeddata (2.2.1)
      rack-linkeddata (>= 2.2, < 4.0)
      sinatra (>= 1.4, < 3.0)

GIT
  remote: https://github.com/ruby-rdf/sparql
  revision: c8a0105ad45c94e81ccc0dbb8754e55807c26550
  branch: develop
  specs:
    sparql (2.2.2)
      builder (~> 3.2)
      ebnf (~> 1.1)
      rdf (>= 2.2, < 4.0)
      rdf-aggregate-repo (>= 2.2, < 4.0)
      rdf-xsd (>= 2.2, < 4.0)
      sparql-client (>= 2.1, < 4.0)
      sxp (~> 1.0)

GIT
  remote: https://github.com/ruby-rdf/sparql-client
  revision: 427049290d4e5abd9342c52a1cbbfa270217004f
  branch: develop
  specs:
    sparql-client (2.2.1)
      net-http-persistent (>= 2.9, < 4)
      rdf (>= 2.2, < 4.0)

PATH
  remote: .
  specs:
    rdf-distiller (2.2.12)
      equivalent-xml (~> 0.6)
      erubis (~> 2.7)
      haml (~> 5.0)
      json-compare (~> 0.1)
      json-ld-preloaded (~> 2.2)
      linkeddata (~> 2.2)
      maruku (~> 0.7)
      nokogiri (~> 1.8)
      nokogumbo (= 1.4.11)
      puma (~> 3.11)
      rack (~> 2.0)
      rack-cache (~> 1.7)
      redcarpet (~> 3.4)
      rest-client (~> 2.0)
      rest-client-components (~> 1.4)
      sass (~> 3.5)
      sinatra (~> 2.0)
      sinatra-asset-pipeline (~> 1.0)
      sprockets-helpers (~> 1.2)
      uglifier (~> 3.2)
      yard (~> 0.9.12)

GEM
  remote: http://rubygems.org/
  specs:
    addressable (2.5.2)
      public_suffix (>= 2.0.2, < 4.0)
    bcp47 (0.3.3)
      i18n
    better_errors (2.4.0)
      coderay (>= 1.0.0)
      erubi (>= 1.0.0)
      rack (>= 0.9.0)
    binding_of_caller (0.7.3)
      debug_inspector (>= 0.0.1)
    builder (3.2.3)
    byebug (9.1.0)
    coderay (1.1.2)
    coffee-script (2.4.1)
      coffee-script-source
      execjs
    coffee-script-source (1.12.2)
    concurrent-ruby (1.0.5)
    connection_pool (2.2.1)
    crack (0.4.3)
      safe_yaml (~> 1.0.0)
    data_objects (0.10.17)
      addressable (~> 2.1)
    debug_inspector (0.0.3)
    diff-lcs (1.3)
    domain_name (0.5.20170404)
      unf (>= 0.0.5, < 1.0.0)
    ebnf (1.1.2)
      rdf (>= 2.2, < 4.0)
      sxp (~> 1.0)
    equivalent-xml (0.6.0)
      nokogiri (>= 1.4.3)
    erubi (1.7.0)
    erubis (2.7.0)
    execjs (2.7.0)
    ffi (1.9.18)
    foreman (0.84.0)
      thor (~> 0.19.1)
    haml (5.0.4)
      temple (>= 0.8.0)
      tilt
    hamster (3.0.0)
      concurrent-ruby (~> 1.0)
    hashdiff (0.3.7)
    htmlentities (4.3.4)
    http-cookie (1.0.3)
      domain_name (~> 0.5)
    i18n (0.9.1)
      concurrent-ruby (~> 1.0)
    json-compare (0.1.8)
    jsonpath (0.8.10)
      multi_json
    link_header (0.0.8)
    maruku (0.7.3)
    mime-types (3.1)
      mime-types-data (~> 3.2015)
    mime-types-data (3.2016.0521)
    mini_portile2 (2.3.0)
    multi_json (1.12.2)
    mustermann (1.0.1)
    net-http-persistent (3.0.0)
      connection_pool (~> 2.2)
    netrc (0.11.0)
    nokogiri (1.8.1)
      mini_portile2 (~> 2.3.0)
    nokogumbo (1.4.11)
      nokogiri
    public_suffix (3.0.1)
    puma (3.11.0)
    rack (2.0.3)
    rack-cache (1.7.1)
      rack (>= 0.4)
    rack-protection (2.0.0)
      rack
    rack-test (0.8.2)
      rack (>= 1.0, < 3)
    rake (12.3.0)
    rb-fsevent (0.10.2)
    rb-inotify (0.9.10)
      ffi (>= 0.5.0, < 2)
    redcarpet (3.4.0)
    rest-client (2.0.2)
      http-cookie (>= 1.0.2, < 2.0)
      mime-types (>= 1.16, < 4.0)
      netrc (~> 0.8)
    rspec (3.7.0)
      rspec-core (~> 3.7.0)
      rspec-expectations (~> 3.7.0)
      rspec-mocks (~> 3.7.0)
    rspec-core (3.7.0)
      rspec-support (~> 3.7.0)
    rspec-expectations (3.7.0)
      diff-lcs (>= 1.2.0, < 2.0)
      rspec-support (~> 3.7.0)
    rspec-its (1.2.0)
      rspec-core (>= 3.0.0)
      rspec-expectations (>= 3.0.0)
    rspec-mocks (3.7.0)
      diff-lcs (>= 1.2.0, < 2.0)
      rspec-support (~> 3.7.0)
    rspec-support (3.7.0)
    safe_yaml (1.0.4)
    sass (3.5.4)
      sass-listen (~> 4.0.0)
    sass-listen (4.0.0)
      rb-fsevent (~> 0.9, >= 0.9.4)
      rb-inotify (~> 0.9, >= 0.9.7)
    shotgun (0.9.2)
      rack (>= 1.0)
    sinatra (2.0.0)
      mustermann (~> 1.0)
      rack (~> 2.0)
      rack-protection (= 2.0.0)
      tilt (~> 2.0)
    sprockets (3.7.1)
      concurrent-ruby (~> 1.0)
      rack (> 1, < 3)
    sprockets-helpers (1.2.1)
      sprockets (>= 2.2)
    syntax (1.2.2)
    temple (0.8.0)
    thor (0.19.4)
    tilt (2.0.8)
    uglifier (3.2.0)
      execjs (>= 0.3.0, < 3)
    unf (0.1.4)
      unf_ext
    unf_ext (0.0.7.4)
    webmock (3.1.1)
      addressable (>= 2.3.6)
      crack (>= 0.3.2)
      hashdiff
    yard (0.9.12)

PLATFORMS
  ruby

DEPENDENCIES
  better_errors
  binding_of_caller
  byebug
  foreman
  json-ld!
  json-ld-preloaded!
  jsonpath (~> 0.8)
  ld-patch!
  linkeddata!
  rack-linkeddata!
  rack-test (~> 0.8)
  rake
  rdf!
  rdf-aggregate-repo!
  rdf-distiller!
  rdf-do!
  rdf-isomorphic!
  rdf-json!
  rdf-microdata!
  rdf-n3!
  rdf-normalize!
  rdf-rdfa!
  rdf-rdfxml!
  rdf-reasoner!
  rdf-spec!
  rdf-tabular!
  rdf-trig!
  rdf-trix!
  rdf-turtle!
  rdf-vocab!
  rdf-xsd!
  rest-client-components!
  rspec (~> 3.7)
  rspec-its (~> 1.2)
  shex!
  shotgun
  sinatra-asset-pipeline!
  sinatra-linkeddata!
  sparql!
  sparql-client!
  sxp!
  syntax
  webmock (~> 3.1)

RUBY VERSION
   ruby 2.4.2p198

BUNDLED WITH
   1.16.0
