GIT
  remote: git://github.com/gkellogg/sxp-ruby.git
  revision: 0894f9dbe03aeee1271fb8b48523b0d4f6cacdf1
  specs:
    sxp (0.1.6)
      rdf (~> 1.1, >= 1.1.13)

GIT
  remote: git://github.com/ruby-rdf/json-ld.git
  revision: b3a436059627a479f3bc88c57054cefb4657ca47
  branch: develop
  specs:
    json-ld (1.99.0)
      multi_json (~> 1.11)
      rdf (~> 1.99)

GIT
  remote: git://github.com/ruby-rdf/linkeddata.git
  revision: d3ea9b49cbc065e1839a12a4b34a8e57bb6e995f
  branch: develop
  specs:
    linkeddata (1.99.0)
      equivalent-xml (~> 0.6)
      json-ld (~> 1.99)
      nokogiri (~> 1.6)
      rdf (~> 1.99)
      rdf-aggregate-repo (~> 1.99)
      rdf-isomorphic (~> 1.99)
      rdf-json (~> 1.1, >= 1.1.2)
      rdf-microdata (~> 2.0, >= 2.0.2)
      rdf-n3 (~> 1.99)
      rdf-rdfa (~> 1.99)
      rdf-rdfxml (~> 1.1, >= 1.1.5)
      rdf-reasoner (~> 0.3)
      rdf-tabular (~> 0.3)
      rdf-trig (~> 1.99, >= 1.99.0.1)
      rdf-trix (~> 1.99)
      rdf-turtle (~> 1.99)
      rdf-vocab (~> 0.8, >= 0.8.6)
      rdf-xsd (~> 1.1, >= 1.1.5)
      sparql (~> 1.99)
      sparql-client (~> 1.99)

GIT
  remote: git://github.com/ruby-rdf/rack-linkeddata.git
  revision: 2254327f92f1814fef027364af6a7d8ddc162169
  branch: develop
  specs:
    rack-linkeddata (1.1.0)
      linkeddata (>= 1.1.0)
      rack (>= 1.4)

GIT
  remote: git://github.com/ruby-rdf/rdf-aggregate-repo.git
  revision: 714159fec2ab635c5d9a73152f2203c6df79bc91
  branch: develop
  specs:
    rdf-aggregate-repo (1.99.0)
      rdf (~> 1.99)

GIT
  remote: git://github.com/ruby-rdf/rdf-do.git
  revision: b80b200782160678b9eef6b47b76a15df6a63693
  branch: develop
  specs:
    rdf-do (1.99.0.1)
      data_objects (~> 0.10)
      rdf (~> 1.99)

GIT
  remote: git://github.com/ruby-rdf/rdf-isomorphic.git
  revision: 1018e9dfe9460c78c452a4b1ed83fd698f6a7f1c
  branch: develop
  specs:
    rdf-isomorphic (1.99.0)
      rdf (~> 1.99)

GIT
  remote: git://github.com/ruby-rdf/rdf-json.git
  revision: d81c15f401fbed4b2c94f8fda1ee1ca2cd134b1a
  branch: develop
  specs:
    rdf-json (1.99.0)
      rdf (~> 1.99)

GIT
  remote: git://github.com/ruby-rdf/rdf-microdata.git
  revision: 334dc90d9b584766be70f14ce27d5da1a93b96a0
  branch: develop
  specs:
    rdf-microdata (2.0.2)
      htmlentities (~> 4.3)
      nokogiri (~> 1.6)
      rdf (~> 1.99)
      rdf-xsd (~> 1.99)

GIT
  remote: git://github.com/ruby-rdf/rdf-n3.git
  revision: 465c31b11d1758c9fed75aa5fe1b9a9548469956
  branch: develop
  specs:
    rdf-n3 (1.99.0)
      rdf (~> 1.99)

GIT
  remote: git://github.com/ruby-rdf/rdf-rdfa.git
  revision: 1041df0e3a4b982f929d44ad87f92919599d1b76
  branch: develop
  specs:
    rdf-rdfa (1.99.0)
      haml (~> 4.0)
      htmlentities (~> 4.3)
      rdf (~> 1.99)
      rdf-aggregate-repo (~> 1.1)
      rdf-xsd (~> 1.1)

GIT
  remote: git://github.com/ruby-rdf/rdf-rdfxml.git
  revision: 5d90a0165fac87014f338640fddcccd1cc179354
  branch: develop
  specs:
    rdf-rdfxml (1.99.0)
      htmlentities (~> 4.3)
      rdf (~> 1.99)
      rdf-rdfa (~> 1.99)
      rdf-xsd (~> 1.99)

GIT
  remote: git://github.com/ruby-rdf/rdf-reasoner.git
  revision: 2f9f1126fce03d493f718e8a4928deb1ab484f52
  branch: develop
  specs:
    rdf-reasoner (0.3.0)
      rdf (~> 1.1, >= 1.1.4.2)
      rdf-turtle (~> 1.1)
      rdf-vocab (~> 0.8)
      rdf-xsd (~> 1.1)

GIT
  remote: git://github.com/ruby-rdf/rdf-spec.git
  revision: 908838352356802762cf5a3396a6b65fcdc01a83
  branch: develop
  specs:
    rdf-spec (1.99.0)
      rdf (~> 1.99)
      rdf-isomorphic (~> 1.99)
      rspec (~> 3.0)
      rspec-its (~> 1.0)
      webmock (~> 1.17)

GIT
  remote: git://github.com/ruby-rdf/rdf-tabular.git
  revision: e009fd46bed054205ded8408dde6755c97b55d5d
  branch: develop
  specs:
    rdf-tabular (0.3.0)
      addressable (~> 2.3)
      bcp47 (~> 0.3, >= 0.3.3)
      json-ld (~> 1.1)
      rdf (~> 1.1, >= 1.1.7)
      rdf-vocab (~> 0.8)
      rdf-xsd (~> 1.1)

GIT
  remote: git://github.com/ruby-rdf/rdf-trig.git
  revision: 9410f55fd454c1fef9c1c58adade77d4f484510a
  branch: develop
  specs:
    rdf-trig (1.99.0.1)
      ebnf (~> 1.0)
      rdf (~> 1.99)
      rdf-turtle (~> 1.99)

GIT
  remote: git://github.com/ruby-rdf/rdf-trix.git
  revision: 5b721568213ada1144f5e99c9c5116fa30331891
  branch: develop
  specs:
    rdf-trix (1.99.0)
      rdf (~> 1.1)

GIT
  remote: git://github.com/ruby-rdf/rdf-turtle.git
  revision: 3819a6f776049748d1591e343331f96d822ee0d6
  branch: develop
  specs:
    rdf-turtle (1.99.0)
      ebnf (~> 1.0)
      rdf (~> 1.99)

GIT
  remote: git://github.com/ruby-rdf/rdf-vocab.git
  revision: 925d666ce6ac7a86d3e6bc2135f8492be24e680e
  branch: develop
  specs:
    rdf-vocab (0.8.7.1)
      rdf (~> 1.1, >= 1.1.10)

GIT
  remote: git://github.com/ruby-rdf/rdf-xsd.git
  revision: 7612af174786bf8079bcae43bb815cd2d9d07535
  branch: develop
  specs:
    rdf-xsd (1.99.0)
      rdf (~> 1.99)

GIT
  remote: git://github.com/ruby-rdf/rdf.git
  revision: b80697f389e51a94bab77bd8213675c6a0336db6
  branch: develop
  specs:
    rdf (1.99.0)
      link_header (~> 0.0, >= 0.0.8)

GIT
  remote: git://github.com/ruby-rdf/sinatra-linkeddata.git
  revision: 02a65eae738b1e4baa745223fc83c62e76537896
  branch: develop
  specs:
    sinatra-linkeddata (1.1.0)
      rack-linkeddata (>= 1.1.0)
      sinatra (>= 1.4.4)

GIT
  remote: git://github.com/ruby-rdf/sparql-client.git
  revision: 1b507ff678983b7dccdfd32ab5be0691b7c3cf8a
  branch: develop
  specs:
    sparql-client (1.99.0)
      net-http-persistent (~> 2.9)
      rdf (~> 1.1)

GIT
  remote: git://github.com/ruby-rdf/sparql.git
  revision: 2b6c36b69c9ad2080245c74bea4fc599a2068999
  branch: develop
  specs:
    sparql (1.99.0)
      builder (~> 3.2)
      ebnf (~> 1.0)
      rdf (~> 1.99)
      rdf-aggregate-repo (~> 1.99)
      rdf-xsd (~> 1.1)
      sparql-client (~> 1.1)
      sxp (~> 0.1)

PATH
  remote: .
  specs:
    rdf-distiller (1.99.0)
      equivalent-xml (~> 0.4)
      erubis (~> 2.7)
      haml
      json-compare
      linkeddata (~> 1.99)
      maruku
      rack (~> 1.5)
      rack-cache (~> 1.2)
      rest-client (~> 1.8)
      rest-client-components (~> 1.4)
      sinatra (~> 1.4)
      sinatra-assetpack (~> 0.3.3)
      sparql (~> 1.99)

GEM
  remote: http://rubygems.org/
  specs:
    addressable (2.4.0)
    bcp47 (0.3.3)
      i18n
    better_errors (2.1.1)
      coderay (>= 1.0.0)
      erubis (>= 2.6.6)
      rack (>= 0.9.0)
    binding_of_caller (0.7.2)
      debug_inspector (>= 0.0.1)
    builder (3.2.2)
    byebug (8.2.1)
    coderay (1.1.0)
    crack (0.4.3)
      safe_yaml (~> 1.0.0)
    data_objects (0.10.16)
      addressable (~> 2.1)
    debug_inspector (0.0.2)
    diff-lcs (1.2.5)
    domain_name (0.5.25)
      unf (>= 0.0.5, < 1.0.0)
    ebnf (1.0.0)
      rdf (~> 1.1)
      sxp (~> 0.1, >= 0.1.3)
    equivalent-xml (0.6.0)
      nokogiri (>= 1.4.3)
    erubis (2.7.0)
    haml (4.0.7)
      tilt
    hashdiff (0.2.3)
    htmlentities (4.3.4)
    http-cookie (1.0.2)
      domain_name (~> 0.5)
    i18n (0.7.0)
    jsmin (1.0.1)
    json-compare (0.1.8)
    jsonpath (0.5.8)
      multi_json
    kgio (2.10.0)
    link_header (0.0.8)
    maruku (0.7.2)
    mime-types (2.99)
    mini_portile2 (2.0.0)
    multi_json (1.11.2)
    net-http-persistent (2.9.4)
    netrc (0.11.0)
    nokogiri (1.6.7.1)
      mini_portile2 (~> 2.0.0.rc2)
    rack (1.6.4)
    rack-cache (1.5.1)
      rack (>= 0.4)
    rack-protection (1.5.3)
      rack
    rack-test (0.6.3)
      rack (>= 1.0)
    raindrops (0.15.0)
    rake (10.4.2)
    redcarpet (3.3.3)
    rest-client (1.8.0)
      http-cookie (>= 1.0.2, < 2.0)
      mime-types (>= 1.16, < 3.0)
      netrc (~> 0.7)
    rest-client-components (1.4.0)
      rack (>= 1.0.1)
      rest-client (>= 1.6.0)
    rspec (3.4.0)
      rspec-core (~> 3.4.0)
      rspec-expectations (~> 3.4.0)
      rspec-mocks (~> 3.4.0)
    rspec-core (3.4.1)
      rspec-support (~> 3.4.0)
    rspec-expectations (3.4.0)
      diff-lcs (>= 1.2.0, < 2.0)
      rspec-support (~> 3.4.0)
    rspec-its (1.2.0)
      rspec-core (>= 3.0.0)
      rspec-expectations (>= 3.0.0)
    rspec-mocks (3.4.0)
      diff-lcs (>= 1.2.0, < 2.0)
      rspec-support (~> 3.4.0)
    rspec-support (3.4.1)
    safe_yaml (1.0.4)
    shotgun (0.9.1)
      rack (>= 1.0)
    sinatra (1.4.6)
      rack (~> 1.4)
      rack-protection (~> 1.4)
      tilt (>= 1.3, < 3)
    sinatra-assetpack (0.3.5)
      jsmin
      rack-test
      sinatra
      tilt (>= 1.3.0, < 2.0)
    syntax (1.2.0)
    tilt (1.4.1)
    unf (0.1.4)
      unf_ext
    unf_ext (0.0.7.1)
    unicorn (5.0.1)
      kgio (~> 2.6)
      rack
      raindrops (~> 0.7)
    webmock (1.22.3)
      addressable (>= 2.3.6)
      crack (>= 0.3.2)
      hashdiff
    wirble (0.1.3)
    yard (0.8.7.6)

PLATFORMS
  ruby

DEPENDENCIES
  better_errors
  binding_of_caller
  bundler
  byebug
  equivalent-xml
  erubis (~> 2.7)
  haml (~> 4.0)
  json-ld!
  jsonpath (~> 0.5.6)
  linkeddata!
  maruku
  nokogiri (~> 1.6)
  rack (~> 1.5)
  rack-cache (~> 1.2)
  rack-linkeddata!
  rack-test (~> 0.6)
  rake
  rdf!
  rdf-aggregate-repo!
  rdf-distiller!
  rdf-do!
  rdf-isomorphic!
  rdf-json!
  rdf-microdata!
  rdf-n3!
  rdf-rdfa!
  rdf-rdfxml!
  rdf-reasoner!
  rdf-spec!
  rdf-tabular!
  rdf-trig!
  rdf-trix!
  rdf-turtle!
  rdf-vocab!
  rdf-xsd!
  redcarpet
  rest-client (~> 1.8)
  rest-client-components (~> 1.4)
  rspec (~> 3.0)
  rspec-its (~> 1.0)
  shotgun
  sinatra (~> 1.4)
  sinatra-assetpack (~> 0.3.3)
  sinatra-linkeddata!
  sparql!
  sparql-client!
  sxp!
  syntax
  unicorn
  webmock
  wirble
  yard

BUNDLED WITH
   1.11.2
