GIT
  remote: git://github.com/gkellogg/sxp-ruby.git
  revision: 0b9562cee02746c76e33e168d4357fc8c1a13df3
  specs:
    sxp (0.1.3)

GIT
  remote: git://github.com/ruby-rdf/json-ld.git
  revision: c76a7eb99df4089a99e7a591bbc5f9fbbcca74ee
  branch: develop
  specs:
    json-ld (1.1.8)
      rdf (~> 1.1, >= 1.1.7)

GIT
  remote: git://github.com/ruby-rdf/linkeddata.git
  revision: 2242cab116116391c2b87a360ec1f1f9e130f828
  branch: develop
  specs:
    linkeddata (1.1.11.1)
      equivalent-xml (~> 0.5)
      json-ld (~> 1.1, >= 1.1.8)
      nokogiri (~> 1.6)
      rdf (~> 1.1, >= 1.1.11)
      rdf-aggregate-repo (~> 1.1)
      rdf-isomorphic (~> 1.1)
      rdf-json (~> 1.1, >= 1.1.2)
      rdf-microdata (~> 2.0, >= 2.0.1)
      rdf-n3 (~> 1.1, >= 1.1.3)
      rdf-rdfa (~> 1.1, >= 1.1.6)
      rdf-rdfxml (~> 1.1, >= 1.1.4)
      rdf-reasoner (~> 0.2, >= 0.2.1)
      rdf-tabular (~> 0.1, >= 0.1.2)
      rdf-trig (~> 1.1, >= 1.1.4)
      rdf-trix (~> 1.1)
      rdf-turtle (~> 1.1, >= 1.1.6)
      rdf-vocab (~> 0.8)
      rdf-xsd (~> 1.1, >= 1.1.3)
      sparql (~> 1.1, >= 1.1.5)
      sparql-client (~> 1.1, >= 1.1.3)

GIT
  remote: git://github.com/ruby-rdf/rack-linkeddata.git
  revision: 2254327f92f1814fef027364af6a7d8ddc162169
  branch: develop
  specs:
    rack-linkeddata (1.1.0)
      linkeddata (>= 1.1.0)
      rack (>= 1.4)

GIT
  remote: git://github.com/ruby-rdf/rdf-aggregate-repo.git
  revision: a29c448595f893bf3557b883da5d56167c46cc7d
  branch: develop
  specs:
    rdf-aggregate-repo (1.1.0)
      rdf (~> 1.1)

GIT
  remote: git://github.com/ruby-rdf/rdf-do.git
  revision: 712171b40b0ebfcbb06563b23f865cb22c8587d7
  branch: develop
  specs:
    rdf-do (1.1.0)
      data_objects (>= 0.10.11)
      rdf (>= 1.1.0)

GIT
  remote: git://github.com/ruby-rdf/rdf-isomorphic.git
  revision: 421df8ead4ec18e16105b9698f41eb95d7445afe
  branch: develop
  specs:
    rdf-isomorphic (1.1.0)
      rdf (~> 1.1)

GIT
  remote: git://github.com/ruby-rdf/rdf-json.git
  revision: 4e70d733d7a2ff41c3b681f6ede46ad1d6fda9e8
  branch: develop
  specs:
    rdf-json (1.1.2)
      rdf (~> 1.1)

GIT
  remote: git://github.com/ruby-rdf/rdf-microdata.git
  revision: 6fbc63f994be4bd790c905fa4ce3733b78c6c52b
  branch: develop
  specs:
    rdf-microdata (2.0.1)
      htmlentities (~> 4.3)
      nokogiri (~> 1.6)
      rdf (~> 1.1)
      rdf-xsd (~> 1.1)

GIT
  remote: git://github.com/ruby-rdf/rdf-n3.git
  revision: 87b8550de6243064f04b6368523443ea88220de3
  branch: develop
  specs:
    rdf-n3 (1.1.3)
      rdf (~> 1.1, >= 1.1.5)

GIT
  remote: git://github.com/ruby-rdf/rdf-rdfa.git
  revision: b92cd12fcba0a492595418e58bdbe65da7f479c4
  branch: develop
  specs:
    rdf-rdfa (1.1.6)
      haml (~> 4.0)
      htmlentities (~> 4.3)
      rdf (~> 1.1, >= 1.1.6)
      rdf-aggregate-repo (~> 1.1)
      rdf-xsd (~> 1.1)

GIT
  remote: git://github.com/ruby-rdf/rdf-rdfxml.git
  revision: 81e6e37bc5601b6e4c51752f4424e7e4ea25a06d
  branch: develop
  specs:
    rdf-rdfxml (1.1.4)
      htmlentities (~> 4.3)
      rdf (~> 1.1, >= 1.1.6)
      rdf-rdfa (~> 1.1, >= 1.1.4.1)
      rdf-xsd (~> 1.1)

GIT
  remote: git://github.com/ruby-rdf/rdf-reasoner.git
  revision: aaecd6f0a36993a553c33c21596489469b94ddbc
  branch: develop
  specs:
    rdf-reasoner (0.2.2)
      rdf (~> 1.1, >= 1.1.4.2)
      rdf-turtle (~> 1.1)
      rdf-vocab (~> 0.8)
      rdf-xsd (~> 1.1)

GIT
  remote: git://github.com/ruby-rdf/rdf-spec.git
  revision: 3a87a1749b69e150bea4befd5744c45b46237089
  branch: develop
  specs:
    rdf-spec (1.1.13)
      rdf (~> 1.1)
      rspec (~> 3.0)
      rspec-its (~> 1.0)
      webmock (~> 1.17)

GIT
  remote: git://github.com/ruby-rdf/rdf-tabular.git
  revision: d3cdec9b80da4a3b58048f478b97986adc082a27
  branch: develop
  specs:
    rdf-tabular (0.2.0)
      addressable (~> 2.3)
      bcp47 (~> 0.3, >= 0.3.3)
      json-ld (~> 1.1)
      rdf (~> 1.1, >= 1.1.7)
      rdf-xsd (~> 1.1)

GIT
  remote: git://github.com/ruby-rdf/rdf-trig.git
  revision: c3338d2467a9ddc61621ad17389311c7d6aa79fa
  branch: develop
  specs:
    rdf-trig (1.1.4)
      ebnf (~> 0.3, >= 0.3.7)
      rdf (~> 1.1, >= 1.1.11)
      rdf-turtle (~> 1.1, >= 1.1.6)

GIT
  remote: git://github.com/ruby-rdf/rdf-trix.git
  revision: c3bf1dcecece7f444a93799ae1991a9211710224
  branch: develop
  specs:
    rdf-trix (1.1.0)
      rdf (~> 1.1)

GIT
  remote: git://github.com/ruby-rdf/rdf-turtle.git
  revision: 316ec78d048362d26a565845a1a6f9e2bf899024
  branch: develop
  specs:
    rdf-turtle (1.1.7)
      ebnf (~> 0.3, >= 0.3.6)
      rdf (~> 1.1, >= 1.1.10)

GIT
  remote: git://github.com/ruby-rdf/rdf-vocab.git
  revision: 69c5ebdc108113c8bc792651e011a6fdbe0eb2b4
  branch: develop
  specs:
    rdf-vocab (0.8.4)
      rdf (~> 1.1, >= 1.1.10)

GIT
  remote: git://github.com/ruby-rdf/rdf-xsd.git
  revision: 30d948508f02d6ddc9885780d6e43d1f00ad3dd4
  branch: develop
  specs:
    rdf-xsd (1.1.4)
      rdf (~> 1.1, >= 1.1.9)

GIT
  remote: git://github.com/ruby-rdf/rdf.git
  revision: e34ee1330830a18df6f65cd114713af579e96abd
  branch: develop
  specs:
    rdf (1.1.14)
      link_header (~> 0.0, >= 0.0.8)

GIT
  remote: git://github.com/ruby-rdf/sinatra-linkeddata.git
  revision: 02a65eae738b1e4baa745223fc83c62e76537896
  branch: develop
  specs:
    sinatra-linkeddata (1.1.0)
      rack-linkeddata (>= 1.1.0)
      sinatra (>= 1.4.4)

GIT
  remote: git://github.com/ruby-rdf/sparql-client.git
  revision: 62161749b0b028f455ed7b5dd4645e1d1cfedd0c
  branch: develop
  specs:
    sparql-client (1.1.5)
      net-http-persistent (~> 2.9)
      rdf (~> 1.1)

GIT
  remote: git://github.com/ruby-rdf/sparql.git
  revision: fb1fb1facc64f949679433ea8a5c81a20d209cf1
  branch: develop
  specs:
    sparql (1.1.7)
      builder (~> 3.2)
      ebnf (~> 0.3, >= 0.3.9)
      rdf (~> 1.1, >= 1.1.13)
      rdf-aggregate-repo (~> 1.1, >= 1.1.0)
      rdf-xsd (~> 1.1)
      sparql-client (~> 1.1)
      sxp (~> 0.1)

PATH
  remote: .
  specs:
    rdf-distiller (1.1.15)
      equivalent-xml (~> 0.4)
      erubis (~> 2.7)
      haml
      json-compare
      linkeddata (~> 1.1)
      maruku
      rack (~> 1.5)
      rack-cache (~> 1.2)
      rest-client (~> 1.7, < 1.8)
      rest-client-components (~> 1.3)
      sinatra (~> 1.4)
      sinatra-assetpack (~> 0.3.3)
      sparql (~> 1.1)

GEM
  remote: http://rubygems.org/
  specs:
    addressable (2.3.8)
    bcp47 (0.3.3)
      i18n
    better_errors (2.1.1)
      coderay (>= 1.0.0)
      erubis (>= 2.6.6)
      rack (>= 0.9.0)
    binding_of_caller (0.7.2)
      debug_inspector (>= 0.0.1)
    builder (3.2.2)
    byebug (5.0.0)
      columnize (= 0.9.0)
    coderay (1.1.0)
    columnize (0.9.0)
    crack (0.4.2)
      safe_yaml (~> 1.0.0)
    data_objects (0.10.16)
      addressable (~> 2.1)
    debug_inspector (0.0.2)
    diff-lcs (1.2.5)
    ebnf (0.3.9)
      rdf (~> 1.1)
      sxp (~> 0.1, >= 0.1.3)
    equivalent-xml (0.6.0)
      nokogiri (>= 1.4.3)
    erubis (2.7.0)
    haml (4.0.6)
      tilt
    htmlentities (4.3.4)
    i18n (0.7.0)
    jsmin (1.0.1)
    json-compare (0.1.8)
    jsonpath (0.5.7)
      multi_json
    kgio (2.9.3)
    link_header (0.0.8)
    maruku (0.7.2)
    mime-types (2.6.1)
    mini_portile (0.6.2)
    multi_json (1.11.2)
    net-http-persistent (2.9.4)
    netrc (0.10.3)
    nokogiri (1.6.6.2)
      mini_portile (~> 0.6.0)
    rack (1.6.4)
    rack-cache (1.2)
      rack (>= 0.4)
    rack-protection (1.5.3)
      rack
    rack-test (0.6.3)
      rack (>= 1.0)
    raindrops (0.15.0)
    rake (10.4.2)
    redcarpet (3.3.2)
    rest-client (1.7.3)
      mime-types (>= 1.16, < 3.0)
      netrc (~> 0.7)
    rest-client-components (1.4.0)
      rack (>= 1.0.1)
      rest-client (>= 1.6.0)
    rspec (3.3.0)
      rspec-core (~> 3.3.0)
      rspec-expectations (~> 3.3.0)
      rspec-mocks (~> 3.3.0)
    rspec-core (3.3.2)
      rspec-support (~> 3.3.0)
    rspec-expectations (3.3.1)
      diff-lcs (>= 1.2.0, < 2.0)
      rspec-support (~> 3.3.0)
    rspec-its (1.2.0)
      rspec-core (>= 3.0.0)
      rspec-expectations (>= 3.0.0)
    rspec-mocks (3.3.2)
      diff-lcs (>= 1.2.0, < 2.0)
      rspec-support (~> 3.3.0)
    rspec-support (3.3.0)
    safe_yaml (1.0.4)
    shotgun (0.9.1)
      rack (>= 1.0)
    sinatra (1.4.6)
      rack (~> 1.4)
      rack-protection (~> 1.4)
      tilt (>= 1.3, < 3)
    sinatra-assetpack (0.3.3)
      jsmin
      rack-test
      sinatra
      tilt (>= 1.3.0, < 2.0)
    syntax (1.2.0)
    tilt (1.4.1)
    unicorn (4.9.0)
      kgio (~> 2.6)
      rack
      raindrops (~> 0.7)
    webmock (1.21.0)
      addressable (>= 2.3.6)
      crack (>= 0.3.2)
    wirble (0.1.3)
    yard (0.8.7.6)

PLATFORMS
  ruby

DEPENDENCIES
  better_errors
  binding_of_caller
  bundler
  byebug
  json-ld!
  jsonpath (~> 0.5.6)
  linkeddata!
  nokogiri
  rack-linkeddata!
  rack-test (~> 0.6)
  rake
  rdf!
  rdf-aggregate-repo!
  rdf-distiller!
  rdf-do!
  rdf-isomorphic!
  rdf-json!
  rdf-microdata!
  rdf-n3!
  rdf-rdfa!
  rdf-rdfxml!
  rdf-reasoner!
  rdf-spec!
  rdf-tabular!
  rdf-trig!
  rdf-trix!
  rdf-turtle!
  rdf-vocab!
  rdf-xsd!
  redcarpet
  rspec (~> 3.0)
  rspec-its (~> 1.0)
  shotgun
  sinatra-linkeddata!
  sparql!
  sparql-client!
  sxp!
  syntax
  unicorn
  webmock
  wirble
  yard
