GIT
  remote: https://github.com/dryruby/ebnf
  revision: 74c4c16fbe975fff23c1075c0e06796706573560
  branch: develop
  specs:
    ebnf (2.3.2)
      htmlentities (~> 4.3)
      rdf (~> 3.2)
      scanf (~> 1.0)
      sxp (~> 1.2)
      unicode-types (~> 1.8)

GIT
  remote: https://github.com/dryruby/sxp.rb
  revision: d48e6f38182ee1f361c049edb0fc07a210feef3b
  branch: develop
  specs:
    sxp (1.2.3)
      matrix (~> 0.4)
      rdf (~> 3.2)

GIT
  remote: https://github.com/ruby-rdf/json-ld
  revision: 742eecbf47237833071b8bf2dc18a258271923bf
  branch: develop
  specs:
    json-ld (3.2.3)
      htmlentities (~> 4.3)
      json-canonicalization (~> 0.3)
      link_header (~> 0.0, >= 0.0.8)
      multi_json (~> 1.15)
      rack (>= 2.2, < 4)
      rdf (~> 3.2, >= 3.2.9)

GIT
  remote: https://github.com/ruby-rdf/json-ld-preloaded
  revision: 35d9e1174e51c90964a638e54446320a358d9563
  branch: develop
  specs:
    json-ld-preloaded (3.2.2)
      json-ld (~> 3.2)
      rdf (~> 3.2)

GIT
  remote: https://github.com/ruby-rdf/ld-patch
  revision: 6b9d724086f7ccb1962e8aa004da5e871ffbdf03
  branch: develop
  specs:
    ld-patch (3.2.0)
      ebnf (~> 2.2)
      rdf (~> 3.2)
      rdf-xsd (~> 3.2)
      sparql (~> 3.2)
      sxp (~> 1.2)

GIT
  remote: https://github.com/ruby-rdf/linkeddata
  revision: 6aeabd9a48d06391885624d8f95f541d59e71166
  branch: develop
  specs:
    linkeddata (3.2.1)
      json-ld (~> 3.2, >= 3.2.3)
      json-ld-preloaded (~> 3.2)
      ld-patch (~> 3.2)
      nokogiri (~> 1.13, >= 1.13.8)
      rdf (~> 3.2, >= 3.2.9)
      rdf-aggregate-repo (~> 3.2, >= 3.2.1)
      rdf-hamster-repo (~> 3.2)
      rdf-isomorphic (~> 3.2, >= 3.2.1)
      rdf-json (~> 3.2)
      rdf-microdata (~> 3.2, >= 3.2.1)
      rdf-n3 (~> 3.2, >= 3.2.1)
      rdf-normalize (~> 0.5)
      rdf-ordered-repo (~> 3.2, >= 3.2.1)
      rdf-rdfa (~> 3.2)
      rdf-rdfxml (~> 3.2)
      rdf-reasoner (~> 0.8)
      rdf-tabular (~> 3.2, >= 3.2.1)
      rdf-trig (~> 3.2)
      rdf-trix (~> 3.2)
      rdf-turtle (~> 3.2, >= 3.2.1)
      rdf-vocab (~> 3.2, >= 3.2.1)
      rdf-xsd (~> 3.2, >= 3.2.1)
      shacl (~> 0.2, >= 0.2.1)
      shex (~> 0.7, >= 0.7.1)
      sparql (~> 3.2, >= 3.2.4)
      sparql-client (~> 3.2, >= 3.2.1)
      yaml-ld (~> 0.0)

GIT
  remote: https://github.com/ruby-rdf/rack-linkeddata
  revision: 09c813b687fd49ae378606df447c65f1af94ea3b
  branch: develop
  specs:
    rack-linkeddata (3.2.1)
      linkeddata (~> 3.2)
      rack (>= 2.2, < 4)
      rack-rdf (~> 3.2)

GIT
  remote: https://github.com/ruby-rdf/rdf
  revision: ac80b2f2b82e3030fbedafc37125b588266eecd7
  branch: develop
  specs:
    rdf (3.2.9)
      link_header (~> 0.0, >= 0.0.8)

GIT
  remote: https://github.com/ruby-rdf/rdf-aggregate-repo
  revision: ffdd0e130a6d40deb5fdcc17be3012f6475d9049
  branch: develop
  specs:
    rdf-aggregate-repo (3.2.1)
      rdf (~> 3.2)

GIT
  remote: https://github.com/ruby-rdf/rdf-do
  revision: a92b866a7db762cc3670ba0b410deaab762371f4
  branch: develop
  specs:
    rdf-do (3.1.0)
      data_objects (~> 0.10)
      rdf (~> 3.1)

GIT
  remote: https://github.com/ruby-rdf/rdf-isomorphic
  revision: e16080d8315ad61242eeed15963e3a49ec449752
  branch: develop
  specs:
    rdf-isomorphic (3.2.1)
      rdf (~> 3.2)

GIT
  remote: https://github.com/ruby-rdf/rdf-json
  revision: 69109c3e58549fffb266971daafdf6ddebb4cff3
  branch: develop
  specs:
    rdf-json (3.2.0)
      rdf (~> 3.2)

GIT
  remote: https://github.com/ruby-rdf/rdf-microdata
  revision: 4c610e65ebc516f8de524d6ad0b510e63afcb6dc
  branch: develop
  specs:
    rdf-microdata (3.2.1)
      htmlentities (~> 4.3)
      nokogiri (~> 1.13, >= 1.13.4)
      rdf (~> 3.2)
      rdf-rdfa (~> 3.2)
      rdf-xsd (~> 3.2)

GIT
  remote: https://github.com/ruby-rdf/rdf-n3
  revision: 2af20d654efcf5847a46a2608f8122a65f93ee82
  branch: develop
  specs:
    rdf-n3 (3.2.1)
      ebnf (~> 2.2)
      rdf (~> 3.2, >= 3.2.5)
      sparql (~> 3.2)
      sxp (~> 1.2)

GIT
  remote: https://github.com/ruby-rdf/rdf-normalize
  revision: dad7da982c78e79a5586d80db65788d53b4169e3
  branch: develop
  specs:
    rdf-normalize (0.5.1)
      rdf (~> 3.2)

GIT
  remote: https://github.com/ruby-rdf/rdf-rdfa
  revision: fb9e6666c35131717ceeabe1fd347e02730788e8
  branch: develop
  specs:
    rdf-rdfa (3.2.0)
      haml (~> 5.2)
      htmlentities (~> 4.3)
      rdf (~> 3.2)
      rdf-aggregate-repo (~> 3.2)
      rdf-vocab (~> 3.2)
      rdf-xsd (~> 3.2)

GIT
  remote: https://github.com/ruby-rdf/rdf-rdfxml
  revision: e9d92e51e1f7ad704291767d4aecbba16711ad10
  branch: develop
  specs:
    rdf-rdfxml (3.2.0)
      htmlentities (~> 4.3)
      rdf (~> 3.2)
      rdf-rdfa (~> 3.2)
      rdf-xsd (~> 3.2)

GIT
  remote: https://github.com/ruby-rdf/rdf-reasoner
  revision: 31c78d18a7e1376f50e39a4047bcb01afd051ff5
  branch: develop
  specs:
    rdf-reasoner (0.8.0)
      rdf (~> 3.2)
      rdf-xsd (~> 3.2)

GIT
  remote: https://github.com/ruby-rdf/rdf-spec
  revision: edd4993384c1bb180f53fd16fa88f8498e4b9917
  branch: develop
  specs:
    rdf-spec (3.2.0)
      amazing_print (~> 1.4)
      rdf (~> 3.2)
      rdf-isomorphic (~> 3.2)
      rexml (~> 3.2)
      rspec (~> 3.10)
      rspec-its (~> 1.3)
      webmock (~> 3.14)

GIT
  remote: https://github.com/ruby-rdf/rdf-tabular
  revision: 7f376b48b2695650055fad21cecdea56491ccacf
  branch: develop
  specs:
    rdf-tabular (3.2.1)
      addressable (~> 2.8)
      bcp47 (~> 0.3, >= 0.3.3)
      json-ld (~> 3.2)
      rdf (~> 3.2, >= 3.2.7)
      rdf-vocab (~> 3.2)
      rdf-xsd (~> 3.2)

GIT
  remote: https://github.com/ruby-rdf/rdf-trig
  revision: 20e07eb9090d7ff3c6fcef6669a9fadfb470940e
  branch: develop
  specs:
    rdf-trig (3.2.0)
      ebnf (~> 2.3)
      rdf (~> 3.2)
      rdf-turtle (~> 3.2)

GIT
  remote: https://github.com/ruby-rdf/rdf-trix
  revision: 9efe5161ed65148c7980f51ee906f794451e9e3e
  branch: develop
  specs:
    rdf-trix (3.2.0)
      rdf (~> 3.2)
      rdf-xsd (~> 3.2)

GIT
  remote: https://github.com/ruby-rdf/rdf-turtle
  revision: ad06410d2c80567ef6f04616e1e1dfc53345129c
  branch: develop
  specs:
    rdf-turtle (3.2.1)
      ebnf (~> 2.3)
      rdf (~> 3.2)

GIT
  remote: https://github.com/ruby-rdf/rdf-vocab
  revision: 767e2981f3484d2f837ee822404b868aa310e594
  branch: develop
  specs:
    rdf-vocab (3.2.3)
      rdf (~> 3.2, >= 3.2.4)

GIT
  remote: https://github.com/ruby-rdf/rdf-xsd
  revision: d409223c8b7576136af625064031bc2dfe3cbcd5
  branch: develop
  specs:
    rdf-xsd (3.2.1)
      rdf (~> 3.2)
      rexml (~> 3.2)

GIT
  remote: https://github.com/ruby-rdf/shacl
  revision: d21cf92ed31922a326c02df581ca9dbf56d0fdfa
  branch: develop
  specs:
    shacl (0.3.0)
      json-ld (~> 3.2)
      rdf (~> 3.2, >= 3.2.8)
      sparql (~> 3.2, >= 3.2.4)
      sxp (~> 1.2)

GIT
  remote: https://github.com/ruby-rdf/shex
  revision: 5a1678c1937972047ca629434c207e35d295592f
  branch: develop
  specs:
    shex (0.7.1)
      ebnf (~> 2.2)
      htmlentities (~> 4.3)
      json-ld (~> 3.2)
      json-ld-preloaded (~> 3.2)
      rdf (~> 3.2)
      rdf-xsd (~> 3.2)
      sparql (~> 3.2)
      sxp (~> 1.2)

GIT
  remote: https://github.com/ruby-rdf/sinatra-linkeddata
  revision: c820d8f06b1da0be67e3c6eefc1c3a447c1a2757
  branch: develop
  specs:
    sinatra-linkeddata (3.2.0)
      rack-linkeddata (~> 3.2)
      sinatra (>= 2.2, < 4)

GIT
  remote: https://github.com/ruby-rdf/sparql
  revision: dc7c99dde1b8ff41b3e047ebaed02c29e97c836d
  branch: develop
  specs:
    sparql (3.2.5)
      builder (~> 3.2)
      ebnf (~> 2.2, >= 2.3.1)
      logger (~> 1.5)
      rdf (~> 3.2, >= 3.2.8)
      rdf-aggregate-repo (~> 3.2)
      rdf-xsd (~> 3.2)
      sparql-client (~> 3.2, >= 3.2.1)
      sxp (~> 1.2, >= 1.2.2)

GIT
  remote: https://github.com/ruby-rdf/sparql-client
  revision: 586f8cdb39fdc1e777e2e01178648053860f19b9
  branch: develop
  specs:
    sparql-client (3.2.1)
      net-http-persistent (~> 4.0, >= 4.0.1)
      rdf (~> 3.2, >= 3.2.6)

GIT
  remote: https://github.com/ruby-rdf/yaml-ld
  revision: b0ba9f8a86b61fce7c64226d7ae23b8eb9288207
  branch: develop
  specs:
    yaml-ld (0.0.2)
      json-ld (~> 3.2, >= 3.2.3)
      psych (>= 3.3)
      rdf (~> 3.2, >= 3.2.9)
      rdf-xsd (~> 3.2)

PATH
  remote: .
  specs:
    rdf-distiller (3.2.4)
      equivalent-xml (~> 0.6)
      erubis (~> 2.7)
      haml (~> 5.2)
      json-ld-preloaded (~> 3.2)
      nokogiri (~> 1.14)
      puma (~> 6.1)
      rack (>= 2.2, < 4)
      rack-cache (~> 1.13)
      redcarpet (~> 3.6)
      rest-client (~> 2.1)
      rest-client-components (~> 1.5)
      sass (~> 3.7)
      sinatra (>= 2.2, < 4)
      sinatra-linkeddata (~> 3.2)
      sprockets (~> 4.2)
      sprockets-helpers (~> 1.4)
      uglifier (~> 4.2)
      yard (~> 0.9, >= 0.9.28)

GEM
  remote: https://rubygems.org/
  specs:
    addressable (2.8.1)
      public_suffix (>= 2.0.2, < 6.0)
    amazing_print (1.4.0)
    bcp47 (0.3.3)
      i18n
    better_errors (2.9.1)
      coderay (>= 1.0.0)
      erubi (>= 1.0.0)
      rack (>= 0.9.0)
    binding_of_caller (1.0.0)
      debug_inspector (>= 0.0.1)
    builder (3.2.4)
    byebug (11.1.3)
    coderay (1.1.3)
    concurrent-ruby (1.2.2)
    connection_pool (2.3.0)
    crack (0.4.5)
      rexml
    data_objects (0.10.17)
      addressable (~> 2.1)
    debug_inspector (1.1.0)
    diff-lcs (1.5.0)
    domain_name (0.5.20190701)
      unf (>= 0.0.5, < 1.0.0)
    equivalent-xml (0.6.0)
      nokogiri (>= 1.4.3)
    erubi (1.12.0)
    erubis (2.7.0)
    execjs (2.8.1)
    ffi (1.15.5)
    foreman (0.87.2)
    haml (5.2.2)
      temple (>= 0.8.0)
      tilt
    hamster (3.0.0)
      concurrent-ruby (~> 1.0)
    hashdiff (1.0.1)
    htmlentities (4.3.4)
    http-accept (1.7.0)
    http-cookie (1.0.5)
      domain_name (~> 0.5)
    i18n (1.12.0)
      concurrent-ruby (~> 1.0)
    json-canonicalization (0.3.1)
    jsonpath (1.1.2)
      multi_json
    link_header (0.0.8)
    logger (1.5.3)
    matrix (0.4.2)
    mime-types (3.4.1)
      mime-types-data (~> 3.2015)
    mime-types-data (3.2023.0218.1)
    multi_json (1.15.0)
    mustermann (3.0.0)
      ruby2_keywords (~> 0.0.1)
    net-http-persistent (4.0.1)
      connection_pool (~> 2.2)
    netrc (0.11.0)
    nio4r (2.5.8)
    nokogiri (1.14.2-arm64-darwin)
      racc (~> 1.4)
    nokogiri (1.14.2-x86_64-darwin)
      racc (~> 1.4)
    nokogiri (1.14.2-x86_64-linux)
      racc (~> 1.4)
    psych (5.1.0)
      stringio
    public_suffix (5.0.1)
    puma (6.1.1)
      nio4r (~> 2.0)
    racc (1.6.2)
    rack (2.2.6.4)
    rack-cache (1.13.0)
      rack (>= 0.4)
    rack-protection (3.0.5)
      rack
    rack-rdf (3.2.0)
      rack (~> 2.2)
      rdf (~> 3.2)
    rack-test (2.1.0)
      rack (>= 1.3)
    rake (13.0.6)
    rb-fsevent (0.11.2)
    rb-inotify (0.10.1)
      ffi (~> 1.0)
    rdf-hamster-repo (3.2.1)
      hamster (~> 3.0)
      rdf (~> 3.2, >= 3.2.1)
    rdf-ordered-repo (3.2.1)
      rdf (~> 3.2, >= 3.2.1)
    redcarpet (3.6.0)
    rest-client (2.1.0)
      http-accept (>= 1.7.0, < 2.0)
      http-cookie (>= 1.0.2, < 2.0)
      mime-types (>= 1.16, < 4.0)
      netrc (~> 0.8)
    rest-client-components (1.5.0)
      rack (>= 1.0.1)
      rest-client (>= 1.6.0)
    rexml (3.2.5)
    rspec (3.12.0)
      rspec-core (~> 3.12.0)
      rspec-expectations (~> 3.12.0)
      rspec-mocks (~> 3.12.0)
    rspec-core (3.12.1)
      rspec-support (~> 3.12.0)
    rspec-expectations (3.12.2)
      diff-lcs (>= 1.2.0, < 2.0)
      rspec-support (~> 3.12.0)
    rspec-its (1.3.0)
      rspec-core (>= 3.0.0)
      rspec-expectations (>= 3.0.0)
    rspec-mocks (3.12.4)
      diff-lcs (>= 1.2.0, < 2.0)
      rspec-support (~> 3.12.0)
    rspec-support (3.12.0)
    ruby2_keywords (0.0.5)
    sass (3.7.4)
      sass-listen (~> 4.0.0)
    sass-listen (4.0.0)
      rb-fsevent (~> 0.9, >= 0.9.4)
      rb-inotify (~> 0.9, >= 0.9.7)
    scanf (1.0.0)
    shotgun (0.9.2)
      rack (>= 1.0)
    sinatra (3.0.5)
      mustermann (~> 3.0)
      rack (~> 2.2, >= 2.2.4)
      rack-protection (= 3.0.5)
      tilt (~> 2.0)
    sprockets (4.2.0)
      concurrent-ruby (~> 1.0)
      rack (>= 2.2.4, < 4)
    sprockets-helpers (1.4.0)
      sprockets (>= 2.2)
    stringio (3.0.5)
    syntax (1.2.2)
    temple (0.10.0)
    tilt (2.1.0)
    uglifier (4.2.0)
      execjs (>= 0.3.0, < 3)
    unf (0.1.4)
      unf_ext
    unf_ext (0.0.8.2)
    unicode-types (1.8.0)
    webmock (3.18.1)
      addressable (>= 2.8.0)
      crack (>= 0.3.2)
      hashdiff (>= 0.4.0, < 2.0.0)
    webrick (1.7.0)
    yard (0.9.28)
      webrick (~> 1.7.0)

PLATFORMS
  arm64-darwin-20
  arm64-darwin-21
  arm64-darwin-22
  x86_64-darwin-20
  x86_64-linux

DEPENDENCIES
  better_errors (>= 2.9.1)
  binding_of_caller
  byebug
  ebnf!
  foreman
  json-ld!
  json-ld-preloaded!
  jsonpath (~> 1.1)
  ld-patch!
  linkeddata!
  rack-linkeddata!
  rack-test (>= 1.1, < 3)
  rake
  rdf!
  rdf-aggregate-repo!
  rdf-distiller!
  rdf-do!
  rdf-isomorphic!
  rdf-json!
  rdf-microdata!
  rdf-n3!
  rdf-normalize!
  rdf-rdfa!
  rdf-rdfxml!
  rdf-reasoner!
  rdf-spec!
  rdf-tabular!
  rdf-trig!
  rdf-trix!
  rdf-turtle!
  rdf-vocab!
  rdf-xsd!
  rspec (~> 3.12)
  rspec-its (~> 1.3)
  shacl!
  shex!
  shotgun (>= 0.9.2)
  sinatra-linkeddata!
  sparql!
  sparql-client!
  sxp!
  syntax
  webmock (~> 3.18)
  yaml-ld!

RUBY VERSION
   ruby 3.1.3p185

BUNDLED WITH
   2.4.7
