GIT
  remote: https://github.com/amatriain/rest-client-components
  revision: 236ac31ed1a061d479332ff179bf78fcb11edb74
  branch: rest-client-2-compatibility
  specs:
    rest-client-components (1.4.0)
      rack (>= 1.0.1)
      rest-client (>= 1.6.0)

GIT
  remote: https://github.com/dryruby/sxp.rb
  revision: 0e9ee9d40b94025577999599bb61e1c5d0e1080f
  branch: develop
  specs:
    sxp (1.0.0)
      rdf (~> 2.0)

GIT
  remote: https://github.com/gkellogg/sinatra-asset-pipeline
  revision: da2aed305a7f2591566926801f54f6cb3e3b4124
  branch: sinatra-2
  specs:
    sinatra-asset-pipeline (1.0.2)
      coffee-script (~> 2.4)
      rake (~> 12.0)
      sass (~> 3.4)
      sinatra (~> 2.0)
      sprockets (~> 3.7)
      sprockets-helpers (~> 1.2)

GIT
  remote: https://github.com/ruby-rdf/json-ld
  revision: 4e9cdb2fc35e2fc358034ca02fba76f1c922c1c5
  branch: develop
  specs:
    json-ld (2.1.7)
      multi_json (~> 1.12)
      rdf (~> 2.2, >= 2.2.8)

GIT
  remote: https://github.com/ruby-rdf/json-ld-preloaded
  revision: 0a99074aa259e1be83fea6e569f7d565d6e5543a
  branch: develop
  specs:
    json-ld-preloaded (2.2.2)
      json-ld (~> 2.1, >= 2.1.5)
      multi_json (~> 1.11)
      rdf (~> 2.2)

GIT
  remote: https://github.com/ruby-rdf/ld-patch
  revision: d571a99162d85e930b6804dade8baa8b359b70dc
  branch: develop
  specs:
    ld-patch (0.3.2)
      ebnf (~> 1.0, >= 1.0.1)
      rdf (~> 2.0)
      rdf-xsd (~> 2.0)
      sparql (~> 2.0)
      sxp (~> 1.0)

GIT
  remote: https://github.com/ruby-rdf/linkeddata
  revision: 6e0bf8ae5140f20641054466995108da8d7dac66
  branch: develop
  specs:
    linkeddata (2.2.3)
      equivalent-xml (~> 0.6)
      json-ld (~> 2.1)
      ld-patch (~> 0.3)
      nokogiri (~> 1.7)
      rdf (~> 2.2)
      rdf-aggregate-repo (~> 2.1)
      rdf-isomorphic (~> 2.0)
      rdf-json (~> 2.0)
      rdf-microdata (~> 2.1)
      rdf-n3 (~> 2.1)
      rdf-normalize (~> 0.3)
      rdf-rdfa (~> 2.1)
      rdf-rdfxml (~> 2.0)
      rdf-reasoner (~> 0.4)
      rdf-tabular (~> 2.2)
      rdf-trig (~> 2.0)
      rdf-trix (~> 2.0)
      rdf-turtle (~> 2.2)
      rdf-vocab (~> 2.1)
      rdf-xsd (~> 2.1)
      shex (~> 0.5)
      sparql (~> 2.1)
      sparql-client (~> 2.1)

GIT
  remote: https://github.com/ruby-rdf/rack-linkeddata
  revision: b114dd6ca6fdf1de3341a39164d64fdaa7791645
  branch: develop
  specs:
    rack-linkeddata (2.2.2)
      linkeddata (~> 2.2)
      rack (>= 1.6, < 3.0)

GIT
  remote: https://github.com/ruby-rdf/rdf
  revision: da525ad24ff7a262d756c02d438640ea6cf9aed2
  branch: develop
  specs:
    rdf (2.2.11)
      hamster (~> 3.0)
      link_header (~> 0.0, >= 0.0.8)

GIT
  remote: https://github.com/ruby-rdf/rdf-aggregate-repo
  revision: 45fafd584c7538ee0403d645e9ebcd8bc244293c
  branch: develop
  specs:
    rdf-aggregate-repo (2.2.0)
      rdf (~> 2.0)

GIT
  remote: https://github.com/ruby-rdf/rdf-do
  revision: 4159ad0e4bef2ff5695064191cd6b504efb4247f
  branch: develop
  specs:
    rdf-do (2.0.0)
      data_objects (~> 0.10)
      rdf (~> 2.0)

GIT
  remote: https://github.com/ruby-rdf/rdf-isomorphic
  revision: 65fb6d31edacb3d821ffee5e1e4b60ad476373b1
  branch: develop
  specs:
    rdf-isomorphic (2.0.0)
      rdf (~> 2.0)

GIT
  remote: https://github.com/ruby-rdf/rdf-json
  revision: 3f36e90af14fd8af62dbb0b87f51be5dc925637b
  branch: develop
  specs:
    rdf-json (2.0.0)
      rdf (~> 2.0)

GIT
  remote: https://github.com/ruby-rdf/rdf-microdata
  revision: 14cc40c62067aaacf1f19c012c2fa04d1b1a843d
  branch: develop
  specs:
    rdf-microdata (2.2.2)
      htmlentities (~> 4.3)
      nokogiri (~> 1.8)
      rdf (~> 2.2, >= 2.2.8)
      rdf-xsd (~> 2.2)

GIT
  remote: https://github.com/ruby-rdf/rdf-n3
  revision: 8c8998830ecdd4371d8bf9b71e2bab8f0bf2c694
  branch: develop
  specs:
    rdf-n3 (2.1.0)
      rdf (~> 2.0)

GIT
  remote: https://github.com/ruby-rdf/rdf-normalize
  revision: e113452533ce0e5642e689eb2ed042118caf8e18
  branch: develop
  specs:
    rdf-normalize (0.3.2)
      rdf (~> 2.0)

GIT
  remote: https://github.com/ruby-rdf/rdf-rdfa
  revision: 477a5bc9b9755db98c6d98c8e05074c182e875b0
  branch: develop
  specs:
    rdf-rdfa (2.2.3)
      haml (~> 5.0)
      htmlentities (~> 4.3)
      rdf (~> 2.2)
      rdf-aggregate-repo (~> 2.2)
      rdf-xsd (~> 2.1)

GIT
  remote: https://github.com/ruby-rdf/rdf-rdfxml
  revision: 5324e00a23df44822a9882a36a6f0f546a7b9e4c
  branch: develop
  specs:
    rdf-rdfxml (2.2.0)
      htmlentities (~> 4.3)
      rdf (~> 2.0)
      rdf-rdfa (~> 2.0)
      rdf-xsd (~> 2.0)

GIT
  remote: https://github.com/ruby-rdf/rdf-reasoner
  revision: 17c965b5c3d442271c4ef981e217ba9208f61ec5
  branch: develop
  specs:
    rdf-reasoner (0.4.3)
      rdf (~> 2.2, >= 2.2.8)
      rdf-vocab (~> 2.2)
      rdf-xsd (~> 2.1)

GIT
  remote: https://github.com/ruby-rdf/rdf-spec
  revision: 7e186ad0cd774a5a819c2bc1351c43f92a7b6a8c
  branch: develop
  specs:
    rdf-spec (2.2.0)
      rdf (~> 2.2)
      rdf-isomorphic (~> 2.0)
      rspec (~> 3.5)
      rspec-its (~> 1.0)
      webmock (~> 2.3)

GIT
  remote: https://github.com/ruby-rdf/rdf-tabular
  revision: 6243d85fc3081a9262812c16c7e66cfebb386c8e
  branch: develop
  specs:
    rdf-tabular (2.2.0)
      addressable (~> 2.3)
      bcp47 (~> 0.3, >= 0.3.3)
      json-ld (~> 2.0)
      rdf (~> 2.2, >= 2.2.8)
      rdf-vocab (~> 2.0)
      rdf-xsd (~> 2.0)

GIT
  remote: https://github.com/ruby-rdf/rdf-trig
  revision: d2d7b59405db7060061649dea95bcbb174983e96
  branch: develop
  specs:
    rdf-trig (2.0.0)
      ebnf (~> 1.0, >= 1.0.1)
      rdf (~> 2.0)
      rdf-turtle (~> 2.0)

GIT
  remote: https://github.com/ruby-rdf/rdf-trix
  revision: 7d61d2cef93bbf9ec024bb1f00e1444ef2c9ce6e
  branch: develop
  specs:
    rdf-trix (2.2.0)
      rdf (~> 2.2)

GIT
  remote: https://github.com/ruby-rdf/rdf-turtle
  revision: 8e2949b349366c48e428d47b5bcf7ef977920cef
  branch: develop
  specs:
    rdf-turtle (2.2.1)
      ebnf (~> 1.1)
      rdf (~> 2.2)

GIT
  remote: https://github.com/ruby-rdf/rdf-vocab
  revision: 791dccc1a0638b2767606b3d3c058f0699e57226
  branch: develop
  specs:
    rdf-vocab (2.2.8)
      rdf (~> 2.2)

GIT
  remote: https://github.com/ruby-rdf/rdf-xsd
  revision: ec78ebe10f85c0534c969626597af5a4ffe99ef2
  branch: develop
  specs:
    rdf-xsd (2.2.0)
      rdf (~> 2.1)

GIT
  remote: https://github.com/ruby-rdf/shex
  revision: c2472b6e4e60d4b968fee7733a400b7027d76971
  branch: develop
  specs:
    shex (0.5.1)
      ebnf (~> 1.1)
      json-ld (~> 2.1)
      json-ld-preloaded (~> 2.1)
      rdf (~> 2.2)
      rdf-xsd (~> 2.2)
      sparql (~> 2.2)
      sxp (~> 1.0)

GIT
  remote: https://github.com/ruby-rdf/sinatra-linkeddata
  revision: 58fb19fc95f10f829cfa1d90282b09110f01ad7a
  branch: develop
  specs:
    sinatra-linkeddata (2.2.0)
      rack-linkeddata (~> 2.2)
      sinatra (>= 1.4, < 3.0)

GIT
  remote: https://github.com/ruby-rdf/sparql
  revision: e0a915196943b76f9d6a56018b4de6fc6f24ed88
  branch: develop
  specs:
    sparql (2.2.1)
      builder (~> 3.2)
      ebnf (~> 1.1)
      rdf (~> 2.2)
      rdf-aggregate-repo (~> 2.2)
      rdf-xsd (~> 2.1)
      sparql-client (~> 2.1)
      sxp (~> 1.0)

GIT
  remote: https://github.com/ruby-rdf/sparql-client
  revision: f33da4e3600f0fdbfc0ff3131412a14c0cc2f60e
  branch: develop
  specs:
    sparql-client (2.1.0)
      net-http-persistent (>= 2.9, < 4)
      rdf (~> 2.0)

PATH
  remote: .
  specs:
    rdf-distiller (2.2.12)
      equivalent-xml (~> 0.6)
      erubis (~> 2.7)
      haml (~> 5.0)
      json-compare (~> 0.1)
      json-ld-preloaded (~> 2.0)
      linkeddata (~> 2.2)
      maruku (~> 0.7)
      nokogiri (~> 1.7)
      nokogumbo (= 1.4.11)
      puma (~> 3.7)
      rack (~> 2.0)
      rack-cache (~> 1.6)
      redcarpet (~> 3.3)
      rest-client (~> 2.0)
      rest-client-components (~> 1.4)
      sass (~> 3.4)
      sinatra (~> 2.0)
      sinatra-asset-pipeline (~> 1.0)
      sprockets-helpers (~> 1.2)
      uglifier (~> 3.2)
      yard (~> 0.9)

GEM
  remote: http://rubygems.org/
  specs:
    addressable (2.5.2)
      public_suffix (>= 2.0.2, < 4.0)
    bcp47 (0.3.3)
      i18n
    better_errors (2.3.0)
      coderay (>= 1.0.0)
      erubi (>= 1.0.0)
      rack (>= 0.9.0)
    binding_of_caller (0.7.2)
      debug_inspector (>= 0.0.1)
    builder (3.2.3)
    byebug (9.1.0)
    coderay (1.1.2)
    coffee-script (2.4.1)
      coffee-script-source
      execjs
    coffee-script-source (1.12.2)
    concurrent-ruby (1.0.5)
    connection_pool (2.2.1)
    crack (0.4.3)
      safe_yaml (~> 1.0.0)
    data_objects (0.10.17)
      addressable (~> 2.1)
    debug_inspector (0.0.3)
    diff-lcs (1.3)
    domain_name (0.5.20170404)
      unf (>= 0.0.5, < 1.0.0)
    ebnf (1.1.1)
      rdf (~> 2.2)
      sxp (~> 1.0)
    equivalent-xml (0.6.0)
      nokogiri (>= 1.4.3)
    erubi (1.7.0)
    erubis (2.7.0)
    execjs (2.7.0)
    ffi (1.9.18)
    foreman (0.84.0)
      thor (~> 0.19.1)
    haml (5.0.3)
      temple (>= 0.8.0)
      tilt
    hamster (3.0.0)
      concurrent-ruby (~> 1.0)
    hashdiff (0.3.7)
    htmlentities (4.3.4)
    http-cookie (1.0.3)
      domain_name (~> 0.5)
    i18n (0.8.6)
    json-compare (0.1.8)
    jsonpath (0.8.8)
      multi_json
    link_header (0.0.8)
    maruku (0.7.3)
    mime-types (3.1)
      mime-types-data (~> 3.2015)
    mime-types-data (3.2016.0521)
    mini_portile2 (2.3.0)
    multi_json (1.12.2)
    mustermann (1.0.1)
    net-http-persistent (3.0.0)
      connection_pool (~> 2.2)
    netrc (0.11.0)
    nokogiri (1.8.1)
      mini_portile2 (~> 2.3.0)
    nokogumbo (1.4.11)
      nokogiri
    public_suffix (3.0.0)
    puma (3.10.0)
    rack (2.0.3)
    rack-cache (1.7.1)
      rack (>= 0.4)
    rack-protection (2.0.0)
      rack
    rack-test (0.7.0)
      rack (>= 1.0, < 3)
    rake (12.1.0)
    rb-fsevent (0.10.2)
    rb-inotify (0.9.10)
      ffi (>= 0.5.0, < 2)
    redcarpet (3.4.0)
    rest-client (2.0.2)
      http-cookie (>= 1.0.2, < 2.0)
      mime-types (>= 1.16, < 4.0)
      netrc (~> 0.8)
    rspec (3.6.0)
      rspec-core (~> 3.6.0)
      rspec-expectations (~> 3.6.0)
      rspec-mocks (~> 3.6.0)
    rspec-core (3.6.0)
      rspec-support (~> 3.6.0)
    rspec-expectations (3.6.0)
      diff-lcs (>= 1.2.0, < 2.0)
      rspec-support (~> 3.6.0)
    rspec-its (1.2.0)
      rspec-core (>= 3.0.0)
      rspec-expectations (>= 3.0.0)
    rspec-mocks (3.6.0)
      diff-lcs (>= 1.2.0, < 2.0)
      rspec-support (~> 3.6.0)
    rspec-support (3.6.0)
    safe_yaml (1.0.4)
    sass (3.5.2)
      sass-listen (~> 4.0.0)
    sass-listen (4.0.0)
      rb-fsevent (~> 0.9, >= 0.9.4)
      rb-inotify (~> 0.9, >= 0.9.7)
    shotgun (0.9.2)
      rack (>= 1.0)
    sinatra (2.0.0)
      mustermann (~> 1.0)
      rack (~> 2.0)
      rack-protection (= 2.0.0)
      tilt (~> 2.0)
    sprockets (3.7.1)
      concurrent-ruby (~> 1.0)
      rack (> 1, < 3)
    sprockets-helpers (1.2.1)
      sprockets (>= 2.2)
    syntax (1.2.2)
    temple (0.8.0)
    thor (0.19.4)
    tilt (2.0.8)
    uglifier (3.2.0)
      execjs (>= 0.3.0, < 3)
    unf (0.1.4)
      unf_ext
    unf_ext (0.0.7.4)
    webmock (2.3.2)
      addressable (>= 2.3.6)
      crack (>= 0.3.2)
      hashdiff
    yard (0.9.9)

PLATFORMS
  ruby

DEPENDENCIES
  better_errors
  binding_of_caller
  byebug
  foreman
  json-ld!
  json-ld-preloaded!
  jsonpath (~> 0.5)
  ld-patch!
  linkeddata!
  rack-linkeddata!
  rack-test (~> 0.6)
  rake
  rdf!
  rdf-aggregate-repo!
  rdf-distiller!
  rdf-do!
  rdf-isomorphic!
  rdf-json!
  rdf-microdata!
  rdf-n3!
  rdf-normalize!
  rdf-rdfa!
  rdf-rdfxml!
  rdf-reasoner!
  rdf-spec!
  rdf-tabular!
  rdf-trig!
  rdf-trix!
  rdf-turtle!
  rdf-vocab!
  rdf-xsd!
  rest-client-components!
  rspec (~> 3.5)
  rspec-its (~> 1.2)
  shex!
  shotgun
  sinatra-asset-pipeline!
  sinatra-linkeddata!
  sparql!
  sparql-client!
  sxp!
  syntax
  webmock (~> 2.3)

RUBY VERSION
   ruby 2.4.1p111

BUNDLED WITH
   1.15.4
