GIT
  remote: git://github.com/gkellogg/rdf-tabular.git
  revision: 4f60308aecee88c23e8a9f9de9051e5ca873b942
  branch: develop
  specs:
    rdf-tabular (0.1.2)
      addressable (~> 2.3)
      bcp47 (~> 0.3, >= 0.3.3)
      json-ld (~> 1.1)
      rdf (~> 1.1, >= 1.1.7)
      rdf-xsd (~> 1.1)

GIT
  remote: git://github.com/gkellogg/sxp-ruby.git
  revision: 0b9562cee02746c76e33e168d4357fc8c1a13df3
  specs:
    sxp (0.1.3)

GIT
  remote: git://github.com/ruby-rdf/json-ld.git
  revision: 277cec13ad9b2939c1bb725016003fdb758776bc
  branch: develop
  specs:
    json-ld (1.1.8)
      rdf (~> 1.1, >= 1.1.7)

GIT
  remote: git://github.com/ruby-rdf/linkeddata.git
  revision: 85dfa93438fa427154eaf762f8b23feb72892985
  branch: develop
  specs:
    linkeddata (1.1.2)
      equivalent-xml (~> 0.4)
      json-ld (~> 1.1, >= 1.1.7)
      nokogiri (~> 1.6)
      rdf (~> 1.1, >= 1.1.7)
      rdf-aggregate-repo (~> 1.1)
      rdf-isomorphic (~> 1.1)
      rdf-json (~> 1.1)
      rdf-microdata (~> 2.0)
      rdf-n3 (~> 1.1)
      rdf-rdfa (~> 1.1, >= 1.1.5)
      rdf-rdfxml (~> 1.1, >= 1.1.3)
      rdf-reasoner (~> 0.2, >= 0.2.1)
      rdf-trig (~> 1.1, >= 1.1.3)
      rdf-trix (~> 1.1)
      rdf-turtle (~> 1.1, >= 1.1.5)
      sparql (~> 1.1, >= 1.1.4)
      sparql-client (~> 1.1, >= 1.1.3)

GIT
  remote: git://github.com/ruby-rdf/rack-linkeddata.git
  revision: 2254327f92f1814fef027364af6a7d8ddc162169
  branch: develop
  specs:
    rack-linkeddata (1.1.0)
      linkeddata (>= 1.1.0)
      rack (>= 1.4)

GIT
  remote: git://github.com/ruby-rdf/rdf-aggregate-repo.git
  revision: a29c448595f893bf3557b883da5d56167c46cc7d
  branch: develop
  specs:
    rdf-aggregate-repo (1.1.0)
      rdf (~> 1.1)

GIT
  remote: git://github.com/ruby-rdf/rdf-do.git
  revision: 712171b40b0ebfcbb06563b23f865cb22c8587d7
  branch: develop
  specs:
    rdf-do (1.1.0)
      data_objects (>= 0.10.11)
      rdf (>= 1.1.0)

GIT
  remote: git://github.com/ruby-rdf/rdf-isomorphic.git
  revision: 421df8ead4ec18e16105b9698f41eb95d7445afe
  branch: develop
  specs:
    rdf-isomorphic (1.1.0)
      rdf (~> 1.1)

GIT
  remote: git://github.com/ruby-rdf/rdf-json.git
  revision: 4e70d733d7a2ff41c3b681f6ede46ad1d6fda9e8
  branch: develop
  specs:
    rdf-json (1.1.2)
      rdf (~> 1.1)

GIT
  remote: git://github.com/ruby-rdf/rdf-microdata.git
  revision: b80c08885fec1ab0fcefb635d3a24c9b68d151a1
  branch: develop
  specs:
    rdf-microdata (2.0.1)
      htmlentities (~> 4.3)
      nokogiri (~> 1.6)
      rdf (~> 1.1)
      rdf-xsd (~> 1.1)

GIT
  remote: git://github.com/ruby-rdf/rdf-n3.git
  revision: 87b8550de6243064f04b6368523443ea88220de3
  branch: develop
  specs:
    rdf-n3 (1.1.3)
      rdf (~> 1.1, >= 1.1.5)

GIT
  remote: git://github.com/ruby-rdf/rdf-rdfa.git
  revision: 8e250273f05acf60b6d2be34980e4fce4b22c2f5
  branch: develop
  specs:
    rdf-rdfa (1.1.6)
      haml (~> 4.0)
      htmlentities (~> 4.3)
      rdf (~> 1.1, >= 1.1.6)
      rdf-aggregate-repo (~> 1.1)
      rdf-xsd (~> 1.1)

GIT
  remote: git://github.com/ruby-rdf/rdf-rdfxml.git
  revision: 81e6e37bc5601b6e4c51752f4424e7e4ea25a06d
  branch: develop
  specs:
    rdf-rdfxml (1.1.4)
      htmlentities (~> 4.3)
      rdf (~> 1.1, >= 1.1.6)
      rdf-rdfa (~> 1.1, >= 1.1.4.1)
      rdf-xsd (~> 1.1)

GIT
  remote: git://github.com/ruby-rdf/rdf-reasoner.git
  revision: 410ee9b5a10888241c82fd7390733e2927e2803b
  branch: develop
  specs:
    rdf-reasoner (0.2.1)
      rdf (~> 1.1, >= 1.1.4.2)
      rdf-turtle (~> 1.1)
      rdf-vocab (~> 0.8)
      rdf-xsd (~> 1.1)

GIT
  remote: git://github.com/ruby-rdf/rdf-spec.git
  revision: 10f50512bcace551d1bb3810499dee543968c39f
  branch: develop
  specs:
    rdf-spec (1.1.5)

GIT
  remote: git://github.com/ruby-rdf/rdf-trig.git
  revision: c3338d2467a9ddc61621ad17389311c7d6aa79fa
  branch: develop
  specs:
    rdf-trig (1.1.4)
      ebnf (~> 0.3, >= 0.3.7)
      rdf (~> 1.1, >= 1.1.11)
      rdf-turtle (~> 1.1, >= 1.1.6)

GIT
  remote: git://github.com/ruby-rdf/rdf-trix.git
  revision: c3bf1dcecece7f444a93799ae1991a9211710224
  branch: develop
  specs:
    rdf-trix (1.1.0)
      rdf (~> 1.1)

GIT
  remote: git://github.com/ruby-rdf/rdf-turtle.git
  revision: 1391e7d3b6041defb74bd00b87230401f19210b9
  branch: develop
  specs:
    rdf-turtle (1.1.6)
      ebnf (~> 0.3, >= 0.3.6)
      rdf (~> 1.1, >= 1.1.10)

GIT
  remote: git://github.com/ruby-rdf/rdf-vocab.git
  revision: b7c88813dfcc601c946c9c313db573b95c378b6c
  branch: develop
  specs:
    rdf-vocab (0.8.0)
      rdf (~> 1.1, >= 1.1.10)

GIT
  remote: git://github.com/ruby-rdf/rdf-xsd.git
  revision: 6ebc659cbc862f23618e7289bb6e4db9ba0cddf9
  branch: develop
  specs:
    rdf-xsd (1.1.3)
      rdf (~> 1.1, >= 1.1.9)

GIT
  remote: git://github.com/ruby-rdf/rdf.git
  revision: 1bf777b3f35ce9ded65ade8404f299d740c0e0fe
  branch: develop
  specs:
    rdf (1.1.11)
      link_header (~> 0.0, >= 0.0.8)

GIT
  remote: git://github.com/ruby-rdf/sinatra-linkeddata.git
  revision: 02a65eae738b1e4baa745223fc83c62e76537896
  branch: develop
  specs:
    sinatra-linkeddata (1.1.0)
      rack-linkeddata (>= 1.1.0)
      sinatra (>= 1.4.4)

GIT
  remote: git://github.com/ruby-rdf/sparql-client.git
  revision: e120e271330c7144e75078e0a7bc2d5e48769455
  branch: develop
  specs:
    sparql-client (1.1.4)
      net-http-persistent (~> 2.9)
      rdf (~> 1.1)

GIT
  remote: git://github.com/ruby-rdf/sparql.git
  revision: ba167b7dc2ab330c57f7364cda353098d0da0944
  branch: develop
  specs:
    sparql (1.1.5)
      builder (~> 3.0)
      ebnf (~> 0.3, >= 0.3.5)
      rdf (~> 1.1, >= 1.1.4)
      rdf-aggregate-repo (~> 1.1, >= 1.1.0)
      rdf-xsd (~> 1.1)
      sparql-client (~> 1.1)
      sxp (~> 0.1)

PATH
  remote: .
  specs:
    rdf-distiller (1.1.9.2)
      equivalent-xml (~> 0.4)
      erubis (~> 2.7)
      haml
      json-compare
      linkeddata (~> 1.1)
      maruku
      rack (~> 1.5)
      rack-cache (~> 1.2)
      rest-client (~> 1.7, < 1.8)
      rest-client-components (~> 1.3)
      sinatra (~> 1.4)
      sinatra-assetpack (~> 0.3.3)
      sparql (~> 1.1)

GEM
  remote: http://rubygems.org/
  specs:
    addressable (2.3.8)
    bcp47 (0.3.3)
      i18n
    better_errors (2.1.1)
      coderay (>= 1.0.0)
      erubis (>= 2.6.6)
      rack (>= 0.9.0)
    binding_of_caller (0.7.2)
      debug_inspector (>= 0.0.1)
    builder (3.2.2)
    byebug (4.0.5)
      columnize (= 0.9.0)
    coderay (1.1.0)
    columnize (0.9.0)
    crack (0.4.2)
      safe_yaml (~> 1.0.0)
    data_objects (0.10.15)
      addressable (~> 2.1)
    debug_inspector (0.0.2)
    diff-lcs (1.2.5)
    ebnf (0.3.7)
      haml (~> 4.0)
      rdf (~> 1.1)
      sxp (~> 0.1, >= 0.1.3)
    equivalent-xml (0.5.1)
      nokogiri (>= 1.4.3)
    erubis (2.7.0)
    haml (4.0.6)
      tilt
    htmlentities (4.3.3)
    i18n (0.7.0)
    jsmin (1.0.1)
    json-compare (0.1.8)
    jsonpath (0.5.6)
      multi_json
    kgio (2.9.3)
    link_header (0.0.8)
    maruku (0.7.2)
    mime-types (2.4.3)
    mini_portile (0.6.2)
    multi_json (1.11.0)
    net-http-persistent (2.9.4)
    netrc (0.10.3)
    nokogiri (1.6.6.2)
      mini_portile (~> 0.6.0)
    rack (1.6.0)
    rack-cache (1.2)
      rack (>= 0.4)
    rack-protection (1.5.3)
      rack
    rack-test (0.6.3)
      rack (>= 1.0)
    raindrops (0.13.0)
    rake (10.4.2)
    redcarpet (3.2.3)
    rest-client (1.7.3)
      mime-types (>= 1.16, < 3.0)
      netrc (~> 0.7)
    rest-client-components (1.4.0)
      rack (>= 1.0.1)
      rest-client (>= 1.6.0)
    rspec (3.2.0)
      rspec-core (~> 3.2.0)
      rspec-expectations (~> 3.2.0)
      rspec-mocks (~> 3.2.0)
    rspec-core (3.2.3)
      rspec-support (~> 3.2.0)
    rspec-expectations (3.2.1)
      diff-lcs (>= 1.2.0, < 2.0)
      rspec-support (~> 3.2.0)
    rspec-its (1.2.0)
      rspec-core (>= 3.0.0)
      rspec-expectations (>= 3.0.0)
    rspec-mocks (3.2.1)
      diff-lcs (>= 1.2.0, < 2.0)
      rspec-support (~> 3.2.0)
    rspec-support (3.2.2)
    safe_yaml (1.0.4)
    shotgun (0.9.1)
      rack (>= 1.0)
    sinatra (1.4.6)
      rack (~> 1.4)
      rack-protection (~> 1.4)
      tilt (>= 1.3, < 3)
    sinatra-assetpack (0.3.3)
      jsmin
      rack-test
      sinatra
      tilt (>= 1.3.0, < 2.0)
    syntax (1.2.0)
    tilt (1.4.1)
    unicorn (4.8.3)
      kgio (~> 2.6)
      rack
      raindrops (~> 0.7)
    webmock (1.21.0)
      addressable (>= 2.3.6)
      crack (>= 0.3.2)
    wirble (0.1.3)
    yard (0.8.7.6)

PLATFORMS
  ruby

DEPENDENCIES
  better_errors
  binding_of_caller
  bundler
  byebug
  json-ld!
  jsonpath (~> 0.5.6)
  linkeddata!
  nokogiri
  rack-linkeddata!
  rack-test (~> 0.6)
  rake
  rdf!
  rdf-aggregate-repo!
  rdf-distiller!
  rdf-do!
  rdf-isomorphic!
  rdf-json!
  rdf-microdata!
  rdf-n3!
  rdf-rdfa!
  rdf-rdfxml!
  rdf-reasoner!
  rdf-spec!
  rdf-tabular!
  rdf-trig!
  rdf-trix!
  rdf-turtle!
  rdf-vocab!
  rdf-xsd!
  redcarpet
  rspec (~> 3.0)
  rspec-its (~> 1.0)
  shotgun
  sinatra-linkeddata!
  sparql!
  sparql-client!
  sxp!
  syntax
  unicorn
  webmock
  wirble
  yard
