GIT
  remote: https://github.com/dryruby/sxp.rb
  revision: ff713add32bdb3862039b260328e0a804f59bc49
  branch: develop
  specs:
    sxp (1.0.1)
      rdf (~> 3.0)

GIT
  remote: https://github.com/ruby-rdf/json-ld
  revision: afe7b3b10547b552676d1379a2be4bc34cf83d02
  branch: develop
  specs:
    json-ld (3.0.2)
      link_header (~> 0.0, >= 0.0.8)
      multi_json (~> 1.13)
      rack (>= 1.6, < 3.0)
      rdf (~> 3.0, >= 3.0.8)

GIT
  remote: https://github.com/ruby-rdf/json-ld-preloaded
  revision: ce7ea8eaafd502bfbc0d8bd5c555f614eb82d204
  branch: develop
  specs:
    json-ld-preloaded (3.0.2)
      json-ld (~> 3.0)
      multi_json (~> 1.12)
      rdf (~> 3.0)

GIT
  remote: https://github.com/ruby-rdf/ld-patch
  revision: 123066e78d9bb44403edcd82e75af1854160e342
  branch: develop
  specs:
    ld-patch (0.3.3)
      ebnf (~> 1.1)
      rdf (~> 3.0)
      rdf-xsd (~> 3.0)
      sparql (~> 3.0)
      sxp (~> 1.0)

GIT
  remote: https://github.com/ruby-rdf/linkeddata
  revision: eb3167191b95ae567d9c3127833506e147d626a3
  branch: develop
  specs:
    linkeddata (3.0.1)
      equivalent-xml (~> 0.6)
      json-ld (>= 2.2.1, < 4.0)
      ld-patch (~> 0.3, >= 0.3.3)
      nokogiri (~> 1.8)
      nokogumbo (~> 1.5)
      rdf (~> 3.0)
      rdf-aggregate-repo (>= 2.2.1, < 4.0)
      rdf-isomorphic (~> 3.0)
      rdf-json (>= 2.2, < 4.0)
      rdf-microdata (>= 2.2.3, < 4.0)
      rdf-n3 (~> 3.0)
      rdf-normalize (~> 0.3, >= 0.3.3)
      rdf-rdfa (~> 3.0)
      rdf-rdfxml (>= 2.2.1, < 4.0)
      rdf-reasoner (~> 0.5.0)
      rdf-tabular (>= 2.2.1, < 4.0)
      rdf-trig (>= 2.2, < 4.0)
      rdf-trix (>= 2.2.1, < 4.0)
      rdf-turtle (~> 3.0, >= 3.0.1)
      rdf-vocab (~> 3.0)
      rdf-xsd (~> 3.0)
      shex (~> 0.5, >= 0.5.2)
      sparql (~> 3.0)
      sparql-client (~> 3.0)

GIT
  remote: https://github.com/ruby-rdf/rack-linkeddata
  revision: 0209c3b0110e44ca1f79c4b72a98a878dbf51cd2
  branch: develop
  specs:
    rack-linkeddata (3.0.0)
      linkeddata (~> 3.0)
      rack (~> 2.0)
      rdf (~> 3.0, >= 3.0.8)

GIT
  remote: https://github.com/ruby-rdf/rdf
  revision: 02340e834fe8ac6da8f06f5de5be02cbe4e7c9d5
  branch: develop
  specs:
    rdf (3.0.9)
      hamster (~> 3.0)
      link_header (~> 0.0, >= 0.0.8)

GIT
  remote: https://github.com/ruby-rdf/rdf-aggregate-repo
  revision: 3eab6256caf19dde9cdb2b350d6569e4bb3a016a
  branch: develop
  specs:
    rdf-aggregate-repo (2.2.1)
      rdf (~> 3.0)

GIT
  remote: https://github.com/ruby-rdf/rdf-do
  revision: 0c99dea7599304b753969d571a2b0405e1cb88b4
  branch: develop
  specs:
    rdf-do (2.2.0)
      data_objects (~> 0.10)
      rdf (~> 3.0)

GIT
  remote: https://github.com/ruby-rdf/rdf-isomorphic
  revision: 2296d9b85edbcbbd8028b993621adbbe2ae5cf5a
  branch: develop
  specs:
    rdf-isomorphic (3.0.0)
      rdf (~> 3.0)

GIT
  remote: https://github.com/ruby-rdf/rdf-json
  revision: f201f2e3bb9a9a563bfaf9f91100d7325dd83f7a
  branch: develop
  specs:
    rdf-json (2.2.0)
      rdf (~> 3.0)

GIT
  remote: https://github.com/ruby-rdf/rdf-microdata
  revision: 68a40811b1a96abdcadb7449e60ed1badd6b6585
  branch: develop
  specs:
    rdf-microdata (2.2.3)
      htmlentities (~> 4.3)
      nokogiri (~> 1.8)
      rdf (~> 3.0)
      rdf-xsd (~> 3.0)

GIT
  remote: https://github.com/ruby-rdf/rdf-n3
  revision: aedfbb9cdfc9a638c7fca78746e9df49f2c86ac2
  branch: develop
  specs:
    rdf-n3 (3.0.1)
      rdf (~> 3.0)

GIT
  remote: https://github.com/ruby-rdf/rdf-normalize
  revision: d7576ee0e9f141961d00f6ec1c3074713f025013
  branch: develop
  specs:
    rdf-normalize (0.3.3)
      rdf (~> 3.0)

GIT
  remote: https://github.com/ruby-rdf/rdf-rdfa
  revision: 74b60100bc6ac09320d39f180272b8850ed3a089
  branch: develop
  specs:
    rdf-rdfa (3.0.1)
      haml (~> 5.0)
      htmlentities (~> 4.3)
      rdf (~> 3.0)
      rdf-aggregate-repo (>= 2.2, < 4.0)
      rdf-xsd (~> 3.0)

GIT
  remote: https://github.com/ruby-rdf/rdf-rdfxml
  revision: 5d54dc31182d075036ad48ad5ebd5f61a2043961
  branch: develop
  specs:
    rdf-rdfxml (2.2.1)
      htmlentities (~> 4.3)
      rdf (~> 3.0)
      rdf-rdfa (~> 3.0)
      rdf-xsd (~> 3.0)

GIT
  remote: https://github.com/ruby-rdf/rdf-reasoner
  revision: 6921259fa5e18642cd3d71057c2d5b66aa82e4fe
  branch: develop
  specs:
    rdf-reasoner (0.5.1)
      rdf (~> 3.0)
      rdf-vocab (~> 3.0)
      rdf-xsd (~> 3.0)

GIT
  remote: https://github.com/ruby-rdf/rdf-spec
  revision: 1b54f9c9555a723d417616c509f3ed955821ac66
  branch: develop
  specs:
    rdf-spec (3.0.0)
      rdf (~> 3.0)
      rdf-isomorphic (~> 3.0)
      rspec (~> 3.7)
      rspec-its (~> 1.2)
      webmock (~> 3.1)

GIT
  remote: https://github.com/ruby-rdf/rdf-tabular
  revision: 897c29ed0fd1f8a12d337900fa07937c349e8568
  branch: develop
  specs:
    rdf-tabular (2.2.1)
      addressable (~> 2.3)
      bcp47 (~> 0.3, >= 0.3.3)
      json-ld (>= 2.1, < 4.0)
      rdf (~> 3.0)
      rdf-vocab (~> 3.0)
      rdf-xsd (~> 3.0)

GIT
  remote: https://github.com/ruby-rdf/rdf-trig
  revision: daf7ec596ea82fa47eb5740940b56605ed75e4b6
  branch: develop
  specs:
    rdf-trig (3.0.1)
      ebnf (~> 1.1)
      rdf (~> 3.0)
      rdf-turtle (~> 3.0, >= 3.0.3)

GIT
  remote: https://github.com/ruby-rdf/rdf-trix
  revision: 14f596807fd793463f87019b9666a922a35309c5
  branch: develop
  specs:
    rdf-trix (2.2.1)
      rdf (~> 3.0)

GIT
  remote: https://github.com/ruby-rdf/rdf-turtle
  revision: b382c8e0d3b2698d631d0185acd07c1f110938f5
  branch: develop
  specs:
    rdf-turtle (3.0.4)
      ebnf (~> 1.1)
      rdf (~> 3.0)

GIT
  remote: https://github.com/ruby-rdf/rdf-vocab
  revision: 40ca73b6634ead4e4aec9b60df866eb92f89f105
  branch: develop
  specs:
    rdf-vocab (3.0.4)
      rdf (~> 3.0)

GIT
  remote: https://github.com/ruby-rdf/rdf-xsd
  revision: 276267e926a97f8bcea4a131d4cddcd9d87316e7
  branch: develop
  specs:
    rdf-xsd (3.0.1)
      rdf (~> 3.0)

GIT
  remote: https://github.com/ruby-rdf/shex
  revision: 0e03d9f4890816be9c7ee59987e7fe0f934b3f58
  branch: develop
  specs:
    shex (0.5.2)
      ebnf (~> 1.1)
      json-ld (>= 2.2, < 4.0)
      json-ld-preloaded (~> 3.0)
      rdf (~> 3.0)
      rdf-xsd (~> 3.0)
      sparql (~> 3.0)
      sxp (~> 1.0)

GIT
  remote: https://github.com/ruby-rdf/sinatra-linkeddata
  revision: b305a44be86039bcd412a66dc9ccd909bd20c8ae
  branch: develop
  specs:
    sinatra-linkeddata (3.0.0)
      rack-linkeddata (~> 3.0)
      sinatra (~> 2.0)

GIT
  remote: https://github.com/ruby-rdf/sparql
  revision: 407aaf052a45d823fa0aa28cd3316175d97054fc
  branch: develop
  specs:
    sparql (3.0.2)
      builder (~> 3.2)
      ebnf (~> 1.1)
      rdf (~> 3.0)
      rdf-aggregate-repo (>= 2.2, < 4.0)
      rdf-xsd (~> 3.0)
      sparql-client (~> 3.0)
      sxp (~> 1.0)

GIT
  remote: https://github.com/ruby-rdf/sparql-client
  revision: 0627034856d8d0831a73a8781d4cb266229399dc
  branch: develop
  specs:
    sparql-client (3.0.1)
      net-http-persistent (>= 2.9, < 4)
      rdf (~> 3.0)

PATH
  remote: .
  specs:
    rdf-distiller (3.0.6)
      equivalent-xml (~> 0.6)
      erubis (~> 2.7)
      haml (~> 5.0)
      json-compare (~> 0.1)
      json-ld-preloaded (~> 3.0)
      linkeddata (~> 3.0)
      maruku (~> 0.7)
      nokogiri (~> 1.8)
      nokogumbo (~> 1.5)
      puma (~> 3.11)
      rack (~> 2.0)
      rack-cache (~> 1.7)
      redcarpet (~> 3.4)
      rest-client (~> 2.0)
      rest-client-components (~> 1.5)
      sass (~> 3.5)
      sinatra (~> 2.0)
      sinatra-asset-pipeline (~> 2.0)
      sprockets (~> 3.7.2)
      sprockets-helpers (~> 1.2)
      uglifier (~> 3.2)
      yard (~> 0.9.12)

GEM
  remote: http://rubygems.org/
  specs:
    addressable (2.6.0)
      public_suffix (>= 2.0.2, < 4.0)
    bcp47 (0.3.3)
      i18n
    better_errors (2.5.0)
      coderay (>= 1.0.0)
      erubi (>= 1.0.0)
      rack (>= 0.9.0)
    binding_of_caller (0.8.0)
      debug_inspector (>= 0.0.1)
    builder (3.2.3)
    byebug (10.0.2)
    coderay (1.1.2)
    coffee-script (2.4.1)
      coffee-script-source
      execjs
    coffee-script-source (1.12.2)
    concurrent-ruby (1.1.4)
    connection_pool (2.2.2)
    crack (0.4.3)
      safe_yaml (~> 1.0.0)
    data_objects (0.10.17)
      addressable (~> 2.1)
    debug_inspector (0.0.3)
    diff-lcs (1.3)
    domain_name (0.5.20180417)
      unf (>= 0.0.5, < 1.0.0)
    ebnf (1.1.3)
      rdf (~> 3.0)
      sxp (~> 1.0)
    equivalent-xml (0.6.0)
      nokogiri (>= 1.4.3)
    erubi (1.8.0)
    erubis (2.7.0)
    execjs (2.7.0)
    ffi (1.10.0)
    foreman (0.85.0)
      thor (~> 0.19.1)
    haml (5.0.4)
      temple (>= 0.8.0)
      tilt
    hamster (3.0.0)
      concurrent-ruby (~> 1.0)
    hashdiff (0.3.8)
    htmlentities (4.3.4)
    http-cookie (1.0.3)
      domain_name (~> 0.5)
    i18n (1.5.3)
      concurrent-ruby (~> 1.0)
    json-compare (0.1.8)
    jsonpath (0.9.9)
      multi_json
      to_regexp (~> 0.2.1)
    link_header (0.0.8)
    maruku (0.7.3)
    mime-types (3.2.2)
      mime-types-data (~> 3.2015)
    mime-types-data (3.2018.0812)
    mini_portile2 (2.4.0)
    multi_json (1.13.1)
    mustermann (1.0.3)
    net-http-persistent (3.0.0)
      connection_pool (~> 2.2)
    netrc (0.11.0)
    nokogiri (1.10.1)
      mini_portile2 (~> 2.4.0)
    nokogumbo (1.5.0)
      nokogiri
    public_suffix (3.0.3)
    puma (3.12.0)
    rack (2.0.6)
    rack-cache (1.8.0)
      rack (>= 0.4)
    rack-protection (2.0.5)
      rack
    rack-test (0.8.3)
      rack (>= 1.0, < 3)
    rake (12.3.2)
    rb-fsevent (0.10.3)
    rb-inotify (0.10.0)
      ffi (~> 1.0)
    redcarpet (3.4.0)
    rest-client (2.0.2)
      http-cookie (>= 1.0.2, < 2.0)
      mime-types (>= 1.16, < 4.0)
      netrc (~> 0.8)
    rest-client-components (1.5.0)
      rack (>= 1.0.1)
      rest-client (>= 1.6.0)
    rspec (3.8.0)
      rspec-core (~> 3.8.0)
      rspec-expectations (~> 3.8.0)
      rspec-mocks (~> 3.8.0)
    rspec-core (3.8.0)
      rspec-support (~> 3.8.0)
    rspec-expectations (3.8.2)
      diff-lcs (>= 1.2.0, < 2.0)
      rspec-support (~> 3.8.0)
    rspec-its (1.2.0)
      rspec-core (>= 3.0.0)
      rspec-expectations (>= 3.0.0)
    rspec-mocks (3.8.0)
      diff-lcs (>= 1.2.0, < 2.0)
      rspec-support (~> 3.8.0)
    rspec-support (3.8.0)
    safe_yaml (1.0.4)
    sass (3.7.3)
      sass-listen (~> 4.0.0)
    sass-listen (4.0.0)
      rb-fsevent (~> 0.9, >= 0.9.4)
      rb-inotify (~> 0.9, >= 0.9.7)
    shotgun (0.9.2)
      rack (>= 1.0)
    sinatra (2.0.5)
      mustermann (~> 1.0)
      rack (~> 2.0)
      rack-protection (= 2.0.5)
      tilt (~> 2.0)
    sinatra-asset-pipeline (2.2.0)
      coffee-script (~> 2.4)
      rake (~> 12.3)
      sass (~> 3.5)
      sinatra (~> 2.0)
      sprockets (~> 3.7)
      sprockets-helpers (~> 1.2)
    sprockets (3.7.2)
      concurrent-ruby (~> 1.0)
      rack (> 1, < 3)
    sprockets-helpers (1.2.1)
      sprockets (>= 2.2)
    syntax (1.2.2)
    temple (0.8.0)
    thor (0.19.4)
    tilt (2.0.9)
    to_regexp (0.2.1)
    uglifier (3.2.0)
      execjs (>= 0.3.0, < 3)
    unf (0.1.4)
      unf_ext
    unf_ext (0.0.7.5)
    webmock (3.5.1)
      addressable (>= 2.3.6)
      crack (>= 0.3.2)
      hashdiff
    yard (0.9.18)

PLATFORMS
  ruby

DEPENDENCIES
  better_errors
  binding_of_caller
  byebug
  foreman
  json-ld!
  json-ld-preloaded!
  jsonpath (~> 0.8)
  ld-patch!
  linkeddata!
  rack-linkeddata!
  rack-test (~> 0.8)
  rake
  rdf!
  rdf-aggregate-repo!
  rdf-distiller!
  rdf-do!
  rdf-isomorphic!
  rdf-json!
  rdf-microdata!
  rdf-n3!
  rdf-normalize!
  rdf-rdfa!
  rdf-rdfxml!
  rdf-reasoner!
  rdf-spec!
  rdf-tabular!
  rdf-trig!
  rdf-trix!
  rdf-turtle!
  rdf-vocab!
  rdf-xsd!
  rspec (~> 3.7)
  rspec-its (~> 1.2)
  shex!
  shotgun
  sinatra-linkeddata!
  sparql!
  sparql-client!
  sxp!
  syntax
  webmock (~> 3.1)

RUBY VERSION
   ruby 2.6.0p-1

BUNDLED WITH
   1.17.3
