GIT
  remote: https://github.com/dryruby/ebnf
  revision: 14ee70474107128cc24b6c98d5b504e551094f08
  branch: develop
  specs:
    ebnf (2.4.0)
      htmlentities (~> 4.3)
      rdf (~> 3.3)
      scanf (~> 1.0)
      sxp (~> 1.3)
      unicode-types (~> 1.8)

GIT
  remote: https://github.com/dryruby/sxp.rb
  revision: c250c287c80960cc46170f6ee25c5fd3e74ae8f7
  branch: develop
  specs:
    sxp (1.3.0)
      matrix (~> 0.4)
      rdf (~> 3.3)

GIT
  remote: https://github.com/ruby-rdf/json-ld
  revision: cb5ef847d963feca0a1bc161298314e18e98b818
  branch: develop
  specs:
    json-ld (3.3.0)
      htmlentities (~> 4.3)
      json-canonicalization (~> 0.3, >= 0.3.2)
      link_header (~> 0.0, >= 0.0.8)
      multi_json (~> 1.15)
      rack (>= 2.2, < 4)
      rdf (~> 3.3)

GIT
  remote: https://github.com/ruby-rdf/json-ld-preloaded
  revision: 3a5a96f669e3d5933f29c5e82abfd85cc8be3222
  branch: develop
  specs:
    json-ld-preloaded (3.3.0)
      json-ld (~> 3.3)
      rdf (~> 3.3)

GIT
  remote: https://github.com/ruby-rdf/ld-patch
  revision: 3d348bf87943eb72e10933eb2a5e6b91ba08f46e
  branch: develop
  specs:
    ld-patch (3.3.0)
      ebnf (~> 2.4)
      rdf (~> 3.3)
      rdf-xsd (~> 3.3)
      sparql (~> 3.3)
      sxp (~> 1.3)

GIT
  remote: https://github.com/ruby-rdf/linkeddata
  revision: b3fdc7b85440dffa388cadebcde20b91f9f987b0
  branch: develop
  specs:
    linkeddata (3.3.0)
      json-ld (~> 3.3)
      json-ld-preloaded (~> 3.3)
      ld-patch (~> 3.3)
      nokogiri (~> 1.15, >= 1.15.4)
      rdf (~> 3.2)
      rdf-aggregate-repo (~> 3.2)
      rdf-hamster-repo (~> 3.3)
      rdf-isomorphic (~> 3.3)
      rdf-json (~> 3.3)
      rdf-microdata (~> 3.3)
      rdf-n3 (~> 3.3)
      rdf-normalize (~> 0.7)
      rdf-ordered-repo (~> 3.3)
      rdf-rdfa (~> 3.3)
      rdf-rdfxml (~> 3.3)
      rdf-reasoner (~> 0.9)
      rdf-tabular (~> 3.3)
      rdf-trig (~> 3.3)
      rdf-trix (~> 3.3)
      rdf-turtle (~> 3.3)
      rdf-vocab (~> 3.3)
      rdf-xsd (~> 3.3)
      shacl (~> 0.4)
      shex (~> 0.8)
      sparql (~> 3.3)
      sparql-client (~> 3.3)
      yaml-ld (~> 0.0)

GIT
  remote: https://github.com/ruby-rdf/rack-linkeddata
  revision: 5d4be253070148badb2577047f61df6dd5843e84
  branch: develop
  specs:
    rack-linkeddata (3.3.0)
      linkeddata (~> 3.3)
      rack (>= 2.2, < 4)
      rack-rdf (~> 3.3)

GIT
  remote: https://github.com/ruby-rdf/rack-rdf
  revision: 4ea4a41c7168a7dd058e90b35899ad2d56f59e35
  branch: develop
  specs:
    rack-rdf (3.3.0)
      rack (>= 2.2, < 4)
      rdf (~> 3.3)

GIT
  remote: https://github.com/ruby-rdf/rdf
  revision: c2bcdc15aedf74fb958f20121b4028034ced7674
  branch: develop
  specs:
    rdf (3.3.0)
      bcp47_spec (~> 0.2)
      link_header (~> 0.0, >= 0.0.8)

GIT
  remote: https://github.com/ruby-rdf/rdf-aggregate-repo
  revision: d01008aa6dfab2ebba7cd6f1f981a6d57ecf547a
  branch: develop
  specs:
    rdf-aggregate-repo (3.3.0)
      rdf (~> 3.3)

GIT
  remote: https://github.com/ruby-rdf/rdf-do
  revision: a92b866a7db762cc3670ba0b410deaab762371f4
  branch: develop
  specs:
    rdf-do (3.1.0)
      data_objects (~> 0.10)
      rdf (~> 3.1)

GIT
  remote: https://github.com/ruby-rdf/rdf-hamster-repo
  revision: a60b15871d9cfc7cec4f2051dded98e7267b31e5
  branch: develop
  specs:
    rdf-hamster-repo (3.3.0)
      hamster (~> 3.0)
      rdf (~> 3.3)

GIT
  remote: https://github.com/ruby-rdf/rdf-isomorphic
  revision: 7221f7a1f11ba9fc23403fb2cbbb93b6e04cdccd
  branch: develop
  specs:
    rdf-isomorphic (3.3.0)
      rdf (~> 3.3)

GIT
  remote: https://github.com/ruby-rdf/rdf-json
  revision: a47254e8def891963d08b67362b6c08f4a8b4182
  branch: develop
  specs:
    rdf-json (3.3.0)
      rdf (~> 3.3)

GIT
  remote: https://github.com/ruby-rdf/rdf-microdata
  revision: e3ef09802dc17bd8d3eff63a84b60e5628ec73bf
  branch: develop
  specs:
    rdf-microdata (3.3.0)
      htmlentities (~> 4.3)
      nokogiri (~> 1.15, >= 1.15.4)
      rdf (~> 3.3)
      rdf-rdfa (~> 3.3)
      rdf-xsd (~> 3.3)

GIT
  remote: https://github.com/ruby-rdf/rdf-n3
  revision: 2b45a55b147efd4df45b624c84fd48a7a9e07df6
  branch: develop
  specs:
    rdf-n3 (3.3.0)
      ebnf (~> 2.4)
      rdf (~> 3.3)
      sparql (~> 3.3)
      sxp (~> 1.3)

GIT
  remote: https://github.com/ruby-rdf/rdf-normalize
  revision: 7f3a953c511ffb8a884a84093446ec36b1994604
  branch: develop
  specs:
    rdf-normalize (0.7.0)
      rdf (~> 3.3)

GIT
  remote: https://github.com/ruby-rdf/rdf-ordered-repo
  revision: 7faa36ea4c66312f004fb2b29a78a775c3f31252
  branch: develop
  specs:
    rdf-ordered-repo (3.3.0)
      rdf (~> 3.3)

GIT
  remote: https://github.com/ruby-rdf/rdf-rdfa
  revision: 9896548df06eed26519f93c1e0bb0f64d6d73a68
  branch: develop
  specs:
    rdf-rdfa (3.3.0)
      haml (~> 6.1)
      htmlentities (~> 4.3)
      rdf (~> 3.3)
      rdf-aggregate-repo (~> 3.3)
      rdf-vocab (~> 3.3)
      rdf-xsd (~> 3.3)

GIT
  remote: https://github.com/ruby-rdf/rdf-rdfxml
  revision: b00ed0290034bd3f6b024d1ef4c82f5f5d271638
  branch: develop
  specs:
    rdf-rdfxml (3.3.0)
      builder (~> 3.2)
      htmlentities (~> 4.3)
      rdf (~> 3.3)
      rdf-xsd (~> 3.3)

GIT
  remote: https://github.com/ruby-rdf/rdf-reasoner
  revision: b7c0131d69c2463de65fcc643a90a090c75c18b1
  branch: develop
  specs:
    rdf-reasoner (0.9.0)
      rdf (~> 3.3)
      rdf-xsd (~> 3.3)

GIT
  remote: https://github.com/ruby-rdf/rdf-spec
  revision: c3ac011277cf73ccbdcbc0457cd4eb21c3d5afeb
  branch: develop
  specs:
    rdf-spec (3.3.0)
      amazing_print (~> 1.5)
      rdf (~> 3.3)
      rdf-isomorphic (~> 3.3)
      rexml (~> 3.2)
      rspec (~> 3.12)
      rspec-its (~> 1.3)
      webmock (~> 3.19)

GIT
  remote: https://github.com/ruby-rdf/rdf-tabular
  revision: 503cea821e0647a7a8a6baae657e14c4032f9df3
  branch: develop
  specs:
    rdf-tabular (3.3.0)
      addressable (~> 2.8)
      bcp47_spec (~> 0.2)
      json-ld (~> 3.3)
      rdf (~> 3.3)
      rdf-vocab (~> 3.3)
      rdf-xsd (~> 3.3)

GIT
  remote: https://github.com/ruby-rdf/rdf-trig
  revision: 0baf6b8aa635e1ed9badae4b6870db851db4ae59
  branch: develop
  specs:
    rdf-trig (3.3.0)
      ebnf (~> 2.4)
      rdf (~> 3.3)
      rdf-turtle (~> 3.3)

GIT
  remote: https://github.com/ruby-rdf/rdf-trix
  revision: 1649e5306e960a0d1a69338ab8d90cef490cab8d
  branch: develop
  specs:
    rdf-trix (3.3.0)
      rdf (~> 3.3)
      rdf-xsd (~> 3.3)

GIT
  remote: https://github.com/ruby-rdf/rdf-turtle
  revision: 1068d277401e076b12ae5f09e1374dac10750ffb
  branch: develop
  specs:
    rdf-turtle (3.3.0)
      ebnf (~> 2.4)
      rdf (~> 3.3)

GIT
  remote: https://github.com/ruby-rdf/rdf-vocab
  revision: 7f98a3f5b6c9f3b603c6bf4b94ccbc35e0d55749
  branch: develop
  specs:
    rdf-vocab (3.3.0)
      rdf (~> 3.3)

GIT
  remote: https://github.com/ruby-rdf/rdf-xsd
  revision: e2cb7989e6376f26c83ea624a978b654fb73520f
  branch: develop
  specs:
    rdf-xsd (3.3.0)
      rdf (~> 3.3)
      rexml (~> 3.2)

GIT
  remote: https://github.com/ruby-rdf/shacl
  revision: 63ac93ccd0e9064b1036ccdaae889fdf2508ee9f
  branch: develop
  specs:
    shacl (0.4.0)
      json-ld (~> 3.3)
      rdf (~> 3.3)
      sparql (~> 3.3)
      sxp (~> 1.2)

GIT
  remote: https://github.com/ruby-rdf/shex
  revision: 89c901640d7093dfd83d77b442d4c06ad1b51d85
  branch: develop
  specs:
    shex (0.8.0)
      ebnf (~> 2.4)
      htmlentities (~> 4.3)
      json-ld (~> 3.3)
      json-ld-preloaded (~> 3.3)
      rdf (~> 3.3)
      rdf-xsd (~> 3.3)
      sparql (~> 3.3)
      sxp (~> 1.3)

GIT
  remote: https://github.com/ruby-rdf/sinatra-linkeddata
  revision: b02df4b2717ce0813642109a5168585863c26871
  branch: develop
  specs:
    sinatra-linkeddata (3.3.0)
      rack-linkeddata (~> 3.3)
      sinatra (~> 3.1)

GIT
  remote: https://github.com/ruby-rdf/sinatra-rdf
  revision: 3e1925d50db64687711ae47bb4e6a94df2187e5b
  branch: develop
  specs:
    sinatra-rdf (3.3.0)
      rack-rdf (~> 3.3)
      sinatra (~> 3.1)

GIT
  remote: https://github.com/ruby-rdf/sparql
  revision: d7206d0f0d39d74c380576cd5472a6bf1afddda2
  branch: develop
  specs:
    sparql (3.3.0)
      builder (~> 3.2, >= 3.2.4)
      ebnf (~> 2.4)
      logger (~> 1.5)
      rdf (~> 3.3)
      rdf-aggregate-repo (~> 3.3)
      rdf-xsd (~> 3.3)
      sparql-client (~> 3.3)
      sxp (~> 1.3)

GIT
  remote: https://github.com/ruby-rdf/sparql-client
  revision: 58bc635c9bd6642e2ef010e8664a795abe7a052a
  branch: develop
  specs:
    sparql-client (3.3.0)
      net-http-persistent (~> 4.0, >= 4.0.2)
      rdf (~> 3.3)

GIT
  remote: https://github.com/ruby-rdf/yaml-ld
  revision: 3ed3ab5619d88c62f3a0892f4271c9f02cc9f916
  branch: develop
  specs:
    yaml-ld (0.0.2)
      json-ld (~> 3.2, >= 3.2.3)
      psych (>= 3.3)
      rdf (~> 3.2, >= 3.2.9)
      rdf-xsd (~> 3.2)

PATH
  remote: .
  specs:
    rdf-distiller (3.3.0)
      equivalent-xml (~> 0.6)
      erubis (~> 2.7)
      haml (~> 6.1)
      json-ld-preloaded (~> 3.3)
      nokogiri (~> 1.15)
      puma (~> 6.3, >= 6.3.1)
      rack (~> 2.2)
      rack-cache (~> 1.13)
      redcarpet (~> 3.6)
      rest-client (~> 2.1)
      rest-client-components (~> 1.5)
      sass (~> 3.7)
      sinatra (~> 3.1)
      sinatra-linkeddata (~> 3.3)
      sprockets (~> 4.2)
      sprockets-helpers (~> 1.4)
      uglifier (~> 4.2)
      yard (~> 0.9, >= 0.9.28)

GEM
  remote: https://rubygems.org/
  specs:
    addressable (2.8.5)
      public_suffix (>= 2.0.2, < 6.0)
    amazing_print (1.5.0)
    bcp47_spec (0.2.1)
    better_errors (2.10.1)
      erubi (>= 1.0.0)
      rack (>= 0.9.0)
      rouge (>= 1.0.0)
    binding_of_caller (1.0.0)
      debug_inspector (>= 0.0.1)
    builder (3.2.4)
    byebug (11.1.3)
    concurrent-ruby (1.2.2)
    connection_pool (2.4.1)
    crack (0.4.5)
      rexml
    data_objects (0.10.17)
      addressable (~> 2.1)
    debug_inspector (1.1.0)
    diff-lcs (1.5.0)
    domain_name (0.5.20190701)
      unf (>= 0.0.5, < 1.0.0)
    equivalent-xml (0.6.0)
      nokogiri (>= 1.4.3)
    erubi (1.12.0)
    erubis (2.7.0)
    execjs (2.8.1)
    ffi (1.15.5)
    haml (6.1.2)
      temple (>= 0.8.2)
      thor
      tilt
    hamster (3.0.0)
      concurrent-ruby (~> 1.0)
    hashdiff (1.0.1)
    htmlentities (4.3.4)
    http-accept (1.7.0)
    http-cookie (1.0.5)
      domain_name (~> 0.5)
    json-canonicalization (0.3.2)
    jsonpath (1.1.3)
      multi_json
    link_header (0.0.8)
    logger (1.5.3)
    matrix (0.4.2)
    mime-types (3.5.1)
      mime-types-data (~> 3.2015)
    mime-types-data (3.2023.0808)
    multi_json (1.15.0)
    mustermann (3.0.0)
      ruby2_keywords (~> 0.0.1)
    net-http-persistent (4.0.2)
      connection_pool (~> 2.2)
    netrc (0.11.0)
    nio4r (2.5.9)
    nokogiri (1.15.4-arm64-darwin)
      racc (~> 1.4)
    nokogiri (1.15.4-x86_64-darwin)
      racc (~> 1.4)
    nokogiri (1.15.4-x86_64-linux)
      racc (~> 1.4)
    psych (5.1.0)
      stringio
    public_suffix (5.0.3)
    puma (6.3.1)
      nio4r (~> 2.0)
    racc (1.7.1)
    rack (2.2.8)
    rack-cache (1.14.0)
      rack (>= 0.4)
    rack-protection (3.1.0)
      rack (~> 2.2, >= 2.2.4)
    rack-test (2.1.0)
      rack (>= 1.3)
    rake (13.0.6)
    rb-fsevent (0.11.2)
    rb-inotify (0.10.1)
      ffi (~> 1.0)
    redcarpet (3.6.0)
    rest-client (2.1.0)
      http-accept (>= 1.7.0, < 2.0)
      http-cookie (>= 1.0.2, < 2.0)
      mime-types (>= 1.16, < 4.0)
      netrc (~> 0.8)
    rest-client-components (1.5.0)
      rack (>= 1.0.1)
      rest-client (>= 1.6.0)
    rexml (3.2.6)
    rouge (4.1.3)
    rspec (3.12.0)
      rspec-core (~> 3.12.0)
      rspec-expectations (~> 3.12.0)
      rspec-mocks (~> 3.12.0)
    rspec-core (3.12.2)
      rspec-support (~> 3.12.0)
    rspec-expectations (3.12.3)
      diff-lcs (>= 1.2.0, < 2.0)
      rspec-support (~> 3.12.0)
    rspec-its (1.3.0)
      rspec-core (>= 3.0.0)
      rspec-expectations (>= 3.0.0)
    rspec-mocks (3.12.6)
      diff-lcs (>= 1.2.0, < 2.0)
      rspec-support (~> 3.12.0)
    rspec-support (3.12.1)
    ruby2_keywords (0.0.5)
    sass (3.7.4)
      sass-listen (~> 4.0.0)
    sass-listen (4.0.0)
      rb-fsevent (~> 0.9, >= 0.9.4)
      rb-inotify (~> 0.9, >= 0.9.7)
    scanf (1.0.0)
    shotgun (0.9.2)
      rack (>= 1.0)
    sinatra (3.1.0)
      mustermann (~> 3.0)
      rack (~> 2.2, >= 2.2.4)
      rack-protection (= 3.1.0)
      tilt (~> 2.0)
    sprockets (4.2.0)
      concurrent-ruby (~> 1.0)
      rack (>= 2.2.4, < 4)
    sprockets-helpers (1.4.0)
      sprockets (>= 2.2)
    stringio (3.0.8)
    syntax (1.2.2)
    temple (0.10.2)
    thor (1.2.2)
    tilt (2.2.0)
    uglifier (4.2.0)
      execjs (>= 0.3.0, < 3)
    unf (0.1.4)
      unf_ext
    unf_ext (0.0.8.2)
    unicode-types (1.8.0)
    webmock (3.19.0)
      addressable (>= 2.8.0)
      crack (>= 0.3.2)
      hashdiff (>= 0.4.0, < 2.0.0)
    yard (0.9.34)

PLATFORMS
  arm64-darwin-20
  arm64-darwin-21
  arm64-darwin-22
  x86_64-darwin-20
  x86_64-linux

DEPENDENCIES
  better_errors (>= 2.9.1)
  binding_of_caller
  byebug
  ebnf!
  json-ld!
  json-ld-preloaded!
  jsonpath (~> 1.1)
  ld-patch!
  linkeddata!
  rack-linkeddata!
  rack-rdf!
  rack-test (~> 2.1)
  rake
  rdf!
  rdf-aggregate-repo!
  rdf-distiller!
  rdf-do!
  rdf-hamster-repo!
  rdf-isomorphic!
  rdf-json!
  rdf-microdata!
  rdf-n3!
  rdf-normalize!
  rdf-ordered-repo!
  rdf-rdfa!
  rdf-rdfxml!
  rdf-reasoner!
  rdf-spec!
  rdf-tabular!
  rdf-trig!
  rdf-trix!
  rdf-turtle!
  rdf-vocab!
  rdf-xsd!
  rspec (~> 3.12)
  rspec-its (~> 1.3)
  shacl!
  shex!
  shotgun (>= 0.9.2)
  sinatra-linkeddata!
  sinatra-rdf!
  sparql!
  sparql-client!
  sxp!
  syntax
  webmock (~> 3.18)
  yaml-ld!

RUBY VERSION
   ruby 3.2.2p53

BUNDLED WITH
   2.4.17
