GIT
  remote: https://github.com/dryruby/ebnf
  revision: 670c15b8d12b39daceeac0a156a004ab805752e3
  branch: develop
  specs:
    ebnf (2.1.2)
      htmlentities (~> 4.3)
      rdf (~> 3.1)
      scanf (~> 1.0)
      sxp (~> 1.1)

GIT
  remote: https://github.com/dryruby/sxp.rb
  revision: cb672f2f1901308ed942da1c4352d3a615b69002
  branch: develop
  specs:
    sxp (1.1.0)
      rdf (~> 3.1)

GIT
  remote: https://github.com/ruby-rdf/json-ld
  revision: d864b20f6c8bff286a9a12f7c69917105842bc29
  branch: develop
  specs:
    json-ld (3.1.4)
      htmlentities (~> 4.3)
      json-canonicalization (~> 0.2)
      link_header (~> 0.0, >= 0.0.8)
      multi_json (~> 1.14)
      rack (~> 2.0)
      rdf (~> 3.1)

GIT
  remote: https://github.com/ruby-rdf/json-ld-preloaded
  revision: 718781dee2f9d30565050735dbf7a65cbdeede83
  branch: develop
  specs:
    json-ld-preloaded (3.1.3)
      json-ld (~> 3.1)
      rdf (~> 3.1)

GIT
  remote: https://github.com/ruby-rdf/ld-patch
  revision: 9e1c6e8919b3e8544c665612850610f2229d4012
  branch: develop
  specs:
    ld-patch (3.1.1)
      ebnf (~> 2.0)
      rdf (~> 3.1)
      rdf-xsd (~> 3.1)
      sparql (~> 3.1)
      sxp (~> 1.1)

GIT
  remote: https://github.com/ruby-rdf/linkeddata
  revision: 736ea2add05eb56f21e91912a33678597f45efe0
  branch: develop
  specs:
    linkeddata (3.1.2)
      equivalent-xml (~> 0.6)
      json-ld (~> 3.1, >= 3.1.1)
      json-ld-preloaded (~> 3.1, >= 3.1.1)
      ld-patch (~> 3.1)
      nokogiri (~> 1.10)
      nokogumbo (~> 2.0)
      rdf (~> 3.1, >= 3.1.2)
      rdf-aggregate-repo (~> 3.1)
      rdf-isomorphic (~> 3.1)
      rdf-json (~> 3.1)
      rdf-microdata (~> 3.1)
      rdf-n3 (~> 3.1)
      rdf-normalize (~> 0.4)
      rdf-rdfa (~> 3.1, >= 3.1.1)
      rdf-rdfxml (~> 3.1)
      rdf-reasoner (~> 0.6, >= 0.6.1)
      rdf-tabular (~> 3.1)
      rdf-trig (~> 3.1)
      rdf-trix (~> 3.1)
      rdf-turtle (~> 3.1, >= 3.1.1)
      rdf-vocab (~> 3.1, >= 3.1.2)
      rdf-xsd (~> 3.1)
      shex (~> 0.6)
      sparql (~> 3.1, >= 3.1.1)
      sparql-client (~> 3.1)

GIT
  remote: https://github.com/ruby-rdf/rack-linkeddata
  revision: d419047e0fc959bb06e6829eba93060ba9756646
  branch: develop
  specs:
    rack-linkeddata (3.1.1)
      linkeddata (~> 3.1, >= 3.1.2)
      rack (~> 2.1)
      rack-rdf (~> 3.1)

GIT
  remote: https://github.com/ruby-rdf/rdf
  revision: ec6eb51533a36ad6887dd5152bbedebaf246fc63
  branch: develop
  specs:
    rdf (3.1.6)
      hamster (~> 3.0)
      link_header (~> 0.0, >= 0.0.8)

GIT
  remote: https://github.com/ruby-rdf/rdf-aggregate-repo
  revision: 5c559141b1d53b9742163b9ea2e05b291f694d84
  branch: develop
  specs:
    rdf-aggregate-repo (3.1.0)
      rdf (~> 3.1)

GIT
  remote: https://github.com/ruby-rdf/rdf-do
  revision: a92b866a7db762cc3670ba0b410deaab762371f4
  branch: develop
  specs:
    rdf-do (3.1.0)
      data_objects (~> 0.10)
      rdf (~> 3.1)

GIT
  remote: https://github.com/ruby-rdf/rdf-isomorphic
  revision: c24441ed6977fea3a11f0c1f84595c517ea6c604
  branch: develop
  specs:
    rdf-isomorphic (3.1.0)
      rdf (~> 3.1)

GIT
  remote: https://github.com/ruby-rdf/rdf-json
  revision: 08289c0152d03e63030baa30438bf91fa4de4caf
  branch: develop
  specs:
    rdf-json (3.1.0)
      rdf (~> 3.1)

GIT
  remote: https://github.com/ruby-rdf/rdf-microdata
  revision: 9ee4a6691d91afebe5a6f84da2b1d3432286baa6
  branch: develop
  specs:
    rdf-microdata (3.1.1)
      htmlentities (~> 4.3)
      nokogiri (~> 1.10)
      rdf (~> 3.1)
      rdf-xsd (~> 3.1)

GIT
  remote: https://github.com/ruby-rdf/rdf-n3
  revision: 93f20af1f6988ca6f67b0b22fb6d8550a08e47ca
  branch: develop
  specs:
    rdf-n3 (3.1.1)
      ebnf (~> 2.1)
      rdf (~> 3.1)
      sparql (~> 3.1)
      sxp (~> 1.1)

GIT
  remote: https://github.com/ruby-rdf/rdf-normalize
  revision: 8b5385d1080d1c055c6fd9e839792524f3d9de2c
  branch: develop
  specs:
    rdf-normalize (0.4.0)
      rdf (~> 3.1)

GIT
  remote: https://github.com/ruby-rdf/rdf-ordered-repo
  revision: 8aeba0d192f4ecd178f1688cd317a2887afe1435
  branch: develop
  specs:
    rdf-ordered-repo (3.1.0)
      rdf (~> 3.1)

GIT
  remote: https://github.com/ruby-rdf/rdf-rdfa
  revision: f9efe24f781a87dd149d5ae4e9ed966f7c8d65b8
  branch: develop
  specs:
    rdf-rdfa (3.1.2)
      haml (~> 5.1)
      htmlentities (~> 4.3)
      rdf (~> 3.1, >= 3.1.2)
      rdf-aggregate-repo (~> 3.1)
      rdf-vocab (~> 3.1, >= 3.1.5)
      rdf-xsd (~> 3.1)

GIT
  remote: https://github.com/ruby-rdf/rdf-rdfxml
  revision: fb2bcf34bfc3dd571400b2e410a157e110e9ad33
  branch: develop
  specs:
    rdf-rdfxml (3.1.0)
      htmlentities (~> 4.3)
      rdf (~> 3.1)
      rdf-rdfa (~> 3.1)
      rdf-xsd (~> 3.1)

GIT
  remote: https://github.com/ruby-rdf/rdf-reasoner
  revision: d5d2331d30f2720ac53375ca5cab7f1f547e99d5
  branch: develop
  specs:
    rdf-reasoner (0.6.2)
      rdf (~> 3.1, >= 3.1.2)
      rdf-vocab (~> 3.1, >= 3.1.5)
      rdf-xsd (~> 3.1)

GIT
  remote: https://github.com/ruby-rdf/rdf-spec
  revision: 579f921d5019c26cc96a01ebb727abb1dcbb398e
  branch: develop
  specs:
    rdf-spec (3.1.1)
      awesome_print (~> 1.8)
      rdf (~> 3.1)
      rdf-isomorphic (~> 3.1)
      rspec (~> 3.9)
      rspec-its (~> 1.3)
      webmock (~> 3.7)

GIT
  remote: https://github.com/ruby-rdf/rdf-tabular
  revision: 622b02a387c73981835becd878c0fc7994af3c01
  branch: develop
  specs:
    rdf-tabular (3.1.1)
      addressable (~> 2.3)
      bcp47 (~> 0.3, >= 0.3.3)
      json-ld (~> 3.1)
      rdf (~> 3.1)
      rdf-vocab (~> 3.1)
      rdf-xsd (~> 3.1)

GIT
  remote: https://github.com/ruby-rdf/rdf-trig
  revision: 7bd78dbf2ff0dba11b2c7cf6c75507a88981a3f9
  branch: develop
  specs:
    rdf-trig (3.1.1)
      ebnf (~> 2.0)
      rdf (~> 3.1)
      rdf-turtle (~> 3.1)

GIT
  remote: https://github.com/ruby-rdf/rdf-trix
  revision: 6eb913b461d9f6842479b22192912c6ee403f374
  branch: develop
  specs:
    rdf-trix (3.1.0)
      rdf (~> 3.1)

GIT
  remote: https://github.com/ruby-rdf/rdf-turtle
  revision: fa2b43c07dfaf74670f7e0018cc46134b0a305c2
  branch: develop
  specs:
    rdf-turtle (3.1.2)
      ebnf (~> 2.0)
      rdf (~> 3.1, >= 3.1.2)

GIT
  remote: https://github.com/ruby-rdf/rdf-vocab
  revision: 602e9c20ac1d3b1f2b3734b99ab857d18c83f575
  branch: develop
  specs:
    rdf-vocab (3.1.8)
      rdf (~> 3.1, >= 3.1.2)

GIT
  remote: https://github.com/ruby-rdf/rdf-xsd
  revision: a2d77e29e7394d88207fdfdcd3d81c7cf5945212
  branch: develop
  specs:
    rdf-xsd (3.1.0)
      rdf (~> 3.1)

GIT
  remote: https://github.com/ruby-rdf/shex
  revision: 1a0f6821b2822cb2ea823e104ae0118e76de2220
  branch: develop
  specs:
    shex (0.6.1)
      ebnf (~> 2.0)
      json-ld (~> 3.1)
      json-ld-preloaded (~> 3.1)
      rdf (~> 3.1)
      rdf-xsd (~> 3.1)
      sparql (~> 3.1)
      sxp (~> 1.1)

GIT
  remote: https://github.com/ruby-rdf/sinatra-linkeddata
  revision: 014da340bdaf97af7de381a57f1218c62aa4be74
  branch: develop
  specs:
    sinatra-linkeddata (3.1.1)
      rack-linkeddata (~> 3.1, >= 3.1.1)
      sinatra (~> 2.0)

GIT
  remote: https://github.com/ruby-rdf/sparql
  revision: b7355e0d9dc3df0b4e601b166f35794ed5384b26
  branch: develop
  specs:
    sparql (3.1.3)
      builder (~> 3.2)
      ebnf (>= 1.1)
      rdf (~> 3.1, >= 3.1.2)
      rdf-aggregate-repo (~> 3.1)
      rdf-xsd (~> 3.1)
      sparql-client (~> 3.1)
      sxp (~> 1.1)

GIT
  remote: https://github.com/ruby-rdf/sparql-client
  revision: 369d0517d85857a45c7e197c48d34aa9b99cdbdc
  branch: develop
  specs:
    sparql-client (3.1.0)
      net-http-persistent (~> 3.1)
      rdf (~> 3.1)

PATH
  remote: .
  specs:
    rdf-distiller (3.1.7)
      equivalent-xml (~> 0.6)
      erubis (~> 2.7)
      haml (~> 5.1)
      json-compare (~> 0.1)
      json-ld-preloaded (~> 3.1)
      maruku (~> 0.7)
      nokogiri (~> 1.10)
      nokogumbo (~> 2.0)
      puma (~> 4.3)
      rack (~> 2.1)
      rack-cache (~> 1.11)
      redcarpet (~> 3.5)
      rest-client (~> 2.1)
      rest-client-components (~> 1.5)
      sass (~> 3.7)
      sinatra (~> 2.0)
      sinatra-asset-pipeline (~> 2.2)
      sinatra-linkeddata (~> 3.1, >= 3.1.1)
      sprockets (~> 3.7)
      sprockets-helpers (~> 1.2)
      uglifier (~> 4.2)
      yard (~> 0.9, >= 0.9.24)

GEM
  remote: https://rubygems.org/
  specs:
    addressable (2.7.0)
      public_suffix (>= 2.0.2, < 5.0)
    awesome_print (1.8.0)
    bcp47 (0.3.3)
      i18n
    better_errors (2.8.3)
      coderay (>= 1.0.0)
      erubi (>= 1.0.0)
      rack (>= 0.9.0)
    binding_of_caller (0.8.0)
      debug_inspector (>= 0.0.1)
    builder (3.2.4)
    byebug (11.1.3)
    coderay (1.1.3)
    coffee-script (2.4.1)
      coffee-script-source
      execjs
    coffee-script-source (1.12.2)
    concurrent-ruby (1.1.7)
    connection_pool (2.2.3)
    crack (0.4.4)
    data_objects (0.10.17)
      addressable (~> 2.1)
    debug_inspector (0.0.3)
    diff-lcs (1.4.4)
    domain_name (0.5.20190701)
      unf (>= 0.0.5, < 1.0.0)
    equivalent-xml (0.6.0)
      nokogiri (>= 1.4.3)
    erubi (1.9.0)
    erubis (2.7.0)
    execjs (2.7.0)
    ffi (1.13.1)
    foreman (0.87.2)
    haml (5.2.0)
      temple (>= 0.8.0)
      tilt
    hamster (3.0.0)
      concurrent-ruby (~> 1.0)
    hashdiff (1.0.1)
    htmlentities (4.3.4)
    http-accept (1.7.0)
    http-cookie (1.0.3)
      domain_name (~> 0.5)
    i18n (1.8.5)
      concurrent-ruby (~> 1.0)
    json-canonicalization (0.2.0)
    json-compare (0.1.8)
    jsonpath (1.0.5)
      multi_json
      to_regexp (~> 0.2.1)
    link_header (0.0.8)
    maruku (0.7.3)
    mime-types (3.3.1)
      mime-types-data (~> 3.2015)
    mime-types-data (3.2020.0512)
    mini_portile2 (2.4.0)
    multi_json (1.15.0)
    mustermann (1.1.1)
      ruby2_keywords (~> 0.0.1)
    net-http-persistent (3.1.0)
      connection_pool (~> 2.2)
    netrc (0.11.0)
    nio4r (2.5.4)
    nokogiri (1.10.10)
      mini_portile2 (~> 2.4.0)
    nokogumbo (2.0.2)
      nokogiri (~> 1.8, >= 1.8.4)
    public_suffix (4.0.6)
    puma (4.3.6)
      nio4r (~> 2.0)
    rack (2.2.3)
    rack-cache (1.12.1)
      rack (>= 0.4)
    rack-protection (2.1.0)
      rack
    rack-rdf (3.1.0)
      rack (~> 2.1)
      rdf (~> 3.1)
    rack-test (1.1.0)
      rack (>= 1.0, < 3)
    rake (12.3.3)
    rb-fsevent (0.10.4)
    rb-inotify (0.10.1)
      ffi (~> 1.0)
    redcarpet (3.5.0)
    rest-client (2.1.0)
      http-accept (>= 1.7.0, < 2.0)
      http-cookie (>= 1.0.2, < 2.0)
      mime-types (>= 1.16, < 4.0)
      netrc (~> 0.8)
    rest-client-components (1.5.0)
      rack (>= 1.0.1)
      rest-client (>= 1.6.0)
    rspec (3.9.0)
      rspec-core (~> 3.9.0)
      rspec-expectations (~> 3.9.0)
      rspec-mocks (~> 3.9.0)
    rspec-core (3.9.3)
      rspec-support (~> 3.9.3)
    rspec-expectations (3.9.4)
      diff-lcs (>= 1.2.0, < 2.0)
      rspec-support (~> 3.9.0)
    rspec-its (1.3.0)
      rspec-core (>= 3.0.0)
      rspec-expectations (>= 3.0.0)
    rspec-mocks (3.9.1)
      diff-lcs (>= 1.2.0, < 2.0)
      rspec-support (~> 3.9.0)
    rspec-support (3.9.4)
    ruby2_keywords (0.0.2)
    sass (3.7.4)
      sass-listen (~> 4.0.0)
    sass-listen (4.0.0)
      rb-fsevent (~> 0.9, >= 0.9.4)
      rb-inotify (~> 0.9, >= 0.9.7)
    scanf (1.0.0)
    shotgun (0.9.2)
      rack (>= 1.0)
    sinatra (2.1.0)
      mustermann (~> 1.0)
      rack (~> 2.2)
      rack-protection (= 2.1.0)
      tilt (~> 2.0)
    sinatra-asset-pipeline (2.2.1)
      coffee-script (~> 2.4)
      rake (~> 12.3)
      sass (~> 3.5)
      sinatra (~> 2.0)
      sprockets (~> 3.7)
      sprockets-helpers (~> 1.2)
    sprockets (3.7.2)
      concurrent-ruby (~> 1.0)
      rack (> 1, < 3)
    sprockets-helpers (1.4.0)
      sprockets (>= 2.2)
    syntax (1.2.2)
    temple (0.8.2)
    tilt (2.0.10)
    to_regexp (0.2.1)
    uglifier (4.2.0)
      execjs (>= 0.3.0, < 3)
    unf (0.1.4)
      unf_ext
    unf_ext (0.0.7.7)
    webmock (3.9.3)
      addressable (>= 2.3.6)
      crack (>= 0.3.2)
      hashdiff (>= 0.4.0, < 2.0.0)
    yard (0.9.25)

PLATFORMS
  ruby

DEPENDENCIES
  better_errors (>= 2.7.1)
  binding_of_caller
  byebug
  ebnf!
  foreman
  json-ld!
  json-ld-preloaded!
  jsonpath (~> 1.0)
  ld-patch!
  linkeddata!
  rack-linkeddata!
  rack-test (~> 1.1)
  rake
  rdf!
  rdf-aggregate-repo!
  rdf-distiller!
  rdf-do!
  rdf-isomorphic!
  rdf-json!
  rdf-microdata!
  rdf-n3!
  rdf-normalize!
  rdf-ordered-repo!
  rdf-rdfa!
  rdf-rdfxml!
  rdf-reasoner!
  rdf-spec!
  rdf-tabular!
  rdf-trig!
  rdf-trix!
  rdf-turtle!
  rdf-vocab!
  rdf-xsd!
  rspec (~> 3.9)
  rspec-its (~> 1.3)
  shex!
  shotgun (>= 0.9.2)
  sinatra-linkeddata!
  sparql!
  sparql-client!
  sxp!
  syntax
  webmock (~> 3.8)

RUBY VERSION
   ruby 2.7.2p137

BUNDLED WITH
   2.1.4
