GIT
  remote: git://github.com/dryruby/sxp.rb.git
  revision: ebf7c2750e7e67229ed0bab1d72d2284f5cb9e28
  branch: develop
  specs:
    sxp (1.0.0)
      rdf (~> 2.0)

GIT
  remote: git://github.com/ruby-rdf/json-ld-preloaded.git
  revision: 280bedbf0dd5d6947768e84d90684a1c5274e3b2
  branch: develop
  specs:
    json-ld-preloaded (1.0.0)
      json-ld (~> 2.1)
      multi_json (~> 1.11)
      rdf (~> 2.2)

GIT
  remote: git://github.com/ruby-rdf/json-ld.git
  revision: cfc2701bf4ce55b1ad08e5ea93cdcc4550ecc864
  branch: develop
  specs:
    json-ld (2.1.2)
      multi_json (~> 1.12)
      rdf (~> 2.2)

GIT
  remote: git://github.com/ruby-rdf/ld-patch.git
  revision: 853374d681dbeed3da34fa224f0e6cef8645d66c
  branch: develop
  specs:
    ld-patch (0.3.1)
      ebnf (~> 1.0, >= 1.0.1)
      rdf (~> 2.0)
      rdf-xsd (~> 2.0)
      sparql (~> 2.0)
      sxp (~> 1.0)

GIT
  remote: git://github.com/ruby-rdf/linkeddata.git
  revision: 910059f482ed896b8c07bea58427b0c8fe64fd91
  branch: develop
  specs:
    linkeddata (2.2.0)
      equivalent-xml (~> 0.6)
      json-ld (~> 2.1)
      ld-patch (~> 0.3)
      nokogiri (~> 1.7)
      rdf (~> 2.2)
      rdf-aggregate-repo (~> 2.1)
      rdf-isomorphic (~> 2.0)
      rdf-json (~> 2.0)
      rdf-microdata (~> 2.1)
      rdf-n3 (~> 2.1)
      rdf-rdfa (~> 2.1)
      rdf-rdfxml (~> 2.0)
      rdf-reasoner (~> 0.4)
      rdf-tabular (~> 2.2)
      rdf-trig (~> 2.0)
      rdf-trix (~> 2.0)
      rdf-turtle (~> 2.2)
      rdf-vocab (~> 2.1)
      rdf-xsd (~> 2.1)
      sparql (~> 2.1)
      sparql-client (~> 2.1)

GIT
  remote: git://github.com/ruby-rdf/rack-linkeddata.git
  revision: 09696209973c0944eb37546a7622d7d9b8f6c72c
  branch: develop
  specs:
    rack-linkeddata (2.0.0)
      linkeddata (~> 2.0)
      rack (>= 1.6, < 3.0)

GIT
  remote: git://github.com/ruby-rdf/rdf-aggregate-repo.git
  revision: cd79e53892dac794190e185fd864806273dbd7f8
  branch: develop
  specs:
    rdf-aggregate-repo (2.1.0)
      rdf (~> 2.0)

GIT
  remote: git://github.com/ruby-rdf/rdf-do.git
  revision: 790ef09b5a95a3a4da77490d0d916eac3a684527
  branch: develop
  specs:
    rdf-do (2.0.0)
      data_objects (~> 0.10)
      rdf (~> 2.0)

GIT
  remote: git://github.com/ruby-rdf/rdf-isomorphic.git
  revision: 42aa9ec60f818a16dba3527c8ed398e13dfaf781
  branch: develop
  specs:
    rdf-isomorphic (2.0.0)
      rdf (~> 2.0)

GIT
  remote: git://github.com/ruby-rdf/rdf-json.git
  revision: cf38585bd18bf72fbd846b1e18c060bc80803adc
  branch: develop
  specs:
    rdf-json (2.0.0)
      rdf (~> 2.0)

GIT
  remote: git://github.com/ruby-rdf/rdf-microdata.git
  revision: db7b933a73269f62931aa9fa936b44d183dadf03
  branch: develop
  specs:
    rdf-microdata (2.1.0)
      htmlentities (~> 4.3)
      nokogiri (~> 1.6)
      rdf (~> 2.0)
      rdf-xsd (~> 2.0)

GIT
  remote: git://github.com/ruby-rdf/rdf-n3.git
  revision: d592a247892716e3bf9b3e0ef5ea3adeb35d2fa3
  branch: develop
  specs:
    rdf-n3 (2.1.0)
      rdf (~> 2.0)

GIT
  remote: git://github.com/ruby-rdf/rdf-rdfa.git
  revision: fcf86940bf3fe0608ca1e97512509d9eb58693d4
  branch: develop
  specs:
    rdf-rdfa (2.1.1)
      haml (~> 4.0)
      htmlentities (~> 4.3)
      rdf (~> 2.0)
      rdf-aggregate-repo (~> 2.0)
      rdf-xsd (~> 2.0)

GIT
  remote: git://github.com/ruby-rdf/rdf-rdfxml.git
  revision: 8a12a78aa28f3a0f58926ae77844d3e7af52ea4c
  branch: develop
  specs:
    rdf-rdfxml (2.0.0)
      htmlentities (~> 4.3)
      rdf (~> 2.0)
      rdf-rdfa (~> 2.0)
      rdf-xsd (~> 2.0)

GIT
  remote: git://github.com/ruby-rdf/rdf-reasoner.git
  revision: ac8db8b1829510223697342867be5d690ffb8e01
  branch: develop
  specs:
    rdf-reasoner (0.4.1)
      rdf (~> 2.1, >= 2.1.1)
      rdf-vocab (~> 2.0)
      rdf-xsd (~> 2.0)

GIT
  remote: git://github.com/ruby-rdf/rdf-spec.git
  revision: 3580169979fb82991292395d6e99d1d922bd031d
  branch: develop
  specs:
    rdf-spec (2.2.0)
      rdf (~> 2.2)
      rdf-isomorphic (~> 2.0)
      rspec (~> 3.5)
      rspec-its (~> 1.0)
      webmock (~> 2.3)

GIT
  remote: git://github.com/ruby-rdf/rdf-tabular.git
  revision: 2f154f960cf02fd9faad66629158e3b85fe28701
  branch: develop
  specs:
    rdf-tabular (2.2.0)
      addressable (~> 2.3)
      bcp47 (~> 0.3, >= 0.3.3)
      json-ld (~> 2.0)
      rdf (~> 2.1)
      rdf-vocab (~> 2.0)
      rdf-xsd (~> 2.0)

GIT
  remote: git://github.com/ruby-rdf/rdf-trig.git
  revision: 7a9051664a05177b8fc84e3c3dbfea9d23a91d07
  branch: develop
  specs:
    rdf-trig (2.0.0)
      ebnf (~> 1.0, >= 1.0.1)
      rdf (~> 2.0)
      rdf-turtle (~> 2.0)

GIT
  remote: git://github.com/ruby-rdf/rdf-trix.git
  revision: 40b84bf87bb6b0af5e1013ca936933c091bf70a9
  branch: develop
  specs:
    rdf-trix (2.0.0)
      rdf (~> 2.0)

GIT
  remote: git://github.com/ruby-rdf/rdf-turtle.git
  revision: 72b2521a42c47b9863e0983dcbd4b972d3c9e045
  branch: develop
  specs:
    rdf-turtle (2.2.0)
      ebnf (~> 1.1)
      rdf (~> 2.2)

GIT
  remote: git://github.com/ruby-rdf/rdf-vocab.git
  revision: f748d26edf75266aed4f46727618d54e6658bae8
  branch: develop
  specs:
    rdf-vocab (2.2.1)
      rdf (~> 2.2)

GIT
  remote: git://github.com/ruby-rdf/rdf-xsd.git
  revision: 0401284abb1f43c94ebc79f8411f4ba624038566
  branch: develop
  specs:
    rdf-xsd (2.1.0)
      rdf (~> 2.1)

GIT
  remote: git://github.com/ruby-rdf/rdf.git
  revision: 186dd2d04bcbdf38b7d04a7a4f8ddabf0c32b450
  branch: develop
  specs:
    rdf (2.2.3)
      hamster (~> 3.0)
      link_header (~> 0.0, >= 0.0.8)

GIT
  remote: git://github.com/ruby-rdf/sinatra-linkeddata.git
  revision: a5aca0addec015edbe7bdd77bc0d17d008a784c7
  branch: develop
  specs:
    sinatra-linkeddata (2.0.0)
      rack-linkeddata (~> 2.0.0)
      sinatra (~> 1.4)

GIT
  remote: git://github.com/ruby-rdf/sparql-client.git
  revision: 9f8986b5ba4e777c154df2ddfeadc9a6d4484254
  branch: develop
  specs:
    sparql-client (2.1.0)
      net-http-persistent (>= 2.9, < 4)
      rdf (~> 2.0)

GIT
  remote: git://github.com/ruby-rdf/sparql.git
  revision: 436e9d4cec6742d472c16f3eb0c0b5a46d08533d
  branch: develop
  specs:
    sparql (2.1.0)
      builder (~> 3.2)
      ebnf (~> 1.1)
      rdf (~> 2.1)
      rdf-aggregate-repo (~> 2.0)
      rdf-xsd (~> 2.1)
      sparql-client (~> 2.0)
      sxp (~> 1.0)

PATH
  remote: .
  specs:
    rdf-distiller (2.2.0)
      equivalent-xml (~> 0.6)
      erubis (~> 2.7)
      haml (~> 4.0)
      json-compare (~> 0.1)
      linkeddata (~> 2.2)
      maruku (~> 0.7)
      puma (~> 3.6)
      rack (~> 1.6)
      rack-cache (~> 1.6)
      redcarpet (~> 3.3)
      rest-client (~> 1.8)
      rest-client-components (~> 1.4)
      sinatra (~> 1.4)
      sinatra-assetpack (~> 0.3.5)

GEM
  remote: http://rubygems.org/
  specs:
    addressable (2.5.0)
      public_suffix (~> 2.0, >= 2.0.2)
    bcp47 (0.3.3)
      i18n
    better_errors (2.1.1)
      coderay (>= 1.0.0)
      erubis (>= 2.6.6)
      rack (>= 0.9.0)
    binding_of_caller (0.7.2)
      debug_inspector (>= 0.0.1)
    builder (3.2.3)
    byebug (9.0.6)
    coderay (1.1.1)
    concurrent-ruby (1.0.4)
    connection_pool (2.2.1)
    crack (0.4.3)
      safe_yaml (~> 1.0.0)
    data_objects (0.10.17)
      addressable (~> 2.1)
    debug_inspector (0.0.2)
    diff-lcs (1.3)
    domain_name (0.5.20161129)
      unf (>= 0.0.5, < 1.0.0)
    ebnf (1.1.0)
      rdf (~> 2.0)
      sxp (~> 1.0)
    equivalent-xml (0.6.0)
      nokogiri (>= 1.4.3)
    erubis (2.7.0)
    foreman (0.83.0)
      thor (~> 0.19.1)
    haml (4.0.7)
      tilt
    hamster (3.0.0)
      concurrent-ruby (~> 1.0)
    hashdiff (0.3.2)
    htmlentities (4.3.4)
    http-cookie (1.0.3)
      domain_name (~> 0.5)
    i18n (0.7.0)
    jsmin (1.0.1)
    json-compare (0.1.8)
    jsonpath (0.5.8)
      multi_json
    link_header (0.0.8)
    maruku (0.7.3)
    mime-types (2.99.3)
    mini_portile2 (2.1.0)
    multi_json (1.12.1)
    net-http-persistent (3.0.0)
      connection_pool (~> 2.2)
    netrc (0.11.0)
    nokogiri (1.7.0.1)
      mini_portile2 (~> 2.1.0)
    public_suffix (2.0.5)
    puma (3.6.2)
    rack (1.6.5)
    rack-cache (1.7.0)
      rack (>= 0.4)
    rack-protection (1.5.3)
      rack
    rack-test (0.6.3)
      rack (>= 1.0)
    rake (12.0.0)
    redcarpet (3.4.0)
    rest-client (1.8.0)
      http-cookie (>= 1.0.2, < 2.0)
      mime-types (>= 1.16, < 3.0)
      netrc (~> 0.7)
    rest-client-components (1.4.0)
      rack (>= 1.0.1)
      rest-client (>= 1.6.0)
    rspec (3.5.0)
      rspec-core (~> 3.5.0)
      rspec-expectations (~> 3.5.0)
      rspec-mocks (~> 3.5.0)
    rspec-core (3.5.4)
      rspec-support (~> 3.5.0)
    rspec-expectations (3.5.0)
      diff-lcs (>= 1.2.0, < 2.0)
      rspec-support (~> 3.5.0)
    rspec-its (1.2.0)
      rspec-core (>= 3.0.0)
      rspec-expectations (>= 3.0.0)
    rspec-mocks (3.5.0)
      diff-lcs (>= 1.2.0, < 2.0)
      rspec-support (~> 3.5.0)
    rspec-support (3.5.0)
    safe_yaml (1.0.4)
    shotgun (0.9.2)
      rack (>= 1.0)
    sinatra (1.4.7)
      rack (~> 1.5)
      rack-protection (~> 1.4)
      tilt (>= 1.3, < 3)
    sinatra-assetpack (0.3.5)
      jsmin
      rack-test
      sinatra
      tilt (>= 1.3.0, < 2.0)
    syntax (1.2.1)
    thor (0.19.4)
    tilt (1.4.1)
    unf (0.1.4)
      unf_ext
    unf_ext (0.0.7.2)
    webmock (2.3.2)
      addressable (>= 2.3.6)
      crack (>= 0.3.2)
      hashdiff
    yard (0.9.8)

PLATFORMS
  ruby

DEPENDENCIES
  better_errors
  binding_of_caller
  byebug
  foreman
  json-ld!
  json-ld-preloaded!
  jsonpath (~> 0.5)
  ld-patch!
  linkeddata!
  nokogiri (~> 1.7)
  rack-linkeddata!
  rack-test (~> 0.6)
  rake
  rdf!
  rdf-aggregate-repo!
  rdf-distiller!
  rdf-do!
  rdf-isomorphic!
  rdf-json!
  rdf-microdata!
  rdf-n3!
  rdf-rdfa!
  rdf-rdfxml!
  rdf-reasoner!
  rdf-spec!
  rdf-tabular!
  rdf-trig!
  rdf-trix!
  rdf-turtle!
  rdf-vocab!
  rdf-xsd!
  rspec (~> 3.5)
  rspec-its (~> 1.2)
  shotgun
  sinatra-linkeddata!
  sparql!
  sparql-client!
  sxp!
  syntax
  webmock (~> 2.3)
  yard (~> 0.9)

RUBY VERSION
   ruby 2.4.0p0

BUNDLED WITH
   1.13.7
