GIT
  remote: git://github.com/gkellogg/rdf-tabular.git
  revision: 24d72b1c693f7bb18e6b1c7965bc0195cfa1804b
  branch: develop
  specs:
    rdf-tabular (0.0.1)
      addressable (~> 2.3)
      bcp47 (~> 0.3, >= 0.3.3)
      json-ld (~> 1.1)
      rdf (~> 1.1, >= 1.1.7)
      rdf-xsd (~> 1.1)

GIT
  remote: git://github.com/gkellogg/sxp-ruby.git
  revision: 0b9562cee02746c76e33e168d4357fc8c1a13df3
  specs:
    sxp (0.1.3)

GIT
  remote: git://github.com/ruby-rdf/json-ld.git
  revision: 8a8da8ac00a7060124b25ac5c01fd0cef8c54d42
  branch: develop
  specs:
    json-ld (1.1.7)
      rdf (~> 1.1, >= 1.1.7)

GIT
  remote: git://github.com/ruby-rdf/linkeddata.git
  revision: 85dfa93438fa427154eaf762f8b23feb72892985
  branch: develop
  specs:
    linkeddata (1.1.2)
      equivalent-xml (~> 0.4)
      json-ld (~> 1.1, >= 1.1.7)
      nokogiri (~> 1.6)
      rdf (~> 1.1, >= 1.1.7)
      rdf-aggregate-repo (~> 1.1)
      rdf-isomorphic (~> 1.1)
      rdf-json (~> 1.1)
      rdf-microdata (~> 2.0)
      rdf-n3 (~> 1.1)
      rdf-rdfa (~> 1.1, >= 1.1.5)
      rdf-rdfxml (~> 1.1, >= 1.1.3)
      rdf-reasoner (~> 0.2, >= 0.2.1)
      rdf-trig (~> 1.1, >= 1.1.3)
      rdf-trix (~> 1.1)
      rdf-turtle (~> 1.1, >= 1.1.5)
      sparql (~> 1.1, >= 1.1.4)
      sparql-client (~> 1.1, >= 1.1.3)

GIT
  remote: git://github.com/ruby-rdf/rack-linkeddata.git
  revision: 2254327f92f1814fef027364af6a7d8ddc162169
  branch: develop
  specs:
    rack-linkeddata (1.1.0)
      linkeddata (>= 1.1.0)
      rack (>= 1.4)

GIT
  remote: git://github.com/ruby-rdf/rdf-aggregate-repo.git
  revision: db23b6dc89515605a168b216e4b761421fab7fe2
  branch: develop
  specs:
    rdf-aggregate-repo (1.1.0)
      rdf (~> 1.1)

GIT
  remote: git://github.com/ruby-rdf/rdf-do.git
  revision: 4580ab883c1a8cc0d8c9fa01a38e0cd85175583c
  branch: develop
  specs:
    rdf-do (1.1.0)
      data_objects (>= 0.10.11)
      rdf (>= 1.1.0)

GIT
  remote: git://github.com/ruby-rdf/rdf-isomorphic.git
  revision: 5caf5dbad65a390f4adbdc1180c79b69b0451f61
  branch: develop
  specs:
    rdf-isomorphic (1.1.0)
      rdf (~> 1.1)

GIT
  remote: git://github.com/ruby-rdf/rdf-json.git
  revision: 70e9f42a2d10b5b723e7c5845b2027ae45ca516b
  branch: develop
  specs:
    rdf-json (1.1.1)
      rdf (~> 1.1)

GIT
  remote: git://github.com/ruby-rdf/rdf-microdata.git
  revision: eb82fe36755a5850de374a85397033e1302348cf
  branch: develop
  specs:
    rdf-microdata (2.0)
      htmlentities (~> 4.3)
      nokogiri (~> 1.6)
      rdf (~> 1.1)
      rdf-xsd (~> 1.1)

GIT
  remote: git://github.com/ruby-rdf/rdf-n3.git
  revision: a8ab4d97c9a052684763224ad30b8de8c18dd5bf
  branch: develop
  specs:
    rdf-n3 (1.1.2)
      rdf (~> 1.1, >= 1.1.5)

GIT
  remote: git://github.com/ruby-rdf/rdf-rdfa.git
  revision: 70b8da054f2c2fa61fce97ba9a63e84b6a28a066
  branch: develop
  specs:
    rdf-rdfa (1.1.5)
      haml (~> 4.0)
      htmlentities (~> 4.3)
      rdf (~> 1.1, >= 1.1.6)
      rdf-aggregate-repo
      rdf-xsd (~> 1.1)

GIT
  remote: git://github.com/ruby-rdf/rdf-rdfxml.git
  revision: 0466d515eebc38f5e1f924b8fc1828b1548ef54c
  branch: develop
  specs:
    rdf-rdfxml (1.1.3)
      htmlentities (~> 4.3)
      rdf (~> 1.1, >= 1.1.6)
      rdf-rdfa (~> 1.1, >= 1.1.4.1)
      rdf-xsd (~> 1.1)

GIT
  remote: git://github.com/ruby-rdf/rdf-reasoner.git
  revision: 95e973acc5ef2e8eb06a9834002f96ab68fe7711
  branch: develop
  specs:
    rdf-reasoner (0.2.1)
      rdf (~> 1.1, >= 1.1.4.2)
      rdf-turtle (~> 1.1)
      rdf-xsd (~> 1.1)

GIT
  remote: git://github.com/ruby-rdf/rdf-spec.git
  revision: 10f50512bcace551d1bb3810499dee543968c39f
  branch: develop
  specs:
    rdf-spec (1.1.5)

GIT
  remote: git://github.com/ruby-rdf/rdf-trig.git
  revision: f1cb87f69ab52ab6d38badb7f9310f47051f7af2
  branch: develop
  specs:
    rdf-trig (1.1.3.1)
      ebnf (~> 0.3, >= 0.3.5)
      rdf (~> 1.1, >= 1.1.2.1)
      rdf-turtle (~> 1.1, >= 1.1.3)

GIT
  remote: git://github.com/ruby-rdf/rdf-trix.git
  revision: c3bf1dcecece7f444a93799ae1991a9211710224
  branch: develop
  specs:
    rdf-trix (1.1.0)
      rdf (~> 1.1)

GIT
  remote: git://github.com/ruby-rdf/rdf-turtle.git
  revision: d0b7e8da98ca3780cb9d87ea27693794e36b01f5
  branch: develop
  specs:
    rdf-turtle (1.1.5)
      ebnf (~> 0.3, >= 0.3.6)
      rdf (~> 1.1, >= 1.1.4)

GIT
  remote: git://github.com/ruby-rdf/rdf-xsd.git
  revision: 8ef1be308d84bdff58c61b131df93b4f2967515e
  branch: develop
  specs:
    rdf-xsd (1.1.2)
      rdf (~> 1.1)

GIT
  remote: git://github.com/ruby-rdf/rdf.git
  revision: 1d65a2ff844ab4b004b393478b1506c8dd2a3d0a
  branch: develop
  specs:
    rdf (1.1.7)
      link_header (~> 0.0, >= 0.0.8)

GIT
  remote: git://github.com/ruby-rdf/sinatra-linkeddata.git
  revision: 02a65eae738b1e4baa745223fc83c62e76537896
  branch: develop
  specs:
    sinatra-linkeddata (1.1.0)
      rack-linkeddata (>= 1.1.0)
      sinatra (>= 1.4.4)

GIT
  remote: git://github.com/ruby-rdf/sparql-client.git
  revision: c85826b546592b4ce687445c1c4935fcac5d8028
  branch: develop
  specs:
    sparql-client (1.1.3.1)
      net-http-persistent (~> 2.9)
      rdf (~> 1.1)

GIT
  remote: git://github.com/ruby-rdf/sparql.git
  revision: b7b7873fd243ad7a2e9ca98972a021cb57a7f8bf
  branch: develop
  specs:
    sparql (1.1.4)
      builder (~> 3.0)
      ebnf (~> 0.3, >= 0.3.5)
      rdf (~> 1.1, >= 1.1.4)
      rdf-aggregate-repo (~> 1.1, >= 1.1.0)
      rdf-xsd (~> 1.1)
      sparql-client (~> 1.1)
      sxp (~> 0.1)

PATH
  remote: .
  specs:
    rdf-distiller (1.1.8)
      equivalent-xml (~> 0.4)
      erubis (~> 2.7)
      haml
      json-compare
      linkeddata (~> 1.1)
      maruku
      rack (~> 1.5)
      rack-cache
      rest-client
      rest-client-components
      sinatra (~> 1.4)
      sinatra-assetpack (~> 0.3.3)
      sparql (~> 1.1)

GEM
  remote: http://rubygems.org/
  specs:
    addressable (2.3.6)
    bcp47 (0.3.3)
      i18n
    better_errors (2.1.1)
      coderay (>= 1.0.0)
      erubis (>= 2.6.6)
      rack (>= 0.9.0)
    binding_of_caller (0.7.2)
      debug_inspector (>= 0.0.1)
    builder (3.2.2)
    byebug (3.5.1)
      columnize (~> 0.8)
      debugger-linecache (~> 1.2)
      slop (~> 3.6)
    coderay (1.1.0)
    columnize (0.9.0)
    crack (0.4.2)
      safe_yaml (~> 1.0.0)
    data_objects (0.10.14)
      addressable (~> 2.1)
    debug_inspector (0.0.2)
    debugger-linecache (1.2.0)
    diff-lcs (1.2.5)
    ebnf (0.3.6)
      haml (~> 4.0)
      rdf (~> 1.1)
      sxp (~> 0.1, >= 0.1.3)
    equivalent-xml (0.5.1)
      nokogiri (>= 1.4.3)
    erubis (2.7.0)
    haml (4.0.6)
      tilt
    htmlentities (4.3.3)
    i18n (0.7.0)
    jsmin (1.0.1)
    json-compare (0.1.8)
    jsonpath (0.5.6)
      multi_json
    kgio (2.9.3)
    link_header (0.0.8)
    maruku (0.7.2)
    mime-types (2.4.3)
    mini_portile (0.6.2)
    multi_json (1.10.1)
    net-http-persistent (2.9.4)
    netrc (0.10.2)
    nokogiri (1.6.6.2)
      mini_portile (~> 0.6.0)
    rack (1.6.0)
    rack-cache (1.2)
      rack (>= 0.4)
    rack-protection (1.5.3)
      rack
    rack-test (0.6.3)
      rack (>= 1.0)
    raindrops (0.13.0)
    rake (10.4.2)
    redcarpet (3.2.2)
    rest-client (1.7.2)
      mime-types (>= 1.16, < 3.0)
      netrc (~> 0.7)
    rest-client-components (1.3.0)
      rack (>= 1.0.1)
      rest-client (>= 1.6.0)
    rspec (3.1.0)
      rspec-core (~> 3.1.0)
      rspec-expectations (~> 3.1.0)
      rspec-mocks (~> 3.1.0)
    rspec-core (3.1.7)
      rspec-support (~> 3.1.0)
    rspec-expectations (3.1.2)
      diff-lcs (>= 1.2.0, < 2.0)
      rspec-support (~> 3.1.0)
    rspec-its (1.1.0)
      rspec-core (>= 3.0.0)
      rspec-expectations (>= 3.0.0)
    rspec-mocks (3.1.3)
      rspec-support (~> 3.1.0)
    rspec-support (3.1.2)
    safe_yaml (1.0.4)
    shotgun (0.9)
      rack (>= 1.0)
    sinatra (1.4.5)
      rack (~> 1.4)
      rack-protection (~> 1.4)
      tilt (~> 1.3, >= 1.3.4)
    sinatra-assetpack (0.3.3)
      jsmin
      rack-test
      sinatra
      tilt (>= 1.3.0, < 2.0)
    slop (3.6.0)
    syntax (1.2.0)
    tilt (1.4.1)
    unicorn (4.8.3)
      kgio (~> 2.6)
      rack
      raindrops (~> 0.7)
    webmock (1.20.4)
      addressable (>= 2.3.6)
      crack (>= 0.3.2)
    wirble (0.1.3)
    yard (0.8.7.6)

PLATFORMS
  ruby

DEPENDENCIES
  better_errors
  binding_of_caller
  bundler
  byebug
  json-ld!
  jsonpath (~> 0.5.6)
  linkeddata!
  nokogiri
  rack-linkeddata!
  rack-test (~> 0.6)
  rake
  rdf!
  rdf-aggregate-repo!
  rdf-distiller!
  rdf-do!
  rdf-isomorphic!
  rdf-json!
  rdf-microdata!
  rdf-n3!
  rdf-rdfa!
  rdf-rdfxml!
  rdf-reasoner!
  rdf-spec!
  rdf-tabular!
  rdf-trig!
  rdf-trix!
  rdf-turtle!
  rdf-xsd!
  redcarpet
  rspec (~> 3.0)
  rspec-its
  shotgun
  sinatra-linkeddata!
  sparql!
  sparql-client!
  sxp!
  syntax
  unicorn
  webmock
  wirble
  yard
