GIT
  remote: git://github.com/dryruby/sxp.rb.git
  revision: 468bd259a6b1f7fef8f87fc77cc8f906dfbd480d
  branch: develop
  specs:
    sxp (1.0.0)
      rdf (~> 2.0)

GIT
  remote: git://github.com/ruby-rdf/json-ld-preloaded.git
  revision: 851ebc6eb4f531347775a7ca29fd0036a19b3774
  branch: develop
  specs:
    json-ld-preloaded (0.0.1)
      json-ld (~> 2.0, >= 2.0.1)
      multi_json (~> 1.11)
      rdf (~> 2.0)

GIT
  remote: git://github.com/ruby-rdf/json-ld.git
  revision: 7d4bfc0bef91c1ed180bbd49328d363ff1a0c7d3
  branch: develop
  specs:
    json-ld (2.0.1)
      multi_json (~> 1.11)
      rdf (~> 2.0)

GIT
  remote: git://github.com/ruby-rdf/ld-patch.git
  revision: 5a4681d7dcfad60bcaa7a0299357c64596afa927
  branch: develop
  specs:
    ld-patch (0.3.0)
      ebnf (~> 1.0, >= 1.0.1)
      rdf (~> 2.0)
      rdf-xsd (~> 2.0)
      sparql (~> 2.0)
      sxp (~> 1.0)

GIT
  remote: git://github.com/ruby-rdf/linkeddata.git
  revision: 691c7e4ee3de9a8134a988fe290eb97d1f9c49ba
  branch: develop
  specs:
    linkeddata (2.0.0)
      equivalent-xml (~> 0.6)
      json-ld (~> 2.0)
      ld-patch (~> 0.3)
      nokogiri (~> 1.6)
      rdf (~> 2.0)
      rdf-aggregate-repo (~> 2.0)
      rdf-isomorphic (~> 2.0)
      rdf-json (~> 2.0)
      rdf-microdata (~> 2.0)
      rdf-n3 (~> 2.0)
      rdf-rdfa (~> 2.0)
      rdf-rdfxml (~> 2.0)
      rdf-reasoner (~> 0.4)
      rdf-tabular (~> 0.4)
      rdf-trig (~> 2.0)
      rdf-trix (~> 2.0)
      rdf-turtle (~> 2.0)
      rdf-vocab (~> 2.0)
      rdf-xsd (~> 2.0)
      sparql (~> 2.0)
      sparql-client (~> 2.0)

GIT
  remote: git://github.com/ruby-rdf/rack-linkeddata.git
  revision: d464f6e4c633b4e031bc2a22dbc1e2e3bca89104
  branch: develop
  specs:
    rack-linkeddata (2.0.0)
      linkeddata (~> 2.0)
      rack (~> 1.6)

GIT
  remote: git://github.com/ruby-rdf/rdf-aggregate-repo.git
  revision: 20748134e6ff1d5af380c97af5b5cf97bf2d581f
  branch: develop
  specs:
    rdf-aggregate-repo (2.0.0)
      rdf (~> 2.0)

GIT
  remote: git://github.com/ruby-rdf/rdf-do.git
  revision: 790ef09b5a95a3a4da77490d0d916eac3a684527
  branch: develop
  specs:
    rdf-do (2.0.0)
      data_objects (~> 0.10)
      rdf (~> 2.0)

GIT
  remote: git://github.com/ruby-rdf/rdf-isomorphic.git
  revision: 42aa9ec60f818a16dba3527c8ed398e13dfaf781
  branch: develop
  specs:
    rdf-isomorphic (2.0.0)
      rdf (~> 2.0)

GIT
  remote: git://github.com/ruby-rdf/rdf-json.git
  revision: cf38585bd18bf72fbd846b1e18c060bc80803adc
  branch: develop
  specs:
    rdf-json (2.0.0)
      rdf (~> 2.0)

GIT
  remote: git://github.com/ruby-rdf/rdf-microdata.git
  revision: d087ef2e40bad724c4b95ce4ae40e46db3edf016
  branch: develop
  specs:
    rdf-microdata (2.0.3)
      htmlentities (~> 4.3)
      nokogiri (~> 1.6)
      rdf (~> 2.0)
      rdf-xsd (~> 2.0)

GIT
  remote: git://github.com/ruby-rdf/rdf-n3.git
  revision: 7dfcb60d4cb3ad8580f0345a8888a6ebc2ef0ddf
  branch: develop
  specs:
    rdf-n3 (2.0.0)
      rdf (~> 2.0)

GIT
  remote: git://github.com/ruby-rdf/rdf-rdfa.git
  revision: 82b87ce72e0c0dc257ab033e1c69c7f0fb4d8b63
  branch: develop
  specs:
    rdf-rdfa (2.0.1)
      haml (~> 4.0)
      htmlentities (~> 4.3)
      rdf (~> 2.0)
      rdf-aggregate-repo (~> 2.0)
      rdf-xsd (~> 2.0)

GIT
  remote: git://github.com/ruby-rdf/rdf-rdfxml.git
  revision: f3ddf3fa21cd0b24c56eb4e2ff133dca649bec09
  branch: develop
  specs:
    rdf-rdfxml (2.0.0)
      htmlentities (~> 4.3)
      rdf (~> 2.0)
      rdf-rdfa (~> 2.0)
      rdf-xsd (~> 2.0)

GIT
  remote: git://github.com/ruby-rdf/rdf-reasoner.git
  revision: 7b1ee0d0ef10cf4a581f7b2cbd609c52bb69fe26
  branch: develop
  specs:
    rdf-reasoner (0.4.0)
      rdf (~> 2.0)
      rdf-vocab (~> 2.0)
      rdf-xsd (~> 2.0)

GIT
  remote: git://github.com/ruby-rdf/rdf-spec.git
  revision: 08b72efbd9ca6d1b5221724cf2ee01de6442b524
  branch: develop
  specs:
    rdf-spec (2.0.0)
      rdf (~> 2.0)
      rdf-isomorphic (~> 2.0)
      rspec (~> 3.0)
      rspec-its (~> 1.0)
      webmock (~> 1.17)

GIT
  remote: git://github.com/ruby-rdf/rdf-tabular.git
  revision: 344c8ff9786d6f522a86213efc572c8cef01c9d5
  branch: develop
  specs:
    rdf-tabular (0.4.0)
      addressable (~> 2.3)
      bcp47 (~> 0.3, >= 0.3.3)
      json-ld (~> 2.0)
      rdf (~> 2.0)
      rdf-vocab (~> 2.0)
      rdf-xsd (~> 2.0)

GIT
  remote: git://github.com/ruby-rdf/rdf-trig.git
  revision: 218db75f5b058908f175165a61c308c6f706d9f3
  branch: develop
  specs:
    rdf-trig (2.0.0)
      ebnf (~> 1.0, >= 1.0.1)
      rdf (~> 2.0)
      rdf-turtle (~> 2.0)

GIT
  remote: git://github.com/ruby-rdf/rdf-trix.git
  revision: 40b84bf87bb6b0af5e1013ca936933c091bf70a9
  branch: develop
  specs:
    rdf-trix (2.0.0)
      rdf (~> 2.0)

GIT
  remote: git://github.com/ruby-rdf/rdf-turtle.git
  revision: 15c333263ad51abedb49cf40c0884f25a805c891
  branch: develop
  specs:
    rdf-turtle (2.0.0)
      ebnf (~> 1.0, >= 1.0.1)
      rdf (~> 2.0)

GIT
  remote: git://github.com/ruby-rdf/rdf-vocab.git
  revision: 1c7e905ce08c12ed133576c421f9c7a6ff410b1a
  branch: develop
  specs:
    rdf-vocab (2.0.3)
      rdf (~> 2.0)

GIT
  remote: git://github.com/ruby-rdf/rdf-xsd.git
  revision: 26aefea0d0d12456296df78d5a50a40be08551d5
  branch: develop
  specs:
    rdf-xsd (2.0.0)
      rdf (~> 2.0)

GIT
  remote: git://github.com/ruby-rdf/rdf.git
  revision: 2eb18cc04ec4f526e304d236ab2429115d4f32dd
  branch: develop
  specs:
    rdf (2.1.0)
      hamster (~> 3.0)
      link_header (~> 0.0, >= 0.0.8)

GIT
  remote: git://github.com/ruby-rdf/sinatra-linkeddata.git
  revision: a5aca0addec015edbe7bdd77bc0d17d008a784c7
  branch: develop
  specs:
    sinatra-linkeddata (2.0.0)
      rack-linkeddata (~> 2.0.0)
      sinatra (~> 1.4)

GIT
  remote: git://github.com/ruby-rdf/sparql-client.git
  revision: 4669283815fb7e38aa26f78361cd6248cfad4c8e
  branch: develop
  specs:
    sparql-client (2.0.1)
      net-http-persistent (~> 2.9)
      rdf (~> 2.0)

GIT
  remote: git://github.com/ruby-rdf/sparql.git
  revision: 7817dfa283730157f05def2c758b80bf17b63189
  branch: develop
  specs:
    sparql (2.0.0)
      builder (~> 3.2)
      ebnf (~> 1.0, >= 1.0.1)
      rdf (~> 2.0)
      rdf-aggregate-repo (~> 2.0)
      rdf-xsd (~> 2.0)
      sparql-client (~> 2.0)
      sxp (~> 1.0)

PATH
  remote: .
  specs:
    rdf-distiller (2.0.1)
      equivalent-xml (~> 0.4)
      erubis (~> 2.7)
      haml (~> 4.0)
      json-compare (~> 0.1)
      linkeddata (~> 2.0)
      maruku (~> 0.7)
      rack (~> 1.6)
      rack-cache (~> 1.6)
      redcarpet (~> 3.3)
      rest-client (~> 1.8)
      rest-client-components (~> 1.4)
      sinatra (~> 1.4)
      sinatra-assetpack (~> 0.3.3)
      unicorn (~> 5.1)

GEM
  remote: http://rubygems.org/
  specs:
    addressable (2.4.0)
    bcp47 (0.3.3)
      i18n
    better_errors (2.1.1)
      coderay (>= 1.0.0)
      erubis (>= 2.6.6)
      rack (>= 0.9.0)
    binding_of_caller (0.7.2)
      debug_inspector (>= 0.0.1)
    builder (3.2.2)
    byebug (9.0.5)
    coderay (1.1.1)
    concurrent-ruby (1.0.2)
    crack (0.4.3)
      safe_yaml (~> 1.0.0)
    data_objects (0.10.17)
      addressable (~> 2.1)
    debug_inspector (0.0.2)
    diff-lcs (1.2.5)
    domain_name (0.5.20160615)
      unf (>= 0.0.5, < 1.0.0)
    ebnf (1.0.1)
      rdf (~> 2.0)
      sxp (~> 1.0)
    equivalent-xml (0.6.0)
      nokogiri (>= 1.4.3)
    erubis (2.7.0)
    haml (4.0.7)
      tilt
    hamster (3.0.0)
      concurrent-ruby (~> 1.0)
    hashdiff (0.3.0)
    htmlentities (4.3.4)
    http-cookie (1.0.2)
      domain_name (~> 0.5)
    i18n (0.7.0)
    jsmin (1.0.1)
    json-compare (0.1.8)
    jsonpath (0.5.8)
      multi_json
    kgio (2.10.0)
    link_header (0.0.8)
    maruku (0.7.2)
    mime-types (2.99.2)
    mini_portile2 (2.1.0)
    multi_json (1.12.1)
    net-http-persistent (2.9.4)
    netrc (0.11.0)
    nokogiri (1.6.8)
      mini_portile2 (~> 2.1.0)
      pkg-config (~> 1.1.7)
    pkg-config (1.1.7)
    rack (1.6.4)
    rack-cache (1.6.1)
      rack (>= 0.4)
    rack-protection (1.5.3)
      rack
    rack-test (0.6.3)
      rack (>= 1.0)
    raindrops (0.17.0)
    rake (11.2.2)
    redcarpet (3.3.4)
    rest-client (1.8.0)
      http-cookie (>= 1.0.2, < 2.0)
      mime-types (>= 1.16, < 3.0)
      netrc (~> 0.7)
    rest-client-components (1.4.0)
      rack (>= 1.0.1)
      rest-client (>= 1.6.0)
    rspec (3.5.0)
      rspec-core (~> 3.5.0)
      rspec-expectations (~> 3.5.0)
      rspec-mocks (~> 3.5.0)
    rspec-core (3.5.2)
      rspec-support (~> 3.5.0)
    rspec-expectations (3.5.0)
      diff-lcs (>= 1.2.0, < 2.0)
      rspec-support (~> 3.5.0)
    rspec-its (1.2.0)
      rspec-core (>= 3.0.0)
      rspec-expectations (>= 3.0.0)
    rspec-mocks (3.5.0)
      diff-lcs (>= 1.2.0, < 2.0)
      rspec-support (~> 3.5.0)
    rspec-support (3.5.0)
    safe_yaml (1.0.4)
    shotgun (0.9.1)
      rack (>= 1.0)
    sinatra (1.4.7)
      rack (~> 1.5)
      rack-protection (~> 1.4)
      tilt (>= 1.3, < 3)
    sinatra-assetpack (0.3.5)
      jsmin
      rack-test
      sinatra
      tilt (>= 1.3.0, < 2.0)
    syntax (1.2.1)
    tilt (1.4.1)
    unf (0.1.4)
      unf_ext
    unf_ext (0.0.7.2)
    unicorn (5.1.0)
      kgio (~> 2.6)
      raindrops (~> 0.7)
    webmock (1.24.6)
      addressable (>= 2.3.6)
      crack (>= 0.3.2)
      hashdiff
    yard (0.9.5)

PLATFORMS
  ruby

DEPENDENCIES
  better_errors
  binding_of_caller
  byebug
  json-ld!
  json-ld-preloaded!
  jsonpath (~> 0.5)
  ld-patch!
  linkeddata!
  nokogiri (~> 1.6)
  rack-linkeddata!
  rack-test (~> 0.6)
  rake
  rdf!
  rdf-aggregate-repo!
  rdf-distiller!
  rdf-do!
  rdf-isomorphic!
  rdf-json!
  rdf-microdata!
  rdf-n3!
  rdf-rdfa!
  rdf-rdfxml!
  rdf-reasoner!
  rdf-spec!
  rdf-tabular!
  rdf-trig!
  rdf-trix!
  rdf-turtle!
  rdf-vocab!
  rdf-xsd!
  rspec (~> 3.5)
  rspec-its (~> 1.2)
  shotgun
  sinatra-linkeddata!
  sparql!
  sparql-client!
  sxp!
  syntax
  webmock (~> 1.17)
  yard (~> 0.9)

RUBY VERSION
   ruby 2.3.1p112

BUNDLED WITH
   1.12.5
