GIT
  remote: git://github.com/dryruby/sxp.rb.git
  revision: ebf7c2750e7e67229ed0bab1d72d2284f5cb9e28
  branch: develop
  specs:
    sxp (1.0.0)
      rdf (~> 2.0)

GIT
  remote: git://github.com/ruby-rdf/json-ld-preloaded.git
  revision: 7c386a1d6dac8643c9b0c702c5e5a9c7c7c85f30
  branch: develop
  specs:
    json-ld-preloaded (1.1.0)
      json-ld (~> 2.1)
      multi_json (~> 1.11)
      rdf (~> 2.2)

GIT
  remote: git://github.com/ruby-rdf/json-ld.git
  revision: 685ae2f24cabc8a0bffe8e5d8408b77900f5dcbd
  branch: develop
  specs:
    json-ld (2.1.2)
      multi_json (~> 1.12)
      rdf (~> 2.2)

GIT
  remote: git://github.com/ruby-rdf/ld-patch.git
  revision: ba39e89414f9366839e2d942ead374634637a001
  branch: develop
  specs:
    ld-patch (0.3.1)
      ebnf (~> 1.0, >= 1.0.1)
      rdf (~> 2.0)
      rdf-xsd (~> 2.0)
      sparql (~> 2.0)
      sxp (~> 1.0)

GIT
  remote: git://github.com/ruby-rdf/linkeddata.git
  revision: 910059f482ed896b8c07bea58427b0c8fe64fd91
  branch: develop
  specs:
    linkeddata (2.2.0)
      equivalent-xml (~> 0.6)
      json-ld (~> 2.1)
      ld-patch (~> 0.3)
      nokogiri (~> 1.7)
      rdf (~> 2.2)
      rdf-aggregate-repo (~> 2.1)
      rdf-isomorphic (~> 2.0)
      rdf-json (~> 2.0)
      rdf-microdata (~> 2.1)
      rdf-n3 (~> 2.1)
      rdf-rdfa (~> 2.1)
      rdf-rdfxml (~> 2.0)
      rdf-reasoner (~> 0.4)
      rdf-tabular (~> 2.2)
      rdf-trig (~> 2.0)
      rdf-trix (~> 2.0)
      rdf-turtle (~> 2.2)
      rdf-vocab (~> 2.1)
      rdf-xsd (~> 2.1)
      sparql (~> 2.1)
      sparql-client (~> 2.1)

GIT
  remote: git://github.com/ruby-rdf/rack-linkeddata.git
  revision: 09696209973c0944eb37546a7622d7d9b8f6c72c
  branch: develop
  specs:
    rack-linkeddata (2.0.0)
      linkeddata (~> 2.0)
      rack (>= 1.6, < 3.0)

GIT
  remote: git://github.com/ruby-rdf/rdf-aggregate-repo.git
  revision: 45fafd584c7538ee0403d645e9ebcd8bc244293c
  branch: develop
  specs:
    rdf-aggregate-repo (2.2.0)
      rdf (~> 2.0)

GIT
  remote: git://github.com/ruby-rdf/rdf-do.git
  revision: 790ef09b5a95a3a4da77490d0d916eac3a684527
  branch: develop
  specs:
    rdf-do (2.0.0)
      data_objects (~> 0.10)
      rdf (~> 2.0)

GIT
  remote: git://github.com/ruby-rdf/rdf-isomorphic.git
  revision: 31aacaf07db841280a3e2cce68e3d440cb1742e6
  branch: develop
  specs:
    rdf-isomorphic (2.0.0)
      rdf (~> 2.0)

GIT
  remote: git://github.com/ruby-rdf/rdf-json.git
  revision: 676c0e7e0ef7e06289a6b36d8907d2582ca3dd63
  branch: develop
  specs:
    rdf-json (2.0.0)
      rdf (~> 2.0)

GIT
  remote: git://github.com/ruby-rdf/rdf-microdata.git
  revision: db7b933a73269f62931aa9fa936b44d183dadf03
  branch: develop
  specs:
    rdf-microdata (2.1.0)
      htmlentities (~> 4.3)
      nokogiri (~> 1.6)
      rdf (~> 2.0)
      rdf-xsd (~> 2.0)

GIT
  remote: git://github.com/ruby-rdf/rdf-n3.git
  revision: 07f88ea49c8f39fe8ef12d71643e2bbdae8da414
  branch: develop
  specs:
    rdf-n3 (2.1.0)
      rdf (~> 2.0)

GIT
  remote: git://github.com/ruby-rdf/rdf-rdfa.git
  revision: 17d7103ffdd38268c2010c643f3e5f0969e18004
  branch: develop
  specs:
    rdf-rdfa (2.2.0)
      haml (~> 4.0)
      htmlentities (~> 4.3)
      rdf (~> 2.2)
      rdf-aggregate-repo (~> 2.2)
      rdf-xsd (~> 2.1)

GIT
  remote: git://github.com/ruby-rdf/rdf-rdfxml.git
  revision: 038a5a4bb3b41670a8ac451115139152be9b68de
  branch: develop
  specs:
    rdf-rdfxml (2.0.0)
      htmlentities (~> 4.3)
      rdf (~> 2.0)
      rdf-rdfa (~> 2.0)
      rdf-xsd (~> 2.0)

GIT
  remote: git://github.com/ruby-rdf/rdf-reasoner.git
  revision: b9fb80659588ec4c701ffc03753bc2802b1e0d78
  branch: develop
  specs:
    rdf-reasoner (0.4.2)
      rdf (~> 2.2)
      rdf-vocab (~> 2.2)
      rdf-xsd (~> 2.1)

GIT
  remote: git://github.com/ruby-rdf/rdf-spec.git
  revision: dd36d57b72e25a9b74a786db46c84ac3e079064b
  branch: develop
  specs:
    rdf-spec (2.2.0)
      rdf (~> 2.2)
      rdf-isomorphic (~> 2.0)
      rspec (~> 3.5)
      rspec-its (~> 1.0)
      webmock (~> 2.3)

GIT
  remote: git://github.com/ruby-rdf/rdf-tabular.git
  revision: b31b66e4819461f404b181b7eb1f0681b56959e1
  branch: develop
  specs:
    rdf-tabular (2.2.0)
      addressable (~> 2.3)
      bcp47 (~> 0.3, >= 0.3.3)
      json-ld (~> 2.0)
      rdf (~> 2.1)
      rdf-vocab (~> 2.0)
      rdf-xsd (~> 2.0)

GIT
  remote: git://github.com/ruby-rdf/rdf-trig.git
  revision: b35a061b10009073a19fb4b2a62accd27e6720b3
  branch: develop
  specs:
    rdf-trig (2.0.0)
      ebnf (~> 1.0, >= 1.0.1)
      rdf (~> 2.0)
      rdf-turtle (~> 2.0)

GIT
  remote: git://github.com/ruby-rdf/rdf-trix.git
  revision: 86d325dbc0681eed524e1dd6137ec0907a2adf58
  branch: develop
  specs:
    rdf-trix (2.0.0)
      rdf (~> 2.0)

GIT
  remote: git://github.com/ruby-rdf/rdf-turtle.git
  revision: 71bf7583cbcf28d5268c7739203e55372eeff095
  branch: develop
  specs:
    rdf-turtle (2.2.0)
      ebnf (~> 1.1)
      rdf (~> 2.2)

GIT
  remote: git://github.com/ruby-rdf/rdf-vocab.git
  revision: 5225a6e4bbf81267360d0f24c67d8129d93acb0e
  branch: develop
  specs:
    rdf-vocab (2.2.2)
      rdf (~> 2.2)

GIT
  remote: git://github.com/ruby-rdf/rdf-xsd.git
  revision: 6946d6dbc5d424af1afa511b608ef659811d2bc5
  branch: develop
  specs:
    rdf-xsd (2.1.0)
      rdf (~> 2.1)

GIT
  remote: git://github.com/ruby-rdf/rdf.git
  revision: a4dcf9ad52515c1174f632666c688d86bded710f
  branch: develop
  specs:
    rdf (2.2.6)
      hamster (~> 3.0)
      link_header (~> 0.0, >= 0.0.8)

GIT
  remote: git://github.com/ruby-rdf/sinatra-linkeddata.git
  revision: a5aca0addec015edbe7bdd77bc0d17d008a784c7
  branch: develop
  specs:
    sinatra-linkeddata (2.0.0)
      rack-linkeddata (~> 2.0.0)
      sinatra (~> 1.4)

GIT
  remote: git://github.com/ruby-rdf/sparql-client.git
  revision: 546482a850c8643cff4c76417a91f58e082026c7
  branch: develop
  specs:
    sparql-client (2.1.0)
      net-http-persistent (>= 2.9, < 4)
      rdf (~> 2.0)

GIT
  remote: git://github.com/ruby-rdf/sparql.git
  revision: 655e9c90223f9041931ac4e3e42dc3c08d03a461
  branch: develop
  specs:
    sparql (2.2.0)
      builder (~> 3.2)
      ebnf (~> 1.1)
      rdf (~> 2.1)
      rdf-aggregate-repo (~> 2.0)
      rdf-xsd (~> 2.1)
      sparql-client (~> 2.0)
      sxp (~> 1.0)

PATH
  remote: .
  specs:
    rdf-distiller (2.2.3)
      equivalent-xml (~> 0.6)
      erubis (~> 2.7)
      haml (~> 4.0)
      json-compare (~> 0.1)
      linkeddata (~> 2.2)
      maruku (~> 0.7)
      puma (~> 3.6)
      rack (~> 1.6)
      rack-cache (~> 1.6)
      redcarpet (~> 3.3)
      rest-client (~> 1.8)
      rest-client-components (~> 1.4)
      sinatra (~> 1.4)
      sinatra-assetpack (~> 0.3.5)

GEM
  remote: http://rubygems.org/
  specs:
    addressable (2.5.1)
      public_suffix (~> 2.0, >= 2.0.2)
    bcp47 (0.3.3)
      i18n
    better_errors (2.1.1)
      coderay (>= 1.0.0)
      erubis (>= 2.6.6)
      rack (>= 0.9.0)
    binding_of_caller (0.7.2)
      debug_inspector (>= 0.0.1)
    builder (3.2.3)
    byebug (9.0.6)
    coderay (1.1.1)
    concurrent-ruby (1.0.5)
    connection_pool (2.2.1)
    crack (0.4.3)
      safe_yaml (~> 1.0.0)
    data_objects (0.10.17)
      addressable (~> 2.1)
    debug_inspector (0.0.2)
    diff-lcs (1.3)
    domain_name (0.5.20170404)
      unf (>= 0.0.5, < 1.0.0)
    ebnf (1.1.0)
      rdf (~> 2.0)
      sxp (~> 1.0)
    equivalent-xml (0.6.0)
      nokogiri (>= 1.4.3)
    erubis (2.7.0)
    foreman (0.84.0)
      thor (~> 0.19.1)
    haml (4.0.7)
      tilt
    hamster (3.0.0)
      concurrent-ruby (~> 1.0)
    hashdiff (0.3.2)
    htmlentities (4.3.4)
    http-cookie (1.0.3)
      domain_name (~> 0.5)
    i18n (0.8.1)
    jsmin (1.0.1)
    json-compare (0.1.8)
    jsonpath (0.5.8)
      multi_json
    link_header (0.0.8)
    maruku (0.7.3)
    mime-types (2.99.3)
    mini_portile2 (2.1.0)
    multi_json (1.12.1)
    net-http-persistent (3.0.0)
      connection_pool (~> 2.2)
    netrc (0.11.0)
    nokogiri (1.7.1)
      mini_portile2 (~> 2.1.0)
    nokogumbo (1.4.10)
      nokogiri
    public_suffix (2.0.5)
    puma (3.8.2)
    rack (1.6.5)
    rack-cache (1.7.0)
      rack (>= 0.4)
    rack-protection (1.5.3)
      rack
    rack-test (0.6.3)
      rack (>= 1.0)
    rake (12.0.0)
    redcarpet (3.4.0)
    rest-client (1.8.0)
      http-cookie (>= 1.0.2, < 2.0)
      mime-types (>= 1.16, < 3.0)
      netrc (~> 0.7)
    rest-client-components (1.4.0)
      rack (>= 1.0.1)
      rest-client (>= 1.6.0)
    rspec (3.5.0)
      rspec-core (~> 3.5.0)
      rspec-expectations (~> 3.5.0)
      rspec-mocks (~> 3.5.0)
    rspec-core (3.5.4)
      rspec-support (~> 3.5.0)
    rspec-expectations (3.5.0)
      diff-lcs (>= 1.2.0, < 2.0)
      rspec-support (~> 3.5.0)
    rspec-its (1.2.0)
      rspec-core (>= 3.0.0)
      rspec-expectations (>= 3.0.0)
    rspec-mocks (3.5.0)
      diff-lcs (>= 1.2.0, < 2.0)
      rspec-support (~> 3.5.0)
    rspec-support (3.5.0)
    safe_yaml (1.0.4)
    shotgun (0.9.2)
      rack (>= 1.0)
    sinatra (1.4.8)
      rack (~> 1.5)
      rack-protection (~> 1.4)
      tilt (>= 1.3, < 3)
    sinatra-assetpack (0.3.5)
      jsmin
      rack-test
      sinatra
      tilt (>= 1.3.0, < 2.0)
    syntax (1.2.1)
    thor (0.19.4)
    tilt (1.4.1)
    unf (0.1.4)
      unf_ext
    unf_ext (0.0.7.3)
    webmock (2.3.2)
      addressable (>= 2.3.6)
      crack (>= 0.3.2)
      hashdiff
    yard (0.9.8)

PLATFORMS
  ruby

DEPENDENCIES
  better_errors
  binding_of_caller
  byebug
  foreman
  json-ld!
  json-ld-preloaded!
  jsonpath (~> 0.5)
  ld-patch!
  linkeddata!
  nokogiri (~> 1.7)
  nokogumbo (~> 1.4)
  rack-linkeddata!
  rack-test (~> 0.6)
  rake
  rdf!
  rdf-aggregate-repo!
  rdf-distiller!
  rdf-do!
  rdf-isomorphic!
  rdf-json!
  rdf-microdata!
  rdf-n3!
  rdf-rdfa!
  rdf-rdfxml!
  rdf-reasoner!
  rdf-spec!
  rdf-tabular!
  rdf-trig!
  rdf-trix!
  rdf-turtle!
  rdf-vocab!
  rdf-xsd!
  rspec (~> 3.5)
  rspec-its (~> 1.2)
  shotgun
  sinatra-linkeddata!
  sparql!
  sparql-client!
  sxp!
  syntax
  webmock (~> 2.3)
  yard (~> 0.9)

RUBY VERSION
   ruby 2.4.0p0

BUNDLED WITH
   1.14.6
