GIT
  remote: git://github.com/gkellogg/sxp-ruby.git
  revision: 0894f9dbe03aeee1271fb8b48523b0d4f6cacdf1
  specs:
    sxp (0.1.6)
      rdf (~> 1.1, >= 1.1.13)

GIT
  remote: git://github.com/ruby-rdf/json-ld.git
  revision: b649383eb88f4251d49563ed399fd6c1893c42b8
  branch: develop
  specs:
    json-ld (1.1.10)
      multi_json (~> 1.11)
      rdf (~> 1.1, >= 1.1.7)

GIT
  remote: git://github.com/ruby-rdf/linkeddata.git
  revision: 2242cab116116391c2b87a360ec1f1f9e130f828
  branch: develop
  specs:
    linkeddata (1.1.11.1)
      equivalent-xml (~> 0.5)
      json-ld (~> 1.1, >= 1.1.8)
      nokogiri (~> 1.6)
      rdf (~> 1.1, >= 1.1.11)
      rdf-aggregate-repo (~> 1.1)
      rdf-isomorphic (~> 1.1)
      rdf-json (~> 1.1, >= 1.1.2)
      rdf-microdata (~> 2.0, >= 2.0.1)
      rdf-n3 (~> 1.1, >= 1.1.3)
      rdf-rdfa (~> 1.1, >= 1.1.6)
      rdf-rdfxml (~> 1.1, >= 1.1.4)
      rdf-reasoner (~> 0.2, >= 0.2.1)
      rdf-tabular (~> 0.1, >= 0.1.2)
      rdf-trig (~> 1.1, >= 1.1.4)
      rdf-trix (~> 1.1)
      rdf-turtle (~> 1.1, >= 1.1.6)
      rdf-vocab (~> 0.8)
      rdf-xsd (~> 1.1, >= 1.1.3)
      sparql (~> 1.1, >= 1.1.5)
      sparql-client (~> 1.1, >= 1.1.3)

GIT
  remote: git://github.com/ruby-rdf/rack-linkeddata.git
  revision: 2254327f92f1814fef027364af6a7d8ddc162169
  branch: develop
  specs:
    rack-linkeddata (1.1.0)
      linkeddata (>= 1.1.0)
      rack (>= 1.4)

GIT
  remote: git://github.com/ruby-rdf/rdf-aggregate-repo.git
  revision: a29c448595f893bf3557b883da5d56167c46cc7d
  branch: develop
  specs:
    rdf-aggregate-repo (1.1.0)
      rdf (~> 1.1)

GIT
  remote: git://github.com/ruby-rdf/rdf-do.git
  revision: 712171b40b0ebfcbb06563b23f865cb22c8587d7
  branch: develop
  specs:
    rdf-do (1.1.0)
      data_objects (>= 0.10.11)
      rdf (>= 1.1.0)

GIT
  remote: git://github.com/ruby-rdf/rdf-isomorphic.git
  revision: 55e595599802be58c7808afb1d14daed4ff68bb2
  branch: develop
  specs:
    rdf-isomorphic (1.1.0.1)
      rdf (~> 1.1, >= 1.1.16.1)

GIT
  remote: git://github.com/ruby-rdf/rdf-json.git
  revision: 4e70d733d7a2ff41c3b681f6ede46ad1d6fda9e8
  branch: develop
  specs:
    rdf-json (1.1.2)
      rdf (~> 1.1)

GIT
  remote: git://github.com/ruby-rdf/rdf-microdata.git
  revision: 6fbc63f994be4bd790c905fa4ce3733b78c6c52b
  branch: develop
  specs:
    rdf-microdata (2.0.1)
      htmlentities (~> 4.3)
      nokogiri (~> 1.6)
      rdf (~> 1.1)
      rdf-xsd (~> 1.1)

GIT
  remote: git://github.com/ruby-rdf/rdf-n3.git
  revision: 87b8550de6243064f04b6368523443ea88220de3
  branch: develop
  specs:
    rdf-n3 (1.1.3)
      rdf (~> 1.1, >= 1.1.5)

GIT
  remote: git://github.com/ruby-rdf/rdf-rdfa.git
  revision: cd2b46162a9154688f1359be18d26234a37669ac
  branch: develop
  specs:
    rdf-rdfa (1.1.6)
      haml (~> 4.0)
      htmlentities (~> 4.3)
      rdf (~> 1.1, >= 1.1.6)
      rdf-aggregate-repo (~> 1.1)
      rdf-xsd (~> 1.1)

GIT
  remote: git://github.com/ruby-rdf/rdf-rdfxml.git
  revision: 00ec808a079a6fe37c184f454df3720b60049f1a
  branch: develop
  specs:
    rdf-rdfxml (1.1.4)
      htmlentities (~> 4.3)
      rdf (~> 1.1, >= 1.1.6)
      rdf-rdfa (~> 1.1, >= 1.1.4.1)
      rdf-xsd (~> 1.1)

GIT
  remote: git://github.com/ruby-rdf/rdf-reasoner.git
  revision: 420061c4376d6d3b1129d5f572f7441cad26e6c6
  branch: develop
  specs:
    rdf-reasoner (0.2.2)
      rdf (~> 1.1, >= 1.1.4.2)
      rdf-turtle (~> 1.1)
      rdf-vocab (~> 0.8)
      rdf-xsd (~> 1.1)

GIT
  remote: git://github.com/ruby-rdf/rdf-spec.git
  revision: 5a46a674001a469241c8726e59800f5e32366dbc
  branch: develop
  specs:
    rdf-spec (1.1.13)
      rdf (~> 1.1)
      rspec (~> 3.0)
      rspec-its (~> 1.0)
      webmock (~> 1.17)

GIT
  remote: git://github.com/ruby-rdf/rdf-tabular.git
  revision: a0644d164fd30dfe263e15188dd99fd4616203e3
  branch: develop
  specs:
    rdf-tabular (0.2.1)
      addressable (~> 2.3)
      bcp47 (~> 0.3, >= 0.3.3)
      json-ld (~> 1.1)
      rdf (~> 1.1, >= 1.1.7)
      rdf-xsd (~> 1.1)

GIT
  remote: git://github.com/ruby-rdf/rdf-trig.git
  revision: 94d07e9bb0cffadd85c3bc9598738e97bb71e7c6
  branch: develop
  specs:
    rdf-trig (1.1.5)
      ebnf (~> 0.3, >= 0.3.7)
      rdf (~> 1.1, >= 1.1.11)
      rdf-turtle (~> 1.1, >= 1.1.7)

GIT
  remote: git://github.com/ruby-rdf/rdf-trix.git
  revision: c3bf1dcecece7f444a93799ae1991a9211710224
  branch: develop
  specs:
    rdf-trix (1.1.0)
      rdf (~> 1.1)

GIT
  remote: git://github.com/ruby-rdf/rdf-turtle.git
  revision: 211e87683f4bfe4fd8a9a20dfbe4776e1469f164
  branch: develop
  specs:
    rdf-turtle (1.1.8)
      ebnf (~> 0.3, >= 0.3.6)
      rdf (~> 1.1, >= 1.1.10)

GIT
  remote: git://github.com/ruby-rdf/rdf-vocab.git
  revision: 34edba6cc2b76073392cf4d1d2ca4b2be3941f06
  branch: develop
  specs:
    rdf-vocab (0.8.5)
      rdf (~> 1.1, >= 1.1.10)

GIT
  remote: git://github.com/ruby-rdf/rdf-xsd.git
  revision: 30d948508f02d6ddc9885780d6e43d1f00ad3dd4
  branch: develop
  specs:
    rdf-xsd (1.1.4)
      rdf (~> 1.1, >= 1.1.9)

GIT
  remote: git://github.com/ruby-rdf/rdf.git
  revision: a3c55917e2db713a130143a9703c07159fecf137
  branch: develop
  specs:
    rdf (1.1.16.1)
      link_header (~> 0.0, >= 0.0.8)

GIT
  remote: git://github.com/ruby-rdf/sinatra-linkeddata.git
  revision: 02a65eae738b1e4baa745223fc83c62e76537896
  branch: develop
  specs:
    sinatra-linkeddata (1.1.0)
      rack-linkeddata (>= 1.1.0)
      sinatra (>= 1.4.4)

GIT
  remote: git://github.com/ruby-rdf/sparql-client.git
  revision: 3f71e0712ad1816ef5f352aef864963dd4f4203b
  branch: develop
  specs:
    sparql-client (1.1.6)
      net-http-persistent (~> 2.9)
      rdf (~> 1.1)

GIT
  remote: git://github.com/ruby-rdf/sparql.git
  revision: 23858e878ff5eabcf814218afda71bb0dbb84583
  branch: develop
  specs:
    sparql (1.1.9)
      builder (~> 3.2)
      ebnf (~> 0.3, >= 0.3.9)
      rdf (~> 1.1, >= 1.1.13)
      rdf-aggregate-repo (~> 1.1, >= 1.1.0)
      rdf-xsd (~> 1.1)
      sparql-client (~> 1.1)
      sxp (~> 0.1)

PATH
  remote: .
  specs:
    rdf-distiller (1.1.17)
      equivalent-xml (~> 0.4)
      erubis (~> 2.7)
      haml
      json-compare
      linkeddata (~> 1.1)
      maruku
      rack (~> 1.5)
      rack-cache (~> 1.2)
      rest-client (~> 1.8)
      rest-client-components (~> 1.4)
      sinatra (~> 1.4)
      sinatra-assetpack (~> 0.3.3)
      sparql (~> 1.1)

GEM
  remote: http://rubygems.org/
  specs:
    addressable (2.3.8)
    bcp47 (0.3.3)
      i18n
    better_errors (2.1.1)
      coderay (>= 1.0.0)
      erubis (>= 2.6.6)
      rack (>= 0.9.0)
    binding_of_caller (0.7.2)
      debug_inspector (>= 0.0.1)
    builder (3.2.2)
    byebug (6.0.2)
    coderay (1.1.0)
    crack (0.4.2)
      safe_yaml (~> 1.0.0)
    data_objects (0.10.16)
      addressable (~> 2.1)
    debug_inspector (0.0.2)
    diff-lcs (1.2.5)
    domain_name (0.5.24)
      unf (>= 0.0.5, < 1.0.0)
    ebnf (0.3.9)
      rdf (~> 1.1)
      sxp (~> 0.1, >= 0.1.3)
    equivalent-xml (0.6.0)
      nokogiri (>= 1.4.3)
    erubis (2.7.0)
    haml (4.0.7)
      tilt
    htmlentities (4.3.4)
    http-cookie (1.0.2)
      domain_name (~> 0.5)
    i18n (0.7.0)
    jsmin (1.0.1)
    json-compare (0.1.8)
    jsonpath (0.5.7)
      multi_json
    kgio (2.10.0)
    link_header (0.0.8)
    maruku (0.7.2)
    mime-types (2.6.2)
    mini_portile (0.6.2)
    multi_json (1.11.2)
    net-http-persistent (2.9.4)
    netrc (0.10.3)
    nokogiri (1.6.6.2)
      mini_portile (~> 0.6.0)
    rack (1.6.4)
    rack-cache (1.2)
      rack (>= 0.4)
    rack-protection (1.5.3)
      rack
    rack-test (0.6.3)
      rack (>= 1.0)
    raindrops (0.15.0)
    rake (10.4.2)
    redcarpet (3.3.3)
    rest-client (1.8.0)
      http-cookie (>= 1.0.2, < 2.0)
      mime-types (>= 1.16, < 3.0)
      netrc (~> 0.7)
    rest-client-components (1.4.0)
      rack (>= 1.0.1)
      rest-client (>= 1.6.0)
    rspec (3.3.0)
      rspec-core (~> 3.3.0)
      rspec-expectations (~> 3.3.0)
      rspec-mocks (~> 3.3.0)
    rspec-core (3.3.2)
      rspec-support (~> 3.3.0)
    rspec-expectations (3.3.1)
      diff-lcs (>= 1.2.0, < 2.0)
      rspec-support (~> 3.3.0)
    rspec-its (1.2.0)
      rspec-core (>= 3.0.0)
      rspec-expectations (>= 3.0.0)
    rspec-mocks (3.3.2)
      diff-lcs (>= 1.2.0, < 2.0)
      rspec-support (~> 3.3.0)
    rspec-support (3.3.0)
    safe_yaml (1.0.4)
    shotgun (0.9.1)
      rack (>= 1.0)
    sinatra (1.4.6)
      rack (~> 1.4)
      rack-protection (~> 1.4)
      tilt (>= 1.3, < 3)
    sinatra-assetpack (0.3.3)
      jsmin
      rack-test
      sinatra
      tilt (>= 1.3.0, < 2.0)
    syntax (1.2.0)
    tilt (1.4.1)
    unf (0.1.4)
      unf_ext
    unf_ext (0.0.7.1)
    unicorn (4.9.0)
      kgio (~> 2.6)
      rack
      raindrops (~> 0.7)
    webmock (1.21.0)
      addressable (>= 2.3.6)
      crack (>= 0.3.2)
    wirble (0.1.3)
    yard (0.8.7.6)

PLATFORMS
  ruby

DEPENDENCIES
  better_errors
  binding_of_caller
  bundler
  byebug
  equivalent-xml
  erubis (~> 2.7)
  haml (~> 4.0)
  json-ld!
  jsonpath (~> 0.5.6)
  linkeddata!
  maruku
  nokogiri (~> 1.6)
  rack (~> 1.5)
  rack-cache (~> 1.2)
  rack-linkeddata!
  rack-test (~> 0.6)
  rake
  rdf!
  rdf-aggregate-repo!
  rdf-distiller!
  rdf-do!
  rdf-isomorphic!
  rdf-json!
  rdf-microdata!
  rdf-n3!
  rdf-rdfa!
  rdf-rdfxml!
  rdf-reasoner!
  rdf-spec!
  rdf-tabular!
  rdf-trig!
  rdf-trix!
  rdf-turtle!
  rdf-vocab!
  rdf-xsd!
  redcarpet
  rest-client (~> 1.8)
  rest-client-components (~> 1.4)
  rspec (~> 3.0)
  rspec-its (~> 1.0)
  shotgun
  sinatra (~> 1.4)
  sinatra-assetpack (~> 0.3.3)
  sinatra-linkeddata!
  sparql!
  sparql-client!
  sxp!
  syntax
  unicorn
  webmock
  wirble
  yard

BUNDLED WITH
   1.10.6
