GIT
  remote: https://github.com/dryruby/sxp.rb
  revision: ff0ae90d63039475f892b01d1b4efa0abca7888c
  branch: develop
  specs:
    sxp (1.0.1)
      rdf (~> 3.0)

GIT
  remote: https://github.com/ruby-rdf/json-ld
  revision: 5d3887dcf198307a40d255f600fdfa65ef5eba71
  branch: develop
  specs:
    json-ld (3.0.0)
      multi_json (~> 1.12)
      rdf (>= 2.2.8, < 4.0)

GIT
  remote: https://github.com/ruby-rdf/json-ld-preloaded
  revision: 7277d5f2a71362f742be4235c024e1b485a6f6b5
  branch: develop
  specs:
    json-ld-preloaded (3.0.0)
      json-ld (>= 2.2, < 4.0)
      multi_json (~> 1.12)
      rdf (~> 3.0)

GIT
  remote: https://github.com/ruby-rdf/ld-patch
  revision: 2f348de18b710993a6047341013cd0c037e1b400
  branch: develop
  specs:
    ld-patch (0.3.3)
      ebnf (~> 1.1)
      rdf (~> 3.0)
      rdf-xsd (~> 3.0)
      sparql (~> 3.0)
      sxp (~> 1.0)

GIT
  remote: https://github.com/ruby-rdf/linkeddata
  revision: 88f826dc7c313dab1e82a33686e356852ec97eb4
  branch: develop
  specs:
    linkeddata (3.0.1)
      equivalent-xml (~> 0.6)
      json-ld (>= 2.2.1, < 4.0)
      ld-patch (~> 0.3, >= 0.3.3)
      nokogiri (~> 1.8)
      nokogumbo (~> 1.5)
      rdf (~> 3.0)
      rdf-aggregate-repo (>= 2.2.1, < 4.0)
      rdf-isomorphic (~> 3.0)
      rdf-json (>= 2.2, < 4.0)
      rdf-microdata (>= 2.2.3, < 4.0)
      rdf-n3 (~> 3.0)
      rdf-normalize (~> 0.3, >= 0.3.3)
      rdf-rdfa (~> 3.0)
      rdf-rdfxml (>= 2.2.1, < 4.0)
      rdf-reasoner (~> 0.5.0)
      rdf-tabular (>= 2.2.1, < 4.0)
      rdf-trig (>= 2.2, < 4.0)
      rdf-trix (>= 2.2.1, < 4.0)
      rdf-turtle (~> 3.0, >= 3.0.1)
      rdf-vocab (~> 3.0)
      rdf-xsd (~> 3.0)
      shex (~> 0.5, >= 0.5.2)
      sparql (~> 3.0)
      sparql-client (~> 3.0)

GIT
  remote: https://github.com/ruby-rdf/rack-linkeddata
  revision: a9631ac0a78a3454f625e501307367ea98e0f68e
  branch: develop
  specs:
    rack-linkeddata (2.2.3)
      linkeddata (>= 2.2, < 4.0)
      rack (>= 1.6, < 3.0)
      rdf (~> 3.0)

GIT
  remote: https://github.com/ruby-rdf/rdf
  revision: 491e9bb5b443c6cb7a7cc1224f3474616e7d0f6a
  branch: develop
  specs:
    rdf (3.0.2)
      hamster (~> 3.0)
      link_header (~> 0.0, >= 0.0.8)

GIT
  remote: https://github.com/ruby-rdf/rdf-aggregate-repo
  revision: c2c75be5557e93d194f09117679865f9538b048d
  branch: develop
  specs:
    rdf-aggregate-repo (2.2.1)
      rdf (~> 3.0)

GIT
  remote: https://github.com/ruby-rdf/rdf-do
  revision: 2ba3f581f0e81fb7ec44ae336cddc6456a2ec50f
  branch: develop
  specs:
    rdf-do (2.2.0)
      data_objects (~> 0.10)
      rdf (~> 3.0)

GIT
  remote: https://github.com/ruby-rdf/rdf-isomorphic
  revision: dfd8a963099373654bf3542cbd0134913d116d1a
  branch: develop
  specs:
    rdf-isomorphic (3.0.0)
      rdf (~> 3.0)

GIT
  remote: https://github.com/ruby-rdf/rdf-json
  revision: 3ea668ef8905430a3226d59b0ffead4dab62a9ca
  branch: develop
  specs:
    rdf-json (2.2.0)
      rdf (~> 3.0)

GIT
  remote: https://github.com/ruby-rdf/rdf-microdata
  revision: 4faeb525a56b398812c76eff33693740cf700c88
  branch: develop
  specs:
    rdf-microdata (2.2.3)
      htmlentities (~> 4.3)
      nokogiri (~> 1.8)
      rdf (~> 3.0)
      rdf-xsd (~> 3.0)

GIT
  remote: https://github.com/ruby-rdf/rdf-n3
  revision: f6621862bdfef7d2ce0794a7fa0cf76e11c9a916
  branch: develop
  specs:
    rdf-n3 (3.0.0)
      rdf (~> 3.0)

GIT
  remote: https://github.com/ruby-rdf/rdf-normalize
  revision: 3ebba07282f6681fc62a82f9b88463e46108395b
  branch: develop
  specs:
    rdf-normalize (0.3.3)
      rdf (~> 3.0)

GIT
  remote: https://github.com/ruby-rdf/rdf-rdfa
  revision: c0ab882a5ebe4bec2b26ddc189c97e2ab1999374
  branch: develop
  specs:
    rdf-rdfa (3.0.1)
      haml (~> 5.0)
      htmlentities (~> 4.3)
      rdf (~> 3.0)
      rdf-aggregate-repo (>= 2.2, < 4.0)
      rdf-xsd (~> 3.0)

GIT
  remote: https://github.com/ruby-rdf/rdf-rdfxml
  revision: de67b023b314d585d02e962a632abb18f6cdb5f4
  branch: develop
  specs:
    rdf-rdfxml (2.2.1)
      htmlentities (~> 4.3)
      rdf (~> 3.0)
      rdf-rdfa (~> 3.0)
      rdf-xsd (~> 3.0)

GIT
  remote: https://github.com/ruby-rdf/rdf-reasoner
  revision: 0705d0a3eca49af305afb36ffe7a3a67f784b4ae
  branch: develop
  specs:
    rdf-reasoner (0.5.1)
      rdf (~> 3.0)
      rdf-vocab (~> 3.0)
      rdf-xsd (~> 3.0)

GIT
  remote: https://github.com/ruby-rdf/rdf-spec
  revision: 266178176aa3096738836afd835f588f4b0d57aa
  branch: develop
  specs:
    rdf-spec (3.0.0)
      rdf (~> 3.0)
      rdf-isomorphic (~> 3.0)
      rspec (~> 3.7)
      rspec-its (~> 1.2)
      webmock (~> 3.1)

GIT
  remote: https://github.com/ruby-rdf/rdf-tabular
  revision: b6c38e4731e878739fc83b6dcda898403173aae5
  branch: develop
  specs:
    rdf-tabular (2.2.1)
      addressable (~> 2.3)
      bcp47 (~> 0.3, >= 0.3.3)
      json-ld (>= 2.1, < 4.0)
      rdf (~> 3.0)
      rdf-vocab (~> 3.0)
      rdf-xsd (~> 3.0)

GIT
  remote: https://github.com/ruby-rdf/rdf-trig
  revision: 7745d44512d1d4d0a7dc25006afbeb63da60241a
  branch: develop
  specs:
    rdf-trig (2.2.0)
      ebnf (~> 1.0, >= 1.0.1)
      rdf (~> 3.0)
      rdf-turtle (~> 3.0)

GIT
  remote: https://github.com/ruby-rdf/rdf-trix
  revision: 7eafacbcb8c1a488e9b0af23375590db6e07ea94
  branch: develop
  specs:
    rdf-trix (2.2.1)
      rdf (~> 3.0)

GIT
  remote: https://github.com/ruby-rdf/rdf-turtle
  revision: 213cae3e063bd9e5145316a7fcda22bc91880cd4
  branch: develop
  specs:
    rdf-turtle (3.0.1)
      ebnf (~> 1.1)
      rdf (~> 3.0)

GIT
  remote: https://github.com/ruby-rdf/rdf-vocab
  revision: 5f35ebee3ffaac777816c8d3691afe321fa5f7b5
  branch: develop
  specs:
    rdf-vocab (3.0.3)
      rdf (~> 3.0)

GIT
  remote: https://github.com/ruby-rdf/rdf-xsd
  revision: d4b9d6c7dd20abcefbdffe48f67bf50a2250c032
  branch: develop
  specs:
    rdf-xsd (3.0.0)
      rdf (~> 3.0)

GIT
  remote: https://github.com/ruby-rdf/shex
  revision: 7708cc1a0591b3c079654dc1edc05d728fdda3c7
  branch: develop
  specs:
    shex (0.5.2)
      ebnf (~> 1.1)
      json-ld (>= 2.2, < 4.0)
      json-ld-preloaded (~> 3.0)
      rdf (~> 3.0)
      rdf-xsd (~> 3.0)
      sparql (~> 3.0)
      sxp (~> 1.0)

GIT
  remote: https://github.com/ruby-rdf/sinatra-linkeddata
  revision: 85b3265d11229500bd0632ecff337183f4490e66
  branch: develop
  specs:
    sinatra-linkeddata (2.2.1)
      rack-linkeddata (>= 2.2, < 4.0)
      sinatra (>= 1.4, < 3.0)

GIT
  remote: https://github.com/ruby-rdf/sparql
  revision: b66c70fb77a006ac7bcccb736a9890ff17514d1e
  branch: develop
  specs:
    sparql (3.0.1)
      builder (~> 3.2)
      ebnf (~> 1.1)
      rdf (~> 3.0)
      rdf-aggregate-repo (>= 2.2, < 4.0)
      rdf-xsd (~> 3.0)
      sparql-client (~> 3.0)
      sxp (~> 1.0)

GIT
  remote: https://github.com/ruby-rdf/sparql-client
  revision: 204355edf946f7baeb1c36f9aac83c5a53d3724e
  branch: develop
  specs:
    sparql-client (3.0.0)
      net-http-persistent (>= 2.9, < 4)
      rdf (~> 3.0)

PATH
  remote: .
  specs:
    rdf-distiller (3.0.4)
      equivalent-xml (~> 0.6)
      erubis (~> 2.7)
      haml (~> 5.0)
      json-compare (~> 0.1)
      json-ld-preloaded (~> 3.0)
      linkeddata (~> 3.0)
      maruku (~> 0.7)
      nokogiri (~> 1.8)
      nokogumbo (~> 1.5)
      puma (~> 3.11)
      rack (~> 2.0)
      rack-cache (~> 1.7)
      redcarpet (~> 3.4)
      rest-client (~> 2.0)
      rest-client-components (~> 1.5)
      sass (~> 3.5)
      sinatra (~> 2.0)
      sinatra-asset-pipeline (~> 2.0)
      sprockets (~> 3.7.2)
      sprockets-helpers (~> 1.2)
      uglifier (~> 3.2)
      yard (~> 0.9.12)

GEM
  remote: http://rubygems.org/
  specs:
    addressable (2.5.2)
      public_suffix (>= 2.0.2, < 4.0)
    bcp47 (0.3.3)
      i18n
    better_errors (2.5.0)
      coderay (>= 1.0.0)
      erubi (>= 1.0.0)
      rack (>= 0.9.0)
    binding_of_caller (0.8.0)
      debug_inspector (>= 0.0.1)
    builder (3.2.3)
    byebug (10.0.2)
    coderay (1.1.2)
    coffee-script (2.4.1)
      coffee-script-source
      execjs
    coffee-script-source (1.12.2)
    concurrent-ruby (1.0.5)
    connection_pool (2.2.2)
    crack (0.4.3)
      safe_yaml (~> 1.0.0)
    data_objects (0.10.17)
      addressable (~> 2.1)
    debug_inspector (0.0.3)
    diff-lcs (1.3)
    domain_name (0.5.20180417)
      unf (>= 0.0.5, < 1.0.0)
    ebnf (1.1.2)
      rdf (>= 2.2, < 4.0)
      sxp (~> 1.0)
    equivalent-xml (0.6.0)
      nokogiri (>= 1.4.3)
    erubi (1.7.1)
    erubis (2.7.0)
    execjs (2.7.0)
    ffi (1.9.25)
    foreman (0.85.0)
      thor (~> 0.19.1)
    haml (5.0.4)
      temple (>= 0.8.0)
      tilt
    hamster (3.0.0)
      concurrent-ruby (~> 1.0)
    hashdiff (0.3.7)
    htmlentities (4.3.4)
    http-cookie (1.0.3)
      domain_name (~> 0.5)
    i18n (1.1.0)
      concurrent-ruby (~> 1.0)
    json-compare (0.1.8)
    jsonpath (0.9.4)
      multi_json
      to_regexp (~> 0.2.1)
    link_header (0.0.8)
    maruku (0.7.3)
    mime-types (3.2.2)
      mime-types-data (~> 3.2015)
    mime-types-data (3.2018.0812)
    mini_portile2 (2.3.0)
    multi_json (1.13.1)
    mustermann (1.0.3)
    net-http-persistent (3.0.0)
      connection_pool (~> 2.2)
    netrc (0.11.0)
    nokogiri (1.8.4)
      mini_portile2 (~> 2.3.0)
    nokogumbo (1.5.0)
      nokogiri
    public_suffix (3.0.3)
    puma (3.12.0)
    rack (2.0.5)
    rack-cache (1.8.0)
      rack (>= 0.4)
    rack-protection (2.0.3)
      rack
    rack-test (0.8.3)
      rack (>= 1.0, < 3)
    rake (12.3.1)
    rb-fsevent (0.10.3)
    rb-inotify (0.9.10)
      ffi (>= 0.5.0, < 2)
    redcarpet (3.4.0)
    rest-client (2.0.2)
      http-cookie (>= 1.0.2, < 2.0)
      mime-types (>= 1.16, < 4.0)
      netrc (~> 0.8)
    rest-client-components (1.5.0)
      rack (>= 1.0.1)
      rest-client (>= 1.6.0)
    rspec (3.8.0)
      rspec-core (~> 3.8.0)
      rspec-expectations (~> 3.8.0)
      rspec-mocks (~> 3.8.0)
    rspec-core (3.8.0)
      rspec-support (~> 3.8.0)
    rspec-expectations (3.8.1)
      diff-lcs (>= 1.2.0, < 2.0)
      rspec-support (~> 3.8.0)
    rspec-its (1.2.0)
      rspec-core (>= 3.0.0)
      rspec-expectations (>= 3.0.0)
    rspec-mocks (3.8.0)
      diff-lcs (>= 1.2.0, < 2.0)
      rspec-support (~> 3.8.0)
    rspec-support (3.8.0)
    safe_yaml (1.0.4)
    sass (3.5.7)
      sass-listen (~> 4.0.0)
    sass-listen (4.0.0)
      rb-fsevent (~> 0.9, >= 0.9.4)
      rb-inotify (~> 0.9, >= 0.9.7)
    shotgun (0.9.2)
      rack (>= 1.0)
    sinatra (2.0.3)
      mustermann (~> 1.0)
      rack (~> 2.0)
      rack-protection (= 2.0.3)
      tilt (~> 2.0)
    sinatra-asset-pipeline (2.2.0)
      coffee-script (~> 2.4)
      rake (~> 12.3)
      sass (~> 3.5)
      sinatra (~> 2.0)
      sprockets (~> 3.7)
      sprockets-helpers (~> 1.2)
    sprockets (3.7.2)
      concurrent-ruby (~> 1.0)
      rack (> 1, < 3)
    sprockets-helpers (1.2.1)
      sprockets (>= 2.2)
    syntax (1.2.2)
    temple (0.8.0)
    thor (0.19.4)
    tilt (2.0.8)
    to_regexp (0.2.1)
    uglifier (3.2.0)
      execjs (>= 0.3.0, < 3)
    unf (0.1.4)
      unf_ext
    unf_ext (0.0.7.5)
    webmock (3.4.2)
      addressable (>= 2.3.6)
      crack (>= 0.3.2)
      hashdiff
    yard (0.9.16)

PLATFORMS
  ruby

DEPENDENCIES
  better_errors
  binding_of_caller
  byebug
  foreman
  json-ld!
  json-ld-preloaded!
  jsonpath (~> 0.8)
  ld-patch!
  linkeddata!
  rack-linkeddata!
  rack-test (~> 0.8)
  rake
  rdf!
  rdf-aggregate-repo!
  rdf-distiller!
  rdf-do!
  rdf-isomorphic!
  rdf-json!
  rdf-microdata!
  rdf-n3!
  rdf-normalize!
  rdf-rdfa!
  rdf-rdfxml!
  rdf-reasoner!
  rdf-spec!
  rdf-tabular!
  rdf-trig!
  rdf-trix!
  rdf-turtle!
  rdf-vocab!
  rdf-xsd!
  rspec (~> 3.7)
  rspec-its (~> 1.2)
  shex!
  shotgun
  sinatra-linkeddata!
  sparql!
  sparql-client!
  sxp!
  syntax
  webmock (~> 3.1)

RUBY VERSION
   ruby 2.5.1p57

BUNDLED WITH
   1.16.4
