GIT
  remote: https://github.com/dryruby/ebnf
  revision: c8f40958c6c3cf33aa62235440791c6422a1b1c6
  branch: develop
  specs:
    ebnf (2.5.0)
      base64 (~> 0.2)
      htmlentities (~> 4.3)
      rdf (~> 3.3)
      scanf (~> 1.0)
      sxp (~> 2.0)
      unicode-types (~> 1.8)

GIT
  remote: https://github.com/dryruby/sxp.rb
  revision: 7a771a32c5fe367088c4d10b2f120c073e4834e4
  branch: develop
  specs:
    sxp (2.0.0)
      matrix (~> 0.4)
      rdf (~> 3.3)

GIT
  remote: https://github.com/ruby-rdf/json-ld
  revision: f1de87658826b49ced97730723aea198c4e0d47d
  branch: develop
  specs:
    json-ld (3.3.2)
      htmlentities (~> 4.3)
      json-canonicalization (~> 1.0)
      link_header (~> 0.0, >= 0.0.8)
      multi_json (~> 1.15)
      rack (>= 2.2, < 4)
      rdf (~> 3.3)
      rexml (~> 3.2)

GIT
  remote: https://github.com/ruby-rdf/json-ld-preloaded
  revision: 81de283b6b53f083510dc72a1904ac19e8e85024
  branch: develop
  specs:
    json-ld-preloaded (3.3.1)
      json-ld (~> 3.3)
      rdf (~> 3.3)

GIT
  remote: https://github.com/ruby-rdf/ld-patch
  revision: a8edc852261e27a14547e5d84564c6c33a4479df
  branch: develop
  specs:
    ld-patch (3.3.0)
      ebnf (~> 2.5)
      rdf (~> 3.3)
      rdf-xsd (~> 3.3)
      sparql (~> 3.3)
      sxp (~> 2.0)

GIT
  remote: https://github.com/ruby-rdf/linkeddata
  revision: 7a93bafa1da7ded8cbf85b31a0d30ee138cb2ac8
  branch: develop
  specs:
    linkeddata (3.3.0)
      json-ld (~> 3.3)
      json-ld-preloaded (~> 3.3)
      ld-patch (~> 3.3)
      nokogiri (~> 1.15, >= 1.15.4)
      rdf (~> 3.2)
      rdf-aggregate-repo (~> 3.2)
      rdf-hamster-repo (~> 3.3)
      rdf-isomorphic (~> 3.3)
      rdf-json (~> 3.3)
      rdf-microdata (~> 3.3)
      rdf-n3 (~> 3.3)
      rdf-normalize (~> 0.7)
      rdf-ordered-repo (~> 3.3)
      rdf-rdfa (~> 3.3)
      rdf-rdfxml (~> 3.3)
      rdf-reasoner (~> 0.9)
      rdf-tabular (~> 3.3)
      rdf-trig (~> 3.3)
      rdf-trix (~> 3.3)
      rdf-turtle (~> 3.3)
      rdf-vocab (~> 3.3)
      rdf-xsd (~> 3.3)
      shacl (~> 0.4)
      shex (~> 0.8)
      sparql (~> 3.3)
      sparql-client (~> 3.3)
      yaml-ld (~> 0.0)

GIT
  remote: https://github.com/ruby-rdf/rack-linkeddata
  revision: 30be12032382bd4266fb5830cdbb68f2657d4f2e
  branch: develop
  specs:
    rack-linkeddata (3.3.0)
      linkeddata (~> 3.3)
      rack (>= 2.2, < 4)
      rack-rdf (~> 3.3)

GIT
  remote: https://github.com/ruby-rdf/rack-rdf
  revision: bf7cc42e03a0701cba130687291050494714b861
  branch: develop
  specs:
    rack-rdf (3.3.0)
      rack (>= 2.2, < 4)
      rdf (~> 3.3)

GIT
  remote: https://github.com/ruby-rdf/rdf
  revision: 884e3ef780848e6254ab33e5550e82c2a16cfa4b
  branch: develop
  specs:
    rdf (3.3.2)
      bcp47_spec (~> 0.2)
      bigdecimal (~> 3.1, >= 3.1.5)
      link_header (~> 0.0, >= 0.0.8)
      logger (~> 1.5)
      ostruct (~> 0.6)

GIT
  remote: https://github.com/ruby-rdf/rdf-aggregate-repo
  revision: cb93fb3485bc88a766524d2d76d6a70ce6143b15
  branch: develop
  specs:
    rdf-aggregate-repo (3.3.0)
      rdf (~> 3.3)

GIT
  remote: https://github.com/ruby-rdf/rdf-do
  revision: a92b866a7db762cc3670ba0b410deaab762371f4
  branch: develop
  specs:
    rdf-do (3.1.0)
      data_objects (~> 0.10)
      rdf (~> 3.1)

GIT
  remote: https://github.com/ruby-rdf/rdf-hamster-repo
  revision: e3a57a812406cd0c1d7ced4ad699f01affb81d20
  branch: develop
  specs:
    rdf-hamster-repo (3.3.0)
      hamster (~> 3.0)
      rdf (~> 3.3)

GIT
  remote: https://github.com/ruby-rdf/rdf-isomorphic
  revision: 6add041cd0be0ff402285282d7bd4c784e2c89d2
  branch: develop
  specs:
    rdf-isomorphic (3.3.0)
      rdf (~> 3.3)

GIT
  remote: https://github.com/ruby-rdf/rdf-json
  revision: 7d579de01769acef371905893181419e88c529a8
  branch: develop
  specs:
    rdf-json (3.3.0)
      rdf (~> 3.3)

GIT
  remote: https://github.com/ruby-rdf/rdf-microdata
  revision: 73e8bfd8e6613f0bfc5cc36eaf438fa8cd888f46
  branch: develop
  specs:
    rdf-microdata (3.3.0)
      htmlentities (~> 4.3)
      nokogiri (~> 1.15, >= 1.15.4)
      rdf (~> 3.3)
      rdf-rdfa (~> 3.3)
      rdf-xsd (~> 3.3)

GIT
  remote: https://github.com/ruby-rdf/rdf-n3
  revision: a6ef81a7e1ce304b40120548eec03b9183e8b6f0
  branch: develop
  specs:
    rdf-n3 (3.3.0)
      ebnf (~> 2.5)
      rdf (~> 3.3)
      sparql (~> 3.3)
      sxp (~> 2.0)

GIT
  remote: https://github.com/ruby-rdf/rdf-normalize
  revision: 5170ab39c807e30369895d477cd416a82d5a8e70
  branch: develop
  specs:
    rdf-normalize (0.7.0)
      rdf (~> 3.3)

GIT
  remote: https://github.com/ruby-rdf/rdf-ordered-repo
  revision: fad0f6c1f76884bf80c5af8ddb9204c6a3dadc8b
  branch: develop
  specs:
    rdf-ordered-repo (3.3.0)
      rdf (~> 3.3)

GIT
  remote: https://github.com/ruby-rdf/rdf-rdfa
  revision: ea6265716853d46cef301bdeaa94b9cc52f4328b
  branch: develop
  specs:
    rdf-rdfa (3.3.0)
      haml (~> 6.1)
      htmlentities (~> 4.3)
      rdf (~> 3.3)
      rdf-aggregate-repo (~> 3.3)
      rdf-vocab (~> 3.3)
      rdf-xsd (~> 3.3)

GIT
  remote: https://github.com/ruby-rdf/rdf-rdfxml
  revision: 6b89d4c13d63b4df9cb7407b82ff2a8389ed092d
  branch: develop
  specs:
    rdf-rdfxml (3.3.0)
      builder (~> 3.2, >= 3.2.4)
      htmlentities (~> 4.3)
      rdf (~> 3.3)
      rdf-xsd (~> 3.3)

GIT
  remote: https://github.com/ruby-rdf/rdf-reasoner
  revision: e77a80426b61462c9f69c67444601bf631a1f784
  branch: develop
  specs:
    rdf-reasoner (0.9.0)
      rdf (~> 3.3)
      rdf-xsd (~> 3.3)

GIT
  remote: https://github.com/ruby-rdf/rdf-spec
  revision: 4f36efa2dbbc36ce78a02a069f64c6e901f168c8
  branch: develop
  specs:
    rdf-spec (3.3.0)
      amazing_print (~> 1.5)
      rdf (~> 3.3)
      rdf-isomorphic (~> 3.3)
      rexml (~> 3.2)
      rspec (~> 3.12)
      rspec-its (~> 1.3)
      webmock (~> 3.19)

GIT
  remote: https://github.com/ruby-rdf/rdf-tabular
  revision: 52804f52e9301aa19532a1d193a0d165cd473e32
  branch: develop
  specs:
    rdf-tabular (3.3.0)
      addressable (~> 2.8)
      bcp47_spec (~> 0.2)
      csv (~> 3.2, >= 3.2.8)
      json-ld (~> 3.3)
      rdf (~> 3.3)
      rdf-vocab (~> 3.3)
      rdf-xsd (~> 3.3)

GIT
  remote: https://github.com/ruby-rdf/rdf-trig
  revision: ccb51eff7022697ada2b30e213f50d667307469d
  branch: develop
  specs:
    rdf-trig (3.3.0)
      ebnf (~> 2.4)
      rdf (~> 3.3)
      rdf-turtle (~> 3.3)

GIT
  remote: https://github.com/ruby-rdf/rdf-trix
  revision: 4b113f65db0e1259a451cc69786b321bc9e0704f
  branch: develop
  specs:
    rdf-trix (3.3.0)
      rdf (~> 3.3)
      rdf-xsd (~> 3.3)

GIT
  remote: https://github.com/ruby-rdf/rdf-turtle
  revision: 6506e92ccd8ea19aff18fd214d53cdf27a440756
  branch: develop
  specs:
    rdf-turtle (3.3.1)
      base64 (~> 0.2)
      bigdecimal (~> 3.1, >= 3.1.5)
      ebnf (~> 2.5)
      rdf (~> 3.3)

GIT
  remote: https://github.com/ruby-rdf/rdf-vocab
  revision: 27503bb35c2bcf4dbea1b57337c7bb452e5039d9
  branch: develop
  specs:
    rdf-vocab (3.3.2)
      rdf (~> 3.3)

GIT
  remote: https://github.com/ruby-rdf/rdf-xsd
  revision: 1663b6f0e598e96a772ad83ba35b73d2404f2ee2
  branch: develop
  specs:
    rdf-xsd (3.3.0)
      base64 (~> 0.2)
      rdf (~> 3.3)
      rexml (~> 3.2)

GIT
  remote: https://github.com/ruby-rdf/shacl
  revision: e638b9acc6d85b62d2478557ed51a57f1ae37ab6
  branch: develop
  specs:
    shacl (0.4.1)
      json-ld (~> 3.3)
      rdf (~> 3.3)
      sparql (~> 3.3)
      sxp (~> 2.0)

GIT
  remote: https://github.com/ruby-rdf/shex
  revision: f64040a493d08614ee87cf401eacdd7588583e8b
  branch: develop
  specs:
    shex (0.8.0)
      ebnf (~> 2.5)
      htmlentities (~> 4.3)
      json-ld (~> 3.3)
      json-ld-preloaded (~> 3.3)
      rdf (~> 3.3)
      rdf-xsd (~> 3.3)
      sparql (~> 3.3)
      sxp (~> 2.0)

GIT
  remote: https://github.com/ruby-rdf/sinatra-linkeddata
  revision: e06f30cd4ae17d3f4e93c94eccb57a22e4c58f51
  branch: develop
  specs:
    sinatra-linkeddata (3.3.0)
      rack-linkeddata (~> 3.3)
      sinatra (~> 3.1)

GIT
  remote: https://github.com/ruby-rdf/sinatra-rdf
  revision: bce6fb86e235b98b2ef977b207eb6f51f9e335d7
  branch: develop
  specs:
    sinatra-rdf (3.3.0)
      rack-rdf (~> 3.3)
      sinatra (~> 3.1)

GIT
  remote: https://github.com/ruby-rdf/sparql
  revision: 796d3be4aa0863bb28cbbfb7fd9b3c47b6acfbb0
  branch: develop
  specs:
    sparql (3.3.1)
      builder (~> 3.2, >= 3.2.4)
      ebnf (~> 2.5)
      logger (~> 1.5)
      rdf (~> 3.3)
      rdf-aggregate-repo (~> 3.3)
      rdf-xsd (~> 3.3)
      readline (~> 0.0)
      sparql-client (~> 3.3)
      sxp (~> 2.0)

GIT
  remote: https://github.com/ruby-rdf/sparql-client
  revision: 464d3f76cfd50f64a3fab6ac52c3c9bb3277af5d
  branch: develop
  specs:
    sparql-client (3.3.0)
      net-http-persistent (~> 4.0, >= 4.0.2)
      rdf (~> 3.3)

GIT
  remote: https://github.com/ruby-rdf/yaml-ld
  revision: 2d2ba8e32d66cf7c9e44ed9ef241cba1bf083fd8
  branch: develop
  specs:
    yaml-ld (0.0.3)
      json-ld (~> 3.3)
      psych (>= 3.3)
      rdf (~> 3.3)
      rdf-xsd (~> 3.3)
      rexml (~> 3.2)

PATH
  remote: .
  specs:
    rdf-distiller (3.3.5)
      equivalent-xml (~> 0.6)
      erubis (~> 2.7)
      haml (~> 6.3)
      json-ld-preloaded (~> 3.3)
      nokogiri (~> 1.16, >= 1.16.5)
      puma (~> 6.4, >= 6.4.2)
      rack (~> 2.2)
      rack-cache (~> 1.17)
      redcarpet (~> 3.6)
      rest-client (~> 2.1)
      rest-client-components (~> 1.5)
      sass (~> 3.7)
      sinatra (~> 3.2)
      sinatra-linkeddata (~> 3.3)
      sprockets (~> 4.2)
      sprockets-helpers (~> 1.4)
      uglifier (~> 4.2)
      yard (~> 0.9, >= 0.9.36)

GEM
  remote: https://rubygems.org/
  specs:
    addressable (2.8.7)
      public_suffix (>= 2.0.2, < 7.0)
    amazing_print (1.6.0)
    base64 (0.2.0)
    bcp47_spec (0.2.1)
    better_errors (2.10.1)
      erubi (>= 1.0.0)
      rack (>= 0.9.0)
      rouge (>= 1.0.0)
    bigdecimal (3.1.8)
    binding_of_caller (1.0.1)
      debug_inspector (>= 1.2.0)
    builder (3.3.0)
    byebug (11.1.3)
    concurrent-ruby (1.3.4)
    connection_pool (2.4.1)
    crack (1.0.0)
      bigdecimal
      rexml
    csv (3.3.0)
    data_objects (0.10.17)
      addressable (~> 2.1)
    debug_inspector (1.2.0)
    diff-lcs (1.5.1)
    domain_name (0.6.20240107)
    equivalent-xml (0.6.0)
      nokogiri (>= 1.4.3)
    erubi (1.13.0)
    erubis (2.7.0)
    execjs (2.10.0)
    ffi (1.17.0-aarch64-linux-gnu)
    ffi (1.17.0-arm-linux-gnu)
    ffi (1.17.0-arm64-darwin)
    ffi (1.17.0-x86-linux-gnu)
    ffi (1.17.0-x86_64-darwin)
    ffi (1.17.0-x86_64-linux-gnu)
    haml (6.3.0)
      temple (>= 0.8.2)
      thor
      tilt
    hamster (3.0.0)
      concurrent-ruby (~> 1.0)
    hashdiff (1.1.1)
    htmlentities (4.3.4)
    http-accept (1.7.0)
    http-cookie (1.0.7)
      domain_name (~> 0.5)
    io-console (0.7.2)
    json-canonicalization (1.0.0)
    jsonpath (1.1.5)
      multi_json
    link_header (0.0.8)
    logger (1.6.1)
    matrix (0.4.2)
    mime-types (3.6.0)
      logger
      mime-types-data (~> 3.2015)
    mime-types-data (3.2024.1001)
    multi_json (1.15.0)
    mustermann (3.0.3)
      ruby2_keywords (~> 0.0.1)
    net-http-persistent (4.0.4)
      connection_pool (~> 2.2)
    netrc (0.11.0)
    nio4r (2.7.4)
    nokogiri (1.16.7-aarch64-linux)
      racc (~> 1.4)
    nokogiri (1.16.7-arm-linux)
      racc (~> 1.4)
    nokogiri (1.16.7-arm64-darwin)
      racc (~> 1.4)
    nokogiri (1.16.7-x86-linux)
      racc (~> 1.4)
    nokogiri (1.16.7-x86_64-darwin)
      racc (~> 1.4)
    nokogiri (1.16.7-x86_64-linux)
      racc (~> 1.4)
    ostruct (0.6.0)
    psych (5.1.2)
      stringio
    public_suffix (6.0.1)
    puma (6.4.3)
      nio4r (~> 2.0)
    racc (1.8.1)
    rack (2.2.10)
    rack-cache (1.17.0)
      rack (>= 0.4)
    rack-protection (3.2.0)
      base64 (>= 0.1.0)
      rack (~> 2.2, >= 2.2.4)
    rack-test (2.1.0)
      rack (>= 1.3)
    rake (13.2.1)
    rb-fsevent (0.11.2)
    rb-inotify (0.11.1)
      ffi (~> 1.0)
    readline (0.0.4)
      reline
    redcarpet (3.6.0)
    reline (0.5.10)
      io-console (~> 0.5)
    rest-client (2.1.0)
      http-accept (>= 1.7.0, < 2.0)
      http-cookie (>= 1.0.2, < 2.0)
      mime-types (>= 1.16, < 4.0)
      netrc (~> 0.8)
    rest-client-components (1.5.0)
      rack (>= 1.0.1)
      rest-client (>= 1.6.0)
    rexml (3.3.9)
    rouge (4.4.0)
    rspec (3.13.0)
      rspec-core (~> 3.13.0)
      rspec-expectations (~> 3.13.0)
      rspec-mocks (~> 3.13.0)
    rspec-core (3.13.2)
      rspec-support (~> 3.13.0)
    rspec-expectations (3.13.3)
      diff-lcs (>= 1.2.0, < 2.0)
      rspec-support (~> 3.13.0)
    rspec-its (1.3.1)
      rspec-core (>= 3.0.0)
      rspec-expectations (>= 3.0.0)
    rspec-mocks (3.13.2)
      diff-lcs (>= 1.2.0, < 2.0)
      rspec-support (~> 3.13.0)
    rspec-support (3.13.1)
    ruby2_keywords (0.0.5)
    sass (3.7.4)
      sass-listen (~> 4.0.0)
    sass-listen (4.0.0)
      rb-fsevent (~> 0.9, >= 0.9.4)
      rb-inotify (~> 0.9, >= 0.9.7)
    scanf (1.0.0)
    shotgun (0.9.2)
      rack (>= 1.0)
    sinatra (3.2.0)
      mustermann (~> 3.0)
      rack (~> 2.2, >= 2.2.4)
      rack-protection (= 3.2.0)
      tilt (~> 2.0)
    sprockets (4.2.1)
      concurrent-ruby (~> 1.0)
      rack (>= 2.2.4, < 4)
    sprockets-helpers (1.4.0)
      sprockets (>= 2.2)
    stringio (3.1.1)
    syntax (1.2.2)
    temple (0.10.3)
    thor (1.3.2)
    tilt (2.4.0)
    uglifier (4.2.1)
      execjs (>= 0.3.0, < 3)
    unicode-types (1.10.0)
    webmock (3.24.0)
      addressable (>= 2.8.0)
      crack (>= 0.3.2)
      hashdiff (>= 0.4.0, < 2.0.0)
    yard (0.9.37)

PLATFORMS
  aarch64-linux
  arm-linux
  arm64-darwin
  x86-linux
  x86_64-darwin
  x86_64-linux

DEPENDENCIES
  better_errors (>= 2.9.1)
  binding_of_caller
  byebug
  ebnf!
  json-ld!
  json-ld-preloaded!
  jsonpath (~> 1.1)
  ld-patch!
  linkeddata!
  rack-linkeddata!
  rack-rdf!
  rack-test (~> 2.1)
  rake
  rdf!
  rdf-aggregate-repo!
  rdf-distiller!
  rdf-do!
  rdf-hamster-repo!
  rdf-isomorphic!
  rdf-json!
  rdf-microdata!
  rdf-n3!
  rdf-normalize!
  rdf-ordered-repo!
  rdf-rdfa!
  rdf-rdfxml!
  rdf-reasoner!
  rdf-spec!
  rdf-tabular!
  rdf-trig!
  rdf-trix!
  rdf-turtle!
  rdf-vocab!
  rdf-xsd!
  rspec (~> 3.13)
  rspec-its (~> 1.3)
  shacl!
  shex!
  shotgun (>= 0.9.2)
  sinatra-linkeddata!
  sinatra-rdf!
  sparql!
  sparql-client!
  sxp!
  syntax
  webmock (~> 3.23)
  yaml-ld!

RUBY VERSION
   ruby 3.3.5p100

BUNDLED WITH
   2.5.3
